{
    "Modality": "MR",
    "MagneticFieldStrength": 3,
    "ImagingFrequency": 123.255791,
    "Manufacturer": "Siemens",
    "ManufacturersModelName": "Prisma_fit",
    "BodyPartExamined": "BRAIN",
    "PatientPosition": "HFS",
    "ProcedureStepDescription": "Research^Julius_Fridriksson_Prisma",
    "SoftwareVersions": "syngo MR D13D",
    "MRAcquisitionType": "2D",
    "SeriesDescription": "Rest_fMRI_AP",
    "ProtocolName": "Rest_fMRI_AP",
    "ScanningSequence": "EP",
    "SequenceVariant": "SK\\SS",
    "ScanOptions": "FS",
    "SequenceName": "epfid2d1_90",
    "ImageType": [
        "ORIGINAL",
        "PRIMARY",
        "M",
        "MB",
        "ND",
        "MOSAIC"
    ],
    "NonlinearGradientCorrection": false,
    "ImageComments": "Unaliased MB2/PE4",
    "SliceThickness": 2,
    "SpacingBetweenSlices": 2.4,
    "EchoTime": 0.035,
    "RepetitionTime": 1.65,
    "FlipAngle": 72,
    "PartialFourier": 1,
    "BaseResolution": 90,
    "ShimSetting": [
        6794,
        -6616,
        2513,
        266,
        5,
        -145,
        173,
        130
    ],
    "TxRefAmp": 297.119,
    "PhaseResolution": 1,
    "ReceiveCoilName": "HeadNeck_20",
    "ReceiveCoilActiveElements": "HE1-4",
    "PulseSequenceDetails": "%CustomerSeq%\\cmrr_mbep2d_bold",
    "WipMemBlock": "3c77e0bd-80a4-4445-a38c-6672f82eb758||Sequence: vd13d/master r/0d08c20; Mar  9 2017 09:28:48 by eja",
    "RefLinesPE": 44,
    "CoilCombinationMethod": "Sum of Squares",
    "ConsistencyInfo": "N4_VD13D_LATEST_20130810",
    "MatrixCoilMode": "GRAPPA",
    "MultibandAccelerationFactor": 2,
    "PercentPhaseFOV": 100,
    "PercentSampling": 100,
    "EchoTrainLength": 45,
    "PhaseEncodingSteps": 90,
    "AcquisitionMatrixPE": 90,
    "ReconMatrixPE": 90,
    "BandwidthPerPixelPhaseEncode": 41.929,
    "ParallelReductionFactorInPlane": 2,
    "EffectiveEchoSpacing": 0.000264998,
    "DerivedVendorReportedEchoSpacing": 0.000529996,
    "TotalReadoutTime": 0.0235848,
    "PixelBandwidth": 2220,
    "DwellTime": 2.5e-06,
    "PhaseEncodingDirection": "j-",
    "SliceTiming": [
        0,
        0.8475,
        0.065,
        0.9125,
        0.13,
        0.9775,
        0.195,
        1.0425,
        0.26,
        1.1075,
        0.325,
        1.1725,
        0.39,
        1.2375,
        0.455,
        1.3025,
        0.52,
        1.3675,
        0.585,
        1.4325,
        0.6525,
        1.5,
        0.7175,
        1.565,
        0.7825,
        0,
        0.8475,
        0.065,
        0.9125,
        0.13,
        0.9775,
        0.195,
        1.0425,
        0.26,
        1.1075,
        0.325,
        1.1725,
        0.39,
        1.2375,
        0.455,
        1.3025,
        0.52,
        1.3675,
        0.585,
        1.4325,
        0.6525,
        1.5,
        0.7175,
        1.565,
        0.7825
    ],
    "ImageOrientationPatientDICOM": [
        0.997516,
        -0.0689067,
        0.014635,
        0.0697531,
        0.937163,
        -0.341849
    ],
    "ImageOrientationText": "Tra>Cor(-20.0)>Sag(-0.6)",
    "InPlanePhaseEncodingDirectionDICOM": "COL",
    "BidsGuess": [
        "func",
        "_acq-epfid2p2m2_dir-AP_run-3_bold"
    ],
    "ConversionSoftware": "dcm2niix",
    "ConversionSoftwareVersion": "v1.0.20231010"
}