{
    "Modality": "MR",
    "MagneticFieldStrength": 3,
    "ImagingFrequency": 123.25569,
    "Manufacturer": "Siemens",
    "ManufacturersModelName": "Prisma_fit",
    "BodyPartExamined": "BRAIN",
    "PatientPosition": "HFS",
    "ProcedureStepDescription": "Research^Julius_Fridriksson_Prisma",
    "SoftwareVersions": "syngo MR D13D",
    "MRAcquisitionType": "2D",
    "SeriesDescription": "DTI2K_dir55_AP",
    "ProtocolName": "DTI2K_dir55_AP",
    "ScanningSequence": "EP",
    "SequenceVariant": "SK\\SS",
    "ScanOptions": "PFP",
    "SequenceName": "ep_b5#1",
    "ImageType": [
        "ORIGINAL",
        "PRIMARY",
        "DIFFUSION",
        "NONE",
        "MB",
        "ND",
        "MOSAIC"
    ],
    "NonlinearGradientCorrection": false,
    "ImageComments": "Unaliased MB2/PE2 SENSE1",
    "SliceThickness": 1.5,
    "SpacingBetweenSlices": 1.5,
    "EchoTime": 0.0854,
    "RepetitionTime": 5.47,
    "FlipAngle": 90,
    "PartialFourier": 0.75,
    "BaseResolution": 140,
    "ShimSetting": [
        6754,
        -6599,
        2457,
        244,
        62,
        -55,
        289,
        65
    ],
    "DiffusionScheme": "Monopolar",
    "TxRefAmp": 283.258,
    "PhaseResolution": 1,
    "ReceiveCoilName": "HeadNeck_20",
    "ReceiveCoilActiveElements": "HE1-4",
    "PulseSequenceDetails": "%CustomerSeq%\\cmrr_mbep2d_diff",
    "WipMemBlock": "31546d24-5a25-4b19-933d-e23689cae6db||Sequence: R016 vd13d/master r/8670bde6; Nov 27 2017 15:40:28 by eja",
    "CoilCombinationMethod": "Sum of Squares",
    "ConsistencyInfo": "N4_VD13D_LATEST_20130810",
    "MatrixCoilMode": "SENSE",
    "MultibandAccelerationFactor": 2,
    "PercentPhaseFOV": 100,
    "PercentSampling": 100,
    "EchoTrainLength": 105,
    "PhaseEncodingSteps": 105,
    "AcquisitionMatrixPE": 140,
    "ReconMatrixPE": 140,
    "BandwidthPerPixelPhaseEncode": 10.204,
    "EffectiveEchoSpacing": 0.000700006,
    "DerivedVendorReportedEchoSpacing": 0.000700006,
    "TotalReadoutTime": 0.0973008,
    "PixelBandwidth": 1785,
    "DwellTime": 2e-06,
    "PhaseEncodingDirection": "j-",
    "SliceTiming": [
        0,
        2.5875,
        5.175,
        2.315,
        4.9025,
        2.0425,
        4.63,
        1.77,
        4.3575,
        1.4975,
        4.085,
        1.225,
        3.8125,
        0.9525,
        3.54,
        0.68,
        3.2675,
        0.4075,
        2.995,
        0.135,
        2.7225,
        5.3125,
        2.45,
        5.04,
        2.1775,
        4.7675,
        1.9075,
        4.495,
        1.635,
        4.2225,
        1.3625,
        3.95,
        1.09,
        3.6775,
        0.8175,
        3.405,
        0.545,
        3.1325,
        0.2725,
        2.86,
        0,
        2.5875,
        5.175,
        2.315,
        4.9025,
        2.0425,
        4.63,
        1.77,
        4.3575,
        1.4975,
        4.085,
        1.225,
        3.8125,
        0.9525,
        3.54,
        0.68,
        3.2675,
        0.4075,
        2.995,
        0.135,
        2.7225,
        5.3125,
        2.45,
        5.04,
        2.1775,
        4.7675,
        1.9075,
        4.495,
        1.635,
        4.2225,
        1.3625,
        3.95,
        1.09,
        3.6775,
        0.8175,
        3.405,
        0.545,
        3.1325,
        0.2725,
        2.86
    ],
    "ImageOrientationPatientDICOM": [
        0.984822,
        -0.0794587,
        -0.154312,
        0.0740491,
        0.996432,
        -0.0405024
    ],
    "ImageOrientationText": "Tra>Sag(-9.0)>Cor(-1.6)",
    "InPlanePhaseEncodingDirectionDICOM": "COL",
    "BidsGuess": [
        "dwi",
        "_acq-epb5m2_dir-AP_run-17_dwi"
    ],
    "ConversionSoftware": "dcm2niix",
    "ConversionSoftwareVersion": "v1.0.20231010"
}