{
    "Modality": "MR",
    "MagneticFieldStrength": 3,
    "ImagingFrequency": 123.256581,
    "Manufacturer": "Siemens",
    "ManufacturersModelName": "Prisma_fit",
    "BodyPartExamined": "BRAIN",
    "PatientPosition": "HFS",
    "ProcedureStepDescription": "Research^Julius_Fridriksson_Prisma",
    "SoftwareVersions": "syngo MR D13D",
    "MRAcquisitionType": "2D",
    "SeriesDescription": "DTI_dir42_PA_SBRef",
    "ProtocolName": "DTI_dir42_PA",
    "ScanningSequence": "EP",
    "SequenceVariant": "SK\\SS",
    "ScanOptions": "PFP",
    "SequenceName": "epse2d1_140",
    "ImageType": [
        "ORIGINAL",
        "PRIMARY",
        "M",
        "ND",
        "MOSAIC"
    ],
    "NonlinearGradientCorrection": false,
    "ImageComments": "Single-band reference SENSE1",
    "SliceThickness": 1.5,
    "SpacingBetweenSlices": 1.5,
    "EchoTime": 0.08,
    "RepetitionTime": 5.25,
    "FlipAngle": 90,
    "PartialFourier": 0.75,
    "BaseResolution": 140,
    "ShimSetting": [
        6801,
        -6643,
        2525,
        281,
        101,
        -266,
        -9,
        15
    ],
    "TxRefAmp": 269.308,
    "PhaseResolution": 1,
    "ReceiveCoilName": "HeadNeck_20",
    "ReceiveCoilActiveElements": "HE1-4",
    "PulseSequenceDetails": "%CustomerSeq%\\cmrr_mbep2d_diff",
    "WipMemBlock": "1e44980e-56ba-4f74-9421-051e4988cf6c||Sequence: vd13d/master r/f9db0a8; Dec 14 2015 17:10:16 by eja",
    "CoilCombinationMethod": "Sum of Squares",
    "ConsistencyInfo": "N4_VD13D_LATEST_20130810",
    "MatrixCoilMode": "SENSE",
    "PercentPhaseFOV": 100,
    "PercentSampling": 100,
    "EchoTrainLength": 105,
    "PhaseEncodingSteps": 105,
    "AcquisitionMatrixPE": 140,
    "ReconMatrixPE": 140,
    "BandwidthPerPixelPhaseEncode": 10.204,
    "EffectiveEchoSpacing": 0.000700006,
    "DerivedVendorReportedEchoSpacing": 0.000700006,
    "TotalReadoutTime": 0.0973008,
    "PixelBandwidth": 1785,
    "DwellTime": 2e-06,
    "PhaseEncodingDirection": "j",
    "SliceTiming": [
        0,
        0.1325,
        0.2625,
        0.3925,
        0.525,
        0.655,
        0.785,
        0.9175,
        1.0475,
        1.1775,
        1.3075,
        1.44,
        1.57,
        1.7,
        1.8325,
        1.9625,
        2.0925,
        2.2225,
        2.355,
        2.485,
        2.615,
        2.7475,
        2.8775,
        3.0075,
        3.14,
        3.27,
        3.4,
        3.53,
        3.6625,
        3.7925,
        3.9225,
        4.055,
        4.185,
        4.315,
        4.4475,
        4.5775,
        4.7075,
        4.8375,
        4.97,
        5.1,
        5.23,
        5.3625,
        5.4925,
        5.6225,
        5.7525,
        5.885,
        6.015,
        6.145,
        6.2775,
        6.4075,
        6.5375,
        6.67,
        6.8,
        6.93,
        7.06,
        7.1925,
        7.3225,
        7.4525,
        7.585,
        7.715,
        7.845,
        7.9775,
        8.1075,
        8.2375,
        8.3675,
        8.5,
        8.63,
        8.76,
        8.8925,
        9.0225,
        9.1525,
        9.2825,
        9.415,
        9.545,
        9.675,
        9.8075,
        9.9375,
        10.0675,
        10.2,
        10.33
    ],
    "ImageOrientationPatientDICOM": [
        0.995725,
        -0.0905162,
        0.0184157,
        0.0923706,
        0.975735,
        -0.198516
    ],
    "ImageOrientationText": "Tra>Cor(-11.5)",
    "InPlanePhaseEncodingDirectionDICOM": "COL",
    "BidsGuess": [
        "dwi",
        "_acq-epse2_dir-PA_run-24_sbref"
    ],
    "ConversionSoftware": "dcm2niix",
    "ConversionSoftwareVersion": "v1.0.20231010"
}