{
    "Modality": "MR",
    "MagneticFieldStrength": 3,
    "ImagingFrequency": 123.247415,
    "Manufacturer": "Siemens",
    "ManufacturersModelName": "TrioTim",
    "PatientPosition": "HFS",
    "ProcedureStepDescription": "Research^Julius Fridriksson",
    "SoftwareVersions": "syngo MR B17",
    "MRAcquisitionType": "3D",
    "SeriesDescription": "Anatomical 1x1x1 ipat=2 nw",
    "ProtocolName": "Anatomical 1x1x1 ipat=2 nw",
    "ScanningSequence": "GR\\IR",
    "SequenceVariant": "SP\\MP",
    "ScanOptions": "IR",
    "SequenceName": "*tfl3d1",
    "ImageType": [
        "ORIGINAL",
        "PRIMARY",
        "M",
        "ND",
        "NORM"
    ],
    "NonlinearGradientCorrection": false,
    "SliceThickness": 1,
    "EchoTime": 0.00452,
    "RepetitionTime": 2.25,
    "InversionTime": 0.9,
    "FlipAngle": 9,
    "PartialFourier": 1,
    "BaseResolution": 256,
    "ShimSetting": [
        10740,
        -10642,
        2919,
        41,
        -110,
        -443,
        -188,
        105
    ],
    "TxRefAmp": 366.057,
    "PhaseResolution": 1,
    "ReceiveCoilName": "HeadMatrix",
    "CoilString": "T:HEA;HEP",
    "PulseSequenceDetails": "%SiemensSeq%\\tfl",
    "RefLinesPE": 80,
    "CoilCombinationMethod": "Adaptive Combine",
    "MatrixCoilMode": "GRAPPA",
    "PercentPhaseFOV": 100,
    "PercentSampling": 100,
    "PhaseEncodingSteps": 255,
    "AcquisitionMatrixPE": 256,
    "ReconMatrixPE": 256,
    "ParallelReductionFactorInPlane": 2,
    "PixelBandwidth": 150,
    "DwellTime": 1.3e-05,
    "ImageOrientationPatientDICOM": [
        0.0591484,
        0.998249,
        -9.31854e-09,
        0.00339026,
        -0.000200889,
        -0.999994
    ],
    "ImageOrientationText": "Sag>Cor(3.4)>Tra(-0.2)",
    "InPlanePhaseEncodingDirectionDICOM": "ROW",
    "BidsGuess": [
        "anat",
        "_acq-tfl3p2_run-2_T1w"
    ],
    "ConversionSoftware": "dcm2niix",
    "ConversionSoftwareVersion": "v1.0.20231010"
}