{
    "Modality": "MR",
    "MagneticFieldStrength": 3,
    "ImagingFrequency": 123.249038,
    "Manufacturer": "Siemens",
    "ManufacturersModelName": "TrioTim",
    "PatientPosition": "HFS",
    "ProcedureStepDescription": "Research^Julius Fridriksson",
    "SoftwareVersions": "syngo MR B13 4VB13A",
    "MRAcquisitionType": "2D",
    "SeriesDescription": "FLAIR",
    "ProtocolName": "FLAIR",
    "ScanningSequence": "SE\\IR",
    "SequenceVariant": "SK\\SP\\MP\\OSP",
    "ScanOptions": "IR\\FS",
    "SequenceName": "*tir2d1rs17",
    "ImageType": [
        "ORIGINAL",
        "PRIMARY",
        "M",
        "ND",
        "NORM"
    ],
    "NonlinearGradientCorrection": false,
    "SliceThickness": 3.2,
    "SpacingBetweenSlices": 3.2,
    "EchoTime": 0.099,
    "RepetitionTime": 9,
    "SpoilingState": true,
    "InversionTime": 2.5,
    "FlipAngle": 150,
    "PartialFourier": 1,
    "BaseResolution": 256,
    "ShimSetting": [
        10711,
        -10655,
        3114,
        606,
        127,
        -235,
        -458,
        57
    ],
    "TxRefAmp": 368.139,
    "PhaseResolution": 1,
    "ReceiveCoilName": "HeadMatrix",
    "CoilString": "C:HEA;HEP",
    "PulseSequenceDetails": "%SiemensSeq%\\tse",
    "CoilCombinationMethod": "Adaptive Combine",
    "MatrixCoilMode": "SENSE",
    "PercentPhaseFOV": 92.1875,
    "PercentSampling": 100,
    "EchoTrainLength": 17,
    "PhaseEncodingSteps": 255,
    "AcquisitionMatrixPE": 236,
    "ReconMatrixPE": 236,
    "PixelBandwidth": 170,
    "DwellTime": 1.15e-05,
    "PhaseEncodingDirection": "i",
    "SliceTiming": [
        0,
        104.594,
        4.53125,
        109.109,
        0.23438,
        104.812,
        4.76562,
        109.344,
        0.48438,
        105.047,
        5,
        109.578,
        0.71875,
        105.297,
        5.23438,
        109.812,
        0.95312,
        105.531,
        5.46875,
        110.047,
        1.1875,
        105.766,
        5.70312,
        110.281,
        1.42188,
        106,
        5.9375,
        110.516,
        1.65625,
        106.234,
        6.17188,
        110.75
    ],
    "ImageOrientationPatientDICOM": [
        0.999603,
        0.00880575,
        0.0267711,
        2.8928e-10,
        0.949931,
        -0.312459
    ],
    "ImageOrientationText": "Tra>Cor(-18.2)>Sag(1.6)",
    "InPlanePhaseEncodingDirectionDICOM": "ROW",
    "BidsGuess": [
        "anat",
        "_acq-tir2_run-3_FLAIR"
    ],
    "ConversionSoftware": "dcm2niix",
    "ConversionSoftwareVersion": "v1.0.20231010"
}