{
    "Modality": "MR",
    "MagneticFieldStrength": 3,
    "ImagingFrequency": 123.254751,
    "Manufacturer": "Siemens",
    "ManufacturersModelName": "Prisma_fit",
    "BodyPartExamined": "BRAIN",
    "PatientPosition": "HFS",
    "ProcedureStepDescription": "Julius_Fridriksson_Prisma^Julius_Fridriksson_Prisma",
    "SoftwareVersions": "syngo MR E11",
    "MRAcquisitionType": "2D",
    "SeriesDescription": "dwi_Jens_20Ch_b0_PA",
    "ProtocolName": "dwi_Jens_20Ch_b0_PA",
    "ScanningSequence": "EP",
    "SequenceVariant": "SK\\SS",
    "ScanOptions": "PFP\\FS",
    "SequenceName": "ep_b0",
    "ImageType": [
        "ORIGINAL",
        "PRIMARY",
        "DIFFUSION",
        "NONE",
        "MB",
        "ND",
        "MOSAIC"
    ],
    "NonlinearGradientCorrection": false,
    "ImageComments": "Unaliased MB2/PE4 SENSE1",
    "SliceThickness": 3,
    "SpacingBetweenSlices": 3,
    "EchoTime": 0.081,
    "RepetitionTime": 3.2,
    "FlipAngle": 90,
    "PartialFourier": 0.875,
    "BaseResolution": 74,
    "ShimSetting": [
        6808,
        -6546,
        2454,
        337,
        -12,
        -317,
        56,
        53
    ],
    "DiffusionScheme": "Monopolar",
    "TxRefAmp": 294.083,
    "PhaseResolution": 1,
    "ReceiveCoilName": "HeadNeck_20",
    "ReceiveCoilActiveElements": "HE1-4;NE1,2",
    "PulseSequenceDetails": "%CustomerSeq%\\cmrr_mbep2d_diff",
    "WipMemBlock": "2a044fa0-f1a2-4428-bce2-91db61d27a40||Sequence: R016 ve11c/master r/e634e98; Dec 19 2017 11:11:25 by eja",
    "RefLinesPE": 32,
    "CoilCombinationMethod": "Sum of Squares",
    "ConsistencyInfo": "N4_VE11C_LATEST_20160120",
    "MatrixCoilMode": "GRAPPA",
    "MultibandAccelerationFactor": 2,
    "PercentPhaseFOV": 100,
    "PercentSampling": 100,
    "EchoTrainLength": 35,
    "PhaseEncodingSteps": 69,
    "AcquisitionMatrixPE": 74,
    "ReconMatrixPE": 74,
    "BandwidthPerPixelPhaseEncode": 36.036,
    "ParallelReductionFactorInPlane": 2,
    "EffectiveEchoSpacing": 0.000375,
    "DerivedVendorReportedEchoSpacing": 0.000750001,
    "TotalReadoutTime": 0.027375,
    "PixelBandwidth": 1500,
    "DwellTime": 4.5e-06,
    "PhaseEncodingDirection": "j",
    "SliceTiming": [
        0,
        1.6675,
        0.1525,
        1.8175,
        0.3025,
        1.97,
        0.455,
        2.12,
        0.6075,
        2.2725,
        0.7575,
        2.4225,
        0.91,
        2.575,
        1.06,
        2.7275,
        1.2125,
        2.8775,
        1.3625,
        3.03,
        1.515,
        0,
        1.6675,
        0.1525,
        1.8175,
        0.3025,
        1.97,
        0.455,
        2.12,
        0.6075,
        2.2725,
        0.7575,
        2.4225,
        0.91,
        2.575,
        1.06,
        2.7275,
        1.2125,
        2.8775,
        1.3625,
        3.03,
        1.515
    ],
    "ImageOrientationPatientDICOM": [
        0.999821,
        0.0030622,
        0.018696,
        -4.98566e-08,
        0.986851,
        -0.161633
    ],
    "ImageOrientationText": "Tra>Cor(-9.3)>Sag(1.1)",
    "InPlanePhaseEncodingDirectionDICOM": "COL",
    "BidsGuess": [
        "dwi",
        "_acq-epb0p2m2_dir-PA_run-22_dwi"
    ],
    "ConversionSoftware": "dcm2niix",
    "ConversionSoftwareVersion": "v1.0.20231010"
}