{
    "Modality": "MR",
    "MagneticFieldStrength": 3,
    "ImagingFrequency": 123.248188,
    "Manufacturer": "Siemens",
    "ManufacturersModelName": "TrioTim",
    "PatientPosition": "HFS",
    "ProcedureStepDescription": "Research^Julius Fridriksson",
    "SoftwareVersions": "syngo MR B17",
    "MRAcquisitionType": "2D",
    "SeriesDescription": "FLAIR",
    "ProtocolName": "FLAIR",
    "ScanningSequence": "SE\\IR",
    "SequenceVariant": "SK\\SP\\MP\\OSP",
    "ScanOptions": "IR\\FS",
    "SequenceName": "tir2d1rs17",
    "ImageType": [
        "ORIGINAL",
        "PRIMARY",
        "M",
        "ND",
        "NORM"
    ],
    "NonlinearGradientCorrection": false,
    "SliceThickness": 3.2,
    "SpacingBetweenSlices": 3.2,
    "EchoTime": 0.098,
    "RepetitionTime": 9,
    "SpoilingState": true,
    "InversionTime": 2.5,
    "FlipAngle": 150,
    "PartialFourier": 1,
    "BaseResolution": 256,
    "ShimSetting": [
        10728,
        -10633,
        3082,
        847,
        -84,
        4,
        -96,
        -4
    ],
    "TxRefAmp": 274.823,
    "PhaseResolution": 1,
    "ReceiveCoilName": "HeadMatrix",
    "CoilString": "C:HEA;HEP",
    "PulseSequenceDetails": "%SiemensSeq%\\tse",
    "CoilCombinationMethod": "Adaptive Combine",
    "MatrixCoilMode": "SENSE",
    "PercentPhaseFOV": 90.625,
    "PercentSampling": 100,
    "EchoTrainLength": 17,
    "PhaseEncodingSteps": 238,
    "AcquisitionMatrixPE": 232,
    "ReconMatrixPE": 232,
    "PixelBandwidth": 170,
    "DwellTime": 1.15e-05,
    "PhaseEncodingDirection": "i",
    "SliceTiming": [
        0,
        95.5469,
        0.28125,
        95.8281,
        0.54688,
        96.0938,
        0.82812,
        96.375,
        1.09375,
        96.6406,
        1.375,
        96.9219,
        1.64062,
        97.1875,
        1.92188,
        97.4531,
        2.1875,
        97.7344,
        2.46875,
        98,
        2.73438,
        98.2812,
        3.01562,
        98.5469,
        3.28125,
        98.8281,
        3.5625,
        99.0938,
        3.82812,
        99.375,
        4.10938,
        99.6406
    ],
    "ImageOrientationPatientDICOM": [
        0.999432,
        -0.00878256,
        -0.0325298,
        1.37926e-11,
        0.965433,
        -0.260653
    ],
    "ImageOrientationText": "Tra>Cor(-15.1)>Sag(-1.9)",
    "InPlanePhaseEncodingDirectionDICOM": "ROW",
    "BidsGuess": [
        "anat",
        "_acq-tir2_run-3_FLAIR"
    ],
    "ConversionSoftware": "dcm2niix",
    "ConversionSoftwareVersion": "v1.0.20231010"
}