{
    "Modality": "MR",
    "MagneticFieldStrength": 3,
    "ImagingFrequency": 123.255406,
    "Manufacturer": "Siemens",
    "ManufacturersModelName": "Prisma_fit",
    "BodyPartExamined": "BRAIN",
    "PatientPosition": "HFS",
    "ProcedureStepDescription": "Julius_Fridriksson_Prisma^Julius_Fridriksson_Prisma",
    "SoftwareVersions": "syngo MR E11",
    "MRAcquisitionType": "2D",
    "SeriesDescription": "DTI2Krev_dir55_PA",
    "ProtocolName": "DTI2Krev_dir55_PA",
    "ScanningSequence": "EP",
    "SequenceVariant": "SK\\SS",
    "ScanOptions": "PFP",
    "SequenceName": "ep_b5#1",
    "ImageType": [
        "ORIGINAL",
        "PRIMARY",
        "DIFFUSION",
        "NONE",
        "MB",
        "ND",
        "MOSAIC"
    ],
    "NonlinearGradientCorrection": false,
    "ImageComments": "Unaliased MB2/PE2 SENSE1",
    "SliceThickness": 1.5,
    "SpacingBetweenSlices": 1.5,
    "EchoTime": 0.0854,
    "RepetitionTime": 5.47,
    "FlipAngle": 90,
    "PartialFourier": 0.75,
    "BaseResolution": 140,
    "ShimSetting": [
        6785,
        -6599,
        2505,
        349,
        -37,
        -258,
        306,
        131
    ],
    "DiffusionScheme": "Monopolar",
    "TxRefAmp": 298.215,
    "PhaseResolution": 1,
    "ReceiveCoilName": "HeadNeck_20",
    "ReceiveCoilActiveElements": "HE1-4",
    "PulseSequenceDetails": "%CustomerSeq%\\cmrr_mbep2d_diff",
    "WipMemBlock": "3ba10e5d-7da9-489e-ade0-e9dd71395812||Sequence: R016 ve11c/master r/e634e98; Dec 19 2017 11:11:25 by eja",
    "CoilCombinationMethod": "Sum of Squares",
    "ConsistencyInfo": "N4_VE11C_LATEST_20160120",
    "MatrixCoilMode": "SENSE",
    "MultibandAccelerationFactor": 2,
    "PercentPhaseFOV": 100,
    "PercentSampling": 100,
    "EchoTrainLength": 105,
    "PhaseEncodingSteps": 105,
    "AcquisitionMatrixPE": 140,
    "ReconMatrixPE": 140,
    "BandwidthPerPixelPhaseEncode": 10.204,
    "EffectiveEchoSpacing": 0.000700006,
    "DerivedVendorReportedEchoSpacing": 0.000700006,
    "TotalReadoutTime": 0.0973008,
    "PixelBandwidth": 1785,
    "DwellTime": 2e-06,
    "PhaseEncodingDirection": "j",
    "SliceTiming": [
        0,
        2.5875,
        5.175,
        2.315,
        4.9025,
        2.0425,
        4.63,
        1.77,
        4.3575,
        1.4975,
        4.085,
        1.225,
        3.8125,
        0.9525,
        3.54,
        0.68,
        3.2675,
        0.4075,
        2.995,
        0.135,
        2.7225,
        5.3125,
        2.45,
        5.04,
        2.1775,
        4.7675,
        1.905,
        4.495,
        1.6325,
        4.2225,
        1.3625,
        3.95,
        1.09,
        3.6775,
        0.8175,
        3.405,
        0.545,
        3.1325,
        0.2725,
        2.86,
        0,
        2.5875,
        5.175,
        2.315,
        4.9025,
        2.0425,
        4.63,
        1.77,
        4.3575,
        1.4975,
        4.085,
        1.225,
        3.8125,
        0.9525,
        3.54,
        0.68,
        3.2675,
        0.4075,
        2.995,
        0.135,
        2.7225,
        5.3125,
        2.45,
        5.04,
        2.1775,
        4.7675,
        1.905,
        4.495,
        1.6325,
        4.2225,
        1.3625,
        3.95,
        1.09,
        3.6775,
        0.8175,
        3.405,
        0.545,
        3.1325,
        0.2725,
        2.86
    ],
    "ImageOrientationPatientDICOM": [
        0.999267,
        0.0175562,
        -0.0340082,
        -0.0191869,
        0.998652,
        -0.0482326
    ],
    "ImageOrientationText": "Tra>Cor(-2.8)>Sag(-1.9)",
    "InPlanePhaseEncodingDirectionDICOM": "COL",
    "BidsGuess": [
        "dwi",
        "_acq-epb5m2_dir-PA_run-9_dwi"
    ],
    "ConversionSoftware": "dcm2niix",
    "ConversionSoftwareVersion": "v1.0.20231010"
}