{
    "Modality": "MR",
    "MagneticFieldStrength": 3,
    "ImagingFrequency": 123.236978,
    "Manufacturer": "Siemens",
    "ManufacturersModelName": "TrioTim",
    "BodyPartExamined": "HEAD",
    "PatientPosition": "HFS",
    "ProcedureStepDescription": "Research^BONILIHA",
    "SoftwareVersions": "syngo MR B17",
    "MRAcquisitionType": "2D",
    "SeriesDescription": "mb_diff",
    "ProtocolName": "mb_diff",
    "ScanningSequence": "EP",
    "SequenceVariant": "SK\\SS",
    "ScanOptions": "FS",
    "SequenceName": "ep_b0",
    "ImageType": [
        "ORIGINAL",
        "PRIMARY",
        "DIFFUSION",
        "NONE",
        "ND",
        "MOSAIC"
    ],
    "NonlinearGradientCorrection": false,
    "SliceThickness": 2.3,
    "SpacingBetweenSlices": 2.3,
    "EchoTime": 0.0788,
    "RepetitionTime": 5.561,
    "FlipAngle": 90,
    "PartialFourier": 1,
    "BaseResolution": 90,
    "ShimSetting": [
        10104,
        -20827,
        5240,
        773,
        371,
        -552,
        -14,
        -82
    ],
    "DiffusionScheme": "Monopolar",
    "TxRefAmp": 317.489,
    "PhaseResolution": 1,
    "ReceiveCoilName": "HeadMatrix",
    "CoilString": "t:HEA;HEP",
    "PulseSequenceDetails": "%CustomerSeq%\\cmrr_mbep2d_diff",
    "RefLinesPE": 44,
    "CoilCombinationMethod": "Sum of Squares",
    "MatrixCoilMode": "GRAPPA",
    "PercentPhaseFOV": 100,
    "PercentSampling": 100,
    "PhaseEncodingSteps": 90,
    "AcquisitionMatrixPE": 90,
    "ReconMatrixPE": 90,
    "BandwidthPerPixelPhaseEncode": 28.86,
    "ParallelReductionFactorInPlane": 2,
    "EffectiveEchoSpacing": 0.000385,
    "DerivedVendorReportedEchoSpacing": 0.000770001,
    "TotalReadoutTime": 0.034265,
    "PixelBandwidth": 1462,
    "DwellTime": 3.8e-06,
    "PhaseEncodingDirection": "j-",
    "SliceTiming": [
        2.79,
        0,
        2.9025,
        0.11,
        3.015,
        0.2225,
        3.125,
        0.335,
        3.2375,
        0.445,
        3.3475,
        0.5575,
        3.46,
        0.67,
        3.5725,
        0.78,
        3.6825,
        0.8925,
        3.795,
        1.005,
        3.9075,
        1.115,
        4.0175,
        1.2275,
        4.13,
        1.34,
        4.2425,
        1.45,
        4.3525,
        1.5625,
        4.465,
        1.675,
        4.5775,
        1.785,
        4.6875,
        1.8975,
        4.8,
        2.01,
        4.9125,
        2.12,
        5.0225,
        2.2325,
        5.135,
        2.345,
        5.2475,
        2.455,
        5.3575,
        2.5675,
        5.47,
        2.68
    ],
    "ImageOrientationPatientDICOM": [
        0.999001,
        0.00769081,
        0.0440207,
        -4.84266e-08,
        0.985079,
        -0.172101
    ],
    "ImageOrientationText": "Tra>Cor(-9.9)>Sag(2.6)",
    "InPlanePhaseEncodingDirectionDICOM": "COL",
    "BidsGuess": [
        "dwi",
        "_acq-epb0p2_dir-AP_run-11_dwi"
    ],
    "ConversionSoftware": "dcm2niix",
    "ConversionSoftwareVersion": "v1.0.20231010"
}