{
    "Modality": "MR",
    "MagneticFieldStrength": 3,
    "ImagingFrequency": 123.248831,
    "Manufacturer": "Siemens",
    "ManufacturersModelName": "TrioTim",
    "PatientPosition": "HFS",
    "ProcedureStepDescription": "Research^Julius Fridriksson",
    "SoftwareVersions": "syngo MR B13 4VB13A",
    "MRAcquisitionType": "2D",
    "SeriesDescription": "FLAIR",
    "ProtocolName": "FLAIR",
    "ScanningSequence": "SE\\IR",
    "SequenceVariant": "SK\\SP\\MP\\OSP",
    "ScanOptions": "IR\\FS",
    "SequenceName": "*tir2d1rs17",
    "ImageType": [
        "ORIGINAL",
        "PRIMARY",
        "M",
        "ND",
        "NORM"
    ],
    "NonlinearGradientCorrection": false,
    "SliceThickness": 3.2,
    "SpacingBetweenSlices": 3.2,
    "EchoTime": 0.099,
    "RepetitionTime": 9,
    "SpoilingState": true,
    "InversionTime": 2.5,
    "FlipAngle": 150,
    "PartialFourier": 1,
    "BaseResolution": 256,
    "ShimSetting": [
        10704,
        -10576,
        3210,
        660,
        -174,
        -119,
        -110,
        88
    ],
    "TxRefAmp": 436.683,
    "PhaseResolution": 1,
    "ReceiveCoilName": "HeadMatrix",
    "CoilString": "C:HEA;HEP",
    "PulseSequenceDetails": "%SiemensSeq%\\tse",
    "CoilCombinationMethod": "Adaptive Combine",
    "MatrixCoilMode": "SENSE",
    "PercentPhaseFOV": 90.625,
    "PercentSampling": 100,
    "EchoTrainLength": 17,
    "PhaseEncodingSteps": 255,
    "AcquisitionMatrixPE": 232,
    "ReconMatrixPE": 232,
    "PixelBandwidth": 170,
    "DwellTime": 1.15e-05,
    "PhaseEncodingDirection": "i",
    "SliceTiming": [
        0,
        104.578,
        4.64062,
        109.094,
        0.23438,
        104.812,
        4.875,
        109.344,
        0.46875,
        105.047,
        5.10938,
        109.562,
        0.70312,
        105.281,
        5.34375,
        109.797,
        0.9375,
        105.516,
        5.57812,
        110.031,
        1.17188,
        105.75,
        5.8125,
        110.281,
        1.40625
    ],
    "ImageOrientationPatientDICOM": [
        0.999925,
        -0.00199535,
        -0.012053,
        3.08135e-10,
        0.986572,
        -0.163326
    ],
    "ImageOrientationText": "Tra>Cor(-9.4)>Sag(-0.7)",
    "InPlanePhaseEncodingDirectionDICOM": "ROW",
    "BidsGuess": [
        "anat",
        "_acq-tir2_run-4_FLAIR"
    ],
    "ConversionSoftware": "dcm2niix",
    "ConversionSoftwareVersion": "v1.0.20231010"
}