{
    "Modality": "MR",
    "MagneticFieldStrength": 3,
    "ImagingFrequency": 123.247998,
    "Manufacturer": "Siemens",
    "ManufacturersModelName": "TrioTim",
    "PatientPosition": "HFS",
    "ProcedureStepDescription": "Research^Julius Fridriksson",
    "SoftwareVersions": "syngo MR B17",
    "MRAcquisitionType": "2D",
    "SeriesDescription": "fMRI sparse 10min",
    "ProtocolName": "fMRI sparse 10min",
    "ScanningSequence": "EP",
    "SequenceVariant": "SK",
    "ScanOptions": "FS",
    "SequenceName": "*epfid2d1_64",
    "ImageType": [
        "ORIGINAL",
        "PRIMARY",
        "M",
        "ND",
        "MOSAIC"
    ],
    "NonlinearGradientCorrection": false,
    "SliceThickness": 3.2,
    "SpacingBetweenSlices": 3.2,
    "EchoTime": 0.03,
    "RepetitionTime": 10,
    "FlipAngle": 90,
    "PartialFourier": 1,
    "BaseResolution": 64,
    "ShimSetting": [
        10772,
        -10622,
        3131,
        579,
        101,
        -230,
        -54,
        -30
    ],
    "DelayTime": 8,
    "TxRefAmp": 321.501,
    "PhaseResolution": 1,
    "ReceiveCoilName": "HeadMatrix",
    "CoilString": "C:HEA;HEP",
    "PulseSequenceDetails": "%SiemensSeq%\\ep2d_bold",
    "CoilCombinationMethod": "Adaptive Combine",
    "MatrixCoilMode": "SENSE",
    "PercentPhaseFOV": 100,
    "PercentSampling": 100,
    "PhaseEncodingSteps": 64,
    "AcquisitionMatrixPE": 64,
    "ReconMatrixPE": 64,
    "BandwidthPerPixelPhaseEncode": 30.637,
    "EffectiveEchoSpacing": 0.000510004,
    "DerivedVendorReportedEchoSpacing": 0.000510004,
    "TotalReadoutTime": 0.0321303,
    "PixelBandwidth": 2232,
    "DwellTime": 3.5e-06,
    "PhaseEncodingDirection": "j-",
    "SliceTiming": [
        0,
        0.0625,
        0.1225,
        0.1825,
        0.245,
        0.305,
        0.365,
        0.4275,
        0.4875,
        0.5475,
        0.61,
        0.67,
        0.73,
        0.7925,
        0.8525,
        0.9125,
        0.975,
        1.035,
        1.095,
        1.1575,
        1.2175,
        1.2775,
        1.34,
        1.4,
        1.4625,
        1.5225,
        1.5825,
        1.645,
        1.705,
        1.765,
        1.8275,
        1.8875,
        1.9475
    ],
    "ImageOrientationPatientDICOM": [
        0.998044,
        0.0243747,
        0.05757,
        -5.40649e-08,
        0.920863,
        -0.389886
    ],
    "ImageOrientationText": "Tra>Cor(-22.9)>Sag(3.6)",
    "InPlanePhaseEncodingDirectionDICOM": "COL",
    "BidsGuess": [
        "func",
        "_acq-epfid2_dir-AP_run-5_bold"
    ],
    "ConversionSoftware": "dcm2niix",
    "ConversionSoftwareVersion": "v1.0.20231010"
}