{
    "Modality": "MR",
    "MagneticFieldStrength": 3,
    "ImagingFrequency": 123.255011,
    "Manufacturer": "Siemens",
    "ManufacturersModelName": "Prisma_fit",
    "BodyPartExamined": "BRAIN",
    "PatientPosition": "HFS",
    "ProcedureStepDescription": "Julius_Fridriksson_Prisma^Julius_Fridriksson_Prisma",
    "SoftwareVersions": "syngo MR E11",
    "MRAcquisitionType": "2D",
    "SeriesDescription": "dwi_Jens_20Ch_b2k_SBRef",
    "ProtocolName": "dwi_Jens_20Ch_b2k",
    "ScanningSequence": "EP",
    "SequenceVariant": "SK\\SS",
    "ScanOptions": "PFP\\FS",
    "SequenceName": "epse2d1_74",
    "ImageType": [
        "ORIGINAL",
        "PRIMARY",
        "M",
        "ND"
    ],
    "NonlinearGradientCorrection": false,
    "ImageComments": "Single-band reference SENSE1",
    "SliceThickness": 3,
    "SpacingBetweenSlices": 3,
    "EchoTime": 0.081,
    "RepetitionTime": 3.2,
    "FlipAngle": 90,
    "PartialFourier": 0.875,
    "BaseResolution": 74,
    "ShimSetting": [
        6791,
        -6527,
        2443,
        318,
        -73,
        -127,
        37,
        82
    ],
    "TxRefAmp": 307.557,
    "PhaseResolution": 1,
    "ReceiveCoilName": "HeadNeck_20",
    "ReceiveCoilActiveElements": "HE1-4;NE1,2",
    "PulseSequenceDetails": "%CustomerSeq%\\cmrr_mbep2d_diff",
    "WipMemBlock": "98495fa5-6329-4bc1-85ab-af4a4a17b2ba||Sequence: R016 ve11c/master r/e634e98; Dec 19 2017 11:11:25 by eja",
    "RefLinesPE": 32,
    "CoilCombinationMethod": "Sum of Squares",
    "ConsistencyInfo": "N4_VE11C_LATEST_20160120",
    "MatrixCoilMode": "GRAPPA",
    "PercentPhaseFOV": 100,
    "PercentSampling": 100,
    "EchoTrainLength": 35,
    "PhaseEncodingSteps": 69,
    "AcquisitionMatrixPE": 74,
    "ReconMatrixPE": 74,
    "BandwidthPerPixelPhaseEncode": 36.036,
    "ParallelReductionFactorInPlane": 2,
    "EffectiveEchoSpacing": 0.000375,
    "DerivedVendorReportedEchoSpacing": 0.000750001,
    "TotalReadoutTime": 0.027375,
    "PixelBandwidth": 1500,
    "DwellTime": 4.5e-06,
    "PhaseEncodingDirection": "j-",
    "SliceTiming": [
        0,
        0.14062,
        0.29688,
        0.45312,
        0.60938,
        0.75,
        0.90625,
        1.0625,
        1.20312,
        1.35938,
        1.51562,
        1.65625,
        1.8125,
        1.96875,
        2.10938,
        2.26562,
        2.42188,
        2.57812,
        2.71875,
        2.875,
        3.03125,
        3.17188,
        3.32812,
        3.48438,
        3.625,
        3.78125,
        3.9375,
        4.07812,
        4.23438,
        4.39062,
        4.53125,
        4.6875,
        4.84375,
        5,
        5.14062,
        5.29688,
        5.45312,
        5.59375,
        5.75,
        5.90625,
        6.04688,
        6.20312
    ],
    "ImageOrientationPatientDICOM": [
        0.999987,
        0.00147156,
        0.00478326,
        -1.76484e-08,
        0.955792,
        -0.294044
    ],
    "ImageOrientationText": "Tra>Cor(-17.1)>Sag(0.3)",
    "InPlanePhaseEncodingDirectionDICOM": "COL",
    "BidsGuess": [
        "dwi",
        "_acq-epse2p2_dir-AP_run-16_sbref"
    ],
    "ConversionSoftware": "dcm2niix",
    "ConversionSoftwareVersion": "v1.0.20231010"
}