{
    "Modality": "MR",
    "MagneticFieldStrength": 3,
    "ImagingFrequency": 123.247697,
    "Manufacturer": "Siemens",
    "ManufacturersModelName": "TrioTim",
    "PatientPosition": "HFS",
    "ProcedureStepDescription": "Research^Julius Fridriksson",
    "SoftwareVersions": "syngo MR B17",
    "MRAcquisitionType": "2D",
    "SeriesDescription": "FLAIR",
    "ProtocolName": "FLAIR",
    "ScanningSequence": "SE\\IR",
    "SequenceVariant": "SK\\SP\\MP\\OSP",
    "ScanOptions": "IR\\FS",
    "SequenceName": "tir2d1rs17",
    "ImageType": [
        "ORIGINAL",
        "PRIMARY",
        "M",
        "ND",
        "NORM"
    ],
    "NonlinearGradientCorrection": false,
    "SliceThickness": 3.2,
    "SpacingBetweenSlices": 3.2,
    "EchoTime": 0.098,
    "RepetitionTime": 9,
    "SpoilingState": true,
    "InversionTime": 2.5,
    "FlipAngle": 150,
    "PartialFourier": 1,
    "BaseResolution": 256,
    "ShimSetting": [
        10741,
        -10725,
        3143,
        636,
        118,
        -308,
        -227,
        78
    ],
    "TxRefAmp": 403.612,
    "PhaseResolution": 1,
    "ReceiveCoilName": "HeadMatrix",
    "CoilString": "C:HEA;HEP",
    "PulseSequenceDetails": "%SiemensSeq%\\tse",
    "CoilCombinationMethod": "Adaptive Combine",
    "MatrixCoilMode": "SENSE",
    "PercentPhaseFOV": 90.625,
    "PercentSampling": 100,
    "EchoTrainLength": 17,
    "PhaseEncodingSteps": 238,
    "AcquisitionMatrixPE": 232,
    "ReconMatrixPE": 232,
    "PixelBandwidth": 170,
    "DwellTime": 1.15e-05,
    "PhaseEncodingDirection": "i",
    "SliceTiming": [
        0,
        95.5469,
        0.28125,
        95.8125,
        0.54688,
        96.0938,
        0.8125,
        96.3594,
        1.09375,
        96.6406,
        1.375,
        96.9062,
        1.64062,
        97.1875,
        1.90625,
        97.4531,
        2.1875,
        97.7344,
        2.45312,
        98,
        2.73438,
        98.2656,
        3,
        98.5469,
        3.28125,
        98.8125,
        3.54688,
        99.0938,
        3.82812,
        99.3594,
        4.09375,
        99.6406
    ],
    "ImageOrientationPatientDICOM": [
        1,
        -2.00319e-10,
        4.4043e-11,
        2.05103e-10,
        0.976672,
        -0.214735
    ],
    "ImageOrientationText": "Tra>Cor(-12.4)",
    "InPlanePhaseEncodingDirectionDICOM": "ROW",
    "BidsGuess": [
        "anat",
        "_acq-tir2_run-3_FLAIR"
    ],
    "ConversionSoftware": "dcm2niix",
    "ConversionSoftwareVersion": "v1.0.20231010"
}