{
    "Modality": "MR",
    "MagneticFieldStrength": 3,
    "ImagingFrequency": 123.247937,
    "Manufacturer": "Siemens",
    "ManufacturersModelName": "TrioTim",
    "PatientPosition": "HFS",
    "ProcedureStepDescription": "Research^Julius Fridriksson",
    "SoftwareVersions": "syngo MR B17",
    "MRAcquisitionType": "3D",
    "SeriesDescription": "T1_mprage_ns_sag_p2_iso 1.0mm_192",
    "ProtocolName": "T1_mprage_ns_sag_p2_iso 1.0mm_192",
    "ScanningSequence": "GR\\IR",
    "SequenceVariant": "SP\\MP",
    "ScanOptions": "IR",
    "SequenceName": "*tfl3d1_ns",
    "ImageType": [
        "ORIGINAL",
        "PRIMARY",
        "M",
        "ND",
        "NORM"
    ],
    "NonlinearGradientCorrection": false,
    "SliceThickness": 1,
    "EchoTime": 0.00415,
    "RepetitionTime": 2.25,
    "InversionTime": 0.925,
    "FlipAngle": 9,
    "PartialFourier": 1,
    "BaseResolution": 256,
    "ShimSetting": [
        10735,
        -10699,
        3053,
        231,
        52,
        -523,
        -7,
        68
    ],
    "TxRefAmp": 315.311,
    "PhaseResolution": 1,
    "ReceiveCoilName": "HeadMatrix",
    "CoilString": "T:HEA;HEP",
    "PulseSequenceDetails": "%SiemensSeq%\\tfl",
    "RefLinesPE": 80,
    "CoilCombinationMethod": "Adaptive Combine",
    "MatrixCoilMode": "GRAPPA",
    "PercentPhaseFOV": 100,
    "PercentSampling": 100,
    "PhaseEncodingSteps": 255,
    "AcquisitionMatrixPE": 256,
    "ReconMatrixPE": 256,
    "ParallelReductionFactorInPlane": 2,
    "PixelBandwidth": 150,
    "DwellTime": 1.3e-05,
    "ImageOrientationPatientDICOM": [
        -0.0776534,
        0.983305,
        -0.164565,
        0.000478775,
        -0.165027,
        -0.986289
    ],
    "ImageOrientationText": "Sag>Cor(-4.4)>Tra(0.7)",
    "InPlanePhaseEncodingDirectionDICOM": "ROW",
    "BidsGuess": [
        "anat",
        "_acq-tfl3p2_run-7_T1w"
    ],
    "ConversionSoftware": "dcm2niix",
    "ConversionSoftwareVersion": "v1.0.20231010"
}