{
    "Modality": "MR",
    "MagneticFieldStrength": 3,
    "ImagingFrequency": 123.247949,
    "Manufacturer": "Siemens",
    "ManufacturersModelName": "TrioTim",
    "PatientPosition": "HFS",
    "ProcedureStepDescription": "Research^Julius Fridriksson",
    "SoftwareVersions": "syngo MR B17",
    "MRAcquisitionType": "2D",
    "SeriesDescription": "FLAIR_2D_T2_tirm_tra_2mm",
    "ProtocolName": "FLAIR_2D_T2_tirm_tra_2mm",
    "ScanningSequence": "SE\\IR",
    "SequenceVariant": "SK\\SP\\MP",
    "ScanOptions": "IR\\FS",
    "SequenceName": "*tir2d1_16",
    "ImageType": [
        "ORIGINAL",
        "PRIMARY",
        "M",
        "ND",
        "NORM"
    ],
    "NonlinearGradientCorrection": false,
    "SliceThickness": 2,
    "SpacingBetweenSlices": 2,
    "NumberOfAverages": 2,
    "EchoTime": 0.09,
    "RepetitionTime": 9,
    "SpoilingState": true,
    "InversionTime": 2.5,
    "FlipAngle": 130,
    "PartialFourier": 1,
    "BaseResolution": 192,
    "ShimSetting": [
        10732,
        -10690,
        3098,
        369,
        34,
        -454,
        -279,
        103
    ],
    "TxRefAmp": 375.966,
    "PhaseResolution": 1,
    "ReceiveCoilName": "HeadMatrix",
    "CoilString": "C:HEA;HEP",
    "PulseSequenceDetails": "%SiemensSeq%\\tse",
    "CoilCombinationMethod": "Adaptive Combine",
    "MatrixCoilMode": "SENSE",
    "PercentPhaseFOV": 100,
    "PercentSampling": 100,
    "EchoTrainLength": 16,
    "PhaseEncodingSteps": 192,
    "AcquisitionMatrixPE": 192,
    "ReconMatrixPE": 192,
    "PixelBandwidth": 286,
    "DwellTime": 9.1e-06,
    "PhaseEncodingDirection": "i",
    "SliceTiming": [
        0,
        145.906,
        0.1875,
        146.094,
        0.39062,
        146.281,
        0.57812,
        146.484,
        0.76562,
        146.672,
        0.95312,
        146.859,
        1.14062,
        147.047,
        1.32812,
        147.234,
        1.53125,
        147.438,
        1.71875,
        147.625,
        1.90625,
        147.812,
        2.09375,
        148,
        2.28125,
        148.188,
        2.48438,
        148.375,
        2.67188,
        148.562,
        2.85938,
        148.766,
        3.04688,
        148.953,
        3.23438,
        149.141,
        3.42188,
        149.328,
        3.625,
        149.516,
        3.8125,
        149.719,
        4,
        149.906,
        4.1875,
        150.094,
        4.375,
        150.281
    ],
    "ImageOrientationPatientDICOM": [
        0.998212,
        -0.0419821,
        -0.0425591,
        0.0358389,
        0.990055,
        -0.13604
    ],
    "ImageOrientationText": "Tra>Cor(-7.7)>Sag(-2.7)",
    "InPlanePhaseEncodingDirectionDICOM": "ROW",
    "BidsGuess": [
        "anat",
        "_acq-tir2_run-7_FLAIR"
    ],
    "ConversionSoftware": "dcm2niix",
    "ConversionSoftwareVersion": "v1.0.20231010"
}