{
    "Modality": "MR",
    "MagneticFieldStrength": 3,
    "ImagingFrequency": 123.255069,
    "Manufacturer": "Siemens",
    "ManufacturersModelName": "Prisma_fit",
    "BodyPartExamined": "BRAIN",
    "PatientPosition": "HFS",
    "ProcedureStepDescription": "Julius_Fridriksson_Prisma^Julius_Fridriksson_Prisma",
    "SoftwareVersions": "syngo MR E11",
    "MRAcquisitionType": "3D",
    "SeriesDescription": "T2w_SPC 1.0mm",
    "ProtocolName": "T2w_SPC 1.0mm",
    "ScanningSequence": "SE",
    "SequenceVariant": "SK\\SP",
    "ScanOptions": "PFP",
    "SequenceName": "*spc_314ns",
    "ImageType": [
        "ORIGINAL",
        "PRIMARY",
        "M",
        "ND",
        "NORM",
        "SH",
        "FIL"
    ],
    "NonlinearGradientCorrection": false,
    "SliceThickness": 1,
    "EchoTime": 0.567,
    "RepetitionTime": 3.2,
    "SpoilingState": true,
    "FlipAngle": 120,
    "VariableFlipAngleFlag": true,
    "PartialFourier": 1,
    "BaseResolution": 256,
    "ShimSetting": [
        6744,
        -6666,
        2317,
        -150,
        201,
        -629,
        259,
        143
    ],
    "TxRefAmp": 268.448,
    "PhaseResolution": 1,
    "ReceiveCoilName": "HeadNeck_20",
    "ReceiveCoilActiveElements": "HE1-4;NE1,2",
    "PulseSequenceDetails": "%SiemensSeq%\\tse_vfl",
    "RefLinesPE": 80,
    "CoilCombinationMethod": "Adaptive Combine",
    "ConsistencyInfo": "N4_VE11C_LATEST_20160120",
    "MatrixCoilMode": "GRAPPA",
    "PercentPhaseFOV": 100,
    "PercentSampling": 100,
    "EchoTrainLength": 314,
    "PhaseEncodingSteps": 249,
    "AcquisitionMatrixPE": 256,
    "ReconMatrixPE": 256,
    "ParallelReductionFactorInPlane": 2,
    "PixelBandwidth": 750,
    "DwellTime": 2.6e-06,
    "PhaseEncodingDirection": "i",
    "ImageOrientationPatientDICOM": [
        -0.0132232,
        0.996292,
        -0.0850127,
        -0.115319,
        -0.0859723,
        -0.989601
    ],
    "ImageOrientationText": "Sag>Tra(6.7)>Cor(-0.2)",
    "InPlanePhaseEncodingDirectionDICOM": "ROW",
    "BidsGuess": [
        "anat",
        "_acq-spc3p2_run-13_T2w"
    ],
    "ConversionSoftware": "dcm2niix",
    "ConversionSoftwareVersion": "v1.0.20231010"
}