{
    "Modality": "MR",
    "MagneticFieldStrength": 3,
    "ImagingFrequency": 123.248113,
    "Manufacturer": "Siemens",
    "ManufacturersModelName": "TrioTim",
    "PatientPosition": "HFS",
    "ProcedureStepDescription": "Research^Julius Fridriksson",
    "SoftwareVersions": "syngo MR B17",
    "MRAcquisitionType": "2D",
    "SeriesDescription": "MUSC_2.7_AVE1_MCBI_AC_FF",
    "ProtocolName": "MUSC_2.7_AVE1_MCBI_AC_FF",
    "ScanningSequence": "EP",
    "SequenceVariant": "SK\\SP",
    "ScanOptions": "FS",
    "SequenceName": "*ep_b0",
    "ImageType": [
        "ORIGINAL",
        "PRIMARY",
        "DIFFUSION",
        "NONE",
        "ND",
        "MOSAIC"
    ],
    "NonlinearGradientCorrection": false,
    "SliceThickness": 2.7,
    "SpacingBetweenSlices": 2.7,
    "EchoTime": 0.101,
    "RepetitionTime": 6.1,
    "SpoilingState": true,
    "FlipAngle": 90,
    "PartialFourier": 1,
    "BaseResolution": 82,
    "ShimSetting": [
        10706,
        -10623,
        3133,
        450,
        -183,
        250,
        -260,
        -17
    ],
    "DiffusionScheme": "Monopolar",
    "TxRefAmp": 337.256,
    "PhaseResolution": 1,
    "ReceiveCoilName": "HeadMatrix",
    "CoilString": "T:HEA;HEP",
    "PulseSequenceDetails": "%SiemensSeq%\\ep2d_diff",
    "RefLinesPE": 24,
    "CoilCombinationMethod": "Adaptive Combine",
    "MatrixCoilMode": "GRAPPA",
    "PercentPhaseFOV": 100,
    "PercentSampling": 100,
    "PhaseEncodingSteps": 82,
    "AcquisitionMatrixPE": 82,
    "ReconMatrixPE": 82,
    "BandwidthPerPixelPhaseEncode": 29.744,
    "ParallelReductionFactorInPlane": 2,
    "EffectiveEchoSpacing": 0.000410003,
    "DerivedVendorReportedEchoSpacing": 0.000820005,
    "TotalReadoutTime": 0.0332102,
    "PixelBandwidth": 1355,
    "DwellTime": 4.5e-06,
    "PhaseEncodingDirection": "j-",
    "SliceTiming": [
        0,
        3.13,
        0.135,
        3.265,
        0.2725,
        3.4025,
        0.4075,
        3.5375,
        0.545,
        3.675,
        0.68,
        3.81,
        0.815,
        3.945,
        0.9525,
        4.0825,
        1.0875,
        4.2175,
        1.225,
        4.355,
        1.36,
        4.49,
        1.4975,
        4.6275,
        1.6325,
        4.7625,
        1.77,
        4.8975,
        1.905,
        5.035,
        2.04,
        5.17,
        2.1775,
        5.3075,
        2.3125,
        5.4425,
        2.45,
        5.58,
        2.585,
        5.715,
        2.7225,
        5.8525,
        2.8575,
        5.9875,
        2.9925
    ],
    "ImageOrientationPatientDICOM": [
        0.999706,
        0.00291487,
        0.0240794,
        -6.30901e-08,
        0.992753,
        -0.120172
    ],
    "ImageOrientationText": "Tra>Cor(-6.9)>Sag(1.4)",
    "InPlanePhaseEncodingDirectionDICOM": "COL",
    "BidsGuess": [
        "dwi",
        "_acq-epb0p2_dir-AP_run-4_dwi"
    ],
    "ConversionSoftware": "dcm2niix",
    "ConversionSoftwareVersion": "v1.0.20231010"
}