{
    "Modality": "MR",
    "MagneticFieldStrength": 3,
    "ImagingFrequency": 123.247661,
    "Manufacturer": "Siemens",
    "ManufacturersModelName": "TrioTim",
    "PatientPosition": "HFS",
    "ProcedureStepDescription": "Research^Julius Fridriksson",
    "SoftwareVersions": "syngo MR B17",
    "MRAcquisitionType": "2D",
    "SeriesDescription": "MUSC_2.7_AVE2_MCBI_AC_FF",
    "ProtocolName": "MUSC_2.7_AVE2_MCBI_AC_FF",
    "ScanningSequence": "EP",
    "SequenceVariant": "SK\\SP",
    "ScanOptions": "FS",
    "SequenceName": "*ep_b0",
    "ImageType": [
        "ORIGINAL",
        "PRIMARY",
        "DIFFUSION",
        "NONE",
        "ND",
        "MOSAIC"
    ],
    "NonlinearGradientCorrection": false,
    "SliceThickness": 2.7,
    "SpacingBetweenSlices": 2.7,
    "EchoTime": 0.101,
    "RepetitionTime": 6.1,
    "SpoilingState": true,
    "FlipAngle": 90,
    "PartialFourier": 1,
    "BaseResolution": 82,
    "ShimSetting": [
        10633,
        -10460,
        2975,
        1050,
        -135,
        412,
        115,
        297
    ],
    "DiffusionScheme": "Monopolar",
    "TxRefAmp": 292.753,
    "PhaseResolution": 1,
    "ReceiveCoilName": "HeadMatrix",
    "CoilString": "T:HEA;HEP",
    "PulseSequenceDetails": "%SiemensSeq%\\ep2d_diff",
    "RefLinesPE": 24,
    "CoilCombinationMethod": "Adaptive Combine",
    "MatrixCoilMode": "GRAPPA",
    "PercentPhaseFOV": 100,
    "PercentSampling": 100,
    "PhaseEncodingSteps": 82,
    "AcquisitionMatrixPE": 82,
    "ReconMatrixPE": 82,
    "BandwidthPerPixelPhaseEncode": 29.744,
    "ParallelReductionFactorInPlane": 2,
    "EffectiveEchoSpacing": 0.000410003,
    "DerivedVendorReportedEchoSpacing": 0.000820005,
    "TotalReadoutTime": 0.0332102,
    "PixelBandwidth": 1355,
    "DwellTime": 4.5e-06,
    "PhaseEncodingDirection": "j-",
    "SliceTiming": [
        0,
        3.13,
        0.1375,
        3.2675,
        0.2725,
        3.4025,
        0.41,
        3.54,
        0.545,
        3.675,
        0.6825,
        3.8125,
        0.8175,
        3.9475,
        0.9525,
        4.0825,
        1.09,
        4.22,
        1.225,
        4.355,
        1.3625,
        4.4925,
        1.4975,
        4.6275,
        1.635,
        4.765,
        1.77,
        4.9,
        1.905,
        5.035,
        2.0425,
        5.1725,
        2.1775,
        5.3075,
        2.315,
        5.445,
        2.45,
        5.58,
        2.5875,
        5.7175,
        2.7225,
        5.8525,
        2.86,
        5.9875,
        2.995
    ],
    "ImageOrientationPatientDICOM": [
        0.999172,
        0.0258983,
        -0.0313757,
        -0.0279094,
        0.997465,
        -0.0654524
    ],
    "ImageOrientationText": "Tra>Cor(-3.8)>Sag(-1.7)",
    "InPlanePhaseEncodingDirectionDICOM": "COL",
    "BidsGuess": [
        "dwi",
        "_acq-epb0p2_dir-AP_run-12_dwi"
    ],
    "ConversionSoftware": "dcm2niix",
    "ConversionSoftwareVersion": "v1.0.20231010"
}