{
    "Modality": "MR",
    "MagneticFieldStrength": 3,
    "ImagingFrequency": 123.247815,
    "Manufacturer": "Siemens",
    "ManufacturersModelName": "TrioTim",
    "PatientPosition": "HFS",
    "ProcedureStepDescription": "Research^Julius Fridriksson",
    "SoftwareVersions": "syngo MR B17",
    "MRAcquisitionType": "3D",
    "SeriesDescription": "T1_mprage_ns_sag_p2_iso 1.0mm_192",
    "ProtocolName": "T1_mprage_ns_sag_p2_iso 1.0mm_192",
    "ScanningSequence": "GR\\IR",
    "SequenceVariant": "SP\\MP",
    "ScanOptions": "IR",
    "SequenceName": "*tfl3d1_ns",
    "ImageType": [
        "ORIGINAL",
        "PRIMARY",
        "M",
        "ND",
        "NORM"
    ],
    "NonlinearGradientCorrection": false,
    "SliceThickness": 1,
    "EchoTime": 0.00415,
    "RepetitionTime": 2.25,
    "InversionTime": 0.925,
    "FlipAngle": 9,
    "PartialFourier": 1,
    "BaseResolution": 256,
    "ShimSetting": [
        10755,
        -10691,
        3097,
        332,
        -15,
        -610,
        149,
        69
    ],
    "TxRefAmp": 476.812,
    "PhaseResolution": 1,
    "ReceiveCoilName": "HeadMatrix",
    "PulseSequenceDetails": "%SiemensSeq%\\tfl",
    "RefLinesPE": 80,
    "CoilCombinationMethod": "Adaptive Combine",
    "MatrixCoilMode": "GRAPPA",
    "PercentPhaseFOV": 100,
    "PercentSampling": 100,
    "PhaseEncodingSteps": 255,
    "AcquisitionMatrixPE": 256,
    "ReconMatrixPE": 256,
    "ParallelReductionFactorInPlane": 2,
    "PixelBandwidth": 150,
    "ImageOrientationPatientDICOM": [
        0.0366437,
        0.999328,
        2.60616e-08,
        0.048817,
        -0.00179001,
        -0.998806
    ],
    "InPlanePhaseEncodingDirectionDICOM": "ROW",
    "BidsGuess": [
        "anat",
        "_acq-tfl3_run-2_T1w"
    ],
    "ConversionSoftware": "dcm2niix",
    "ConversionSoftwareVersion": "v1.0.20231010"
}