{
    "Modality": "MR",
    "MagneticFieldStrength": 3,
    "ImagingFrequency": 123.248039,
    "Manufacturer": "Siemens",
    "ManufacturersModelName": "TrioTim",
    "PatientPosition": "HFS",
    "ProcedureStepDescription": "Research^Julius Fridriksson",
    "SoftwareVersions": "syngo MR B17",
    "MRAcquisitionType": "2D",
    "SeriesDescription": "ep2d_DTI_64dirs_2x2x2_p2",
    "ProtocolName": "ep2d_DTI_64dirs_2x2x2_p2",
    "ScanningSequence": "EP",
    "SequenceVariant": "SK\\SP",
    "ScanOptions": "PFP\\FS",
    "SequenceName": "*ep_b0",
    "ImageType": [
        "ORIGINAL",
        "PRIMARY",
        "DIFFUSION",
        "NONE",
        "ND",
        "MOSAIC"
    ],
    "NonlinearGradientCorrection": false,
    "SliceThickness": 2,
    "SpacingBetweenSlices": 2,
    "EchoTime": 0.087,
    "RepetitionTime": 7.3,
    "SpoilingState": true,
    "FlipAngle": 90,
    "PartialFourier": 0.75,
    "BaseResolution": 96,
    "ShimSetting": [
        10751,
        -10727,
        2983,
        669,
        10,
        -133,
        -418,
        -103
    ],
    "DiffusionScheme": "Monopolar",
    "TxRefAmp": 331.024,
    "PhaseResolution": 1,
    "ReceiveCoilName": "HeadMatrix",
    "CoilString": "T:HEA;HEP",
    "PulseSequenceDetails": "%SiemensSeq%\\ep2d_diff",
    "RefLinesPE": 28,
    "CoilCombinationMethod": "Adaptive Combine",
    "MatrixCoilMode": "GRAPPA",
    "PercentPhaseFOV": 100,
    "PercentSampling": 100,
    "PhaseEncodingSteps": 76,
    "AcquisitionMatrixPE": 96,
    "ReconMatrixPE": 96,
    "BandwidthPerPixelPhaseEncode": 27.412,
    "ParallelReductionFactorInPlane": 2,
    "EffectiveEchoSpacing": 0.000380004,
    "DerivedVendorReportedEchoSpacing": 0.000760008,
    "TotalReadoutTime": 0.0361004,
    "PixelBandwidth": 1488,
    "DwellTime": 3.5e-06,
    "PhaseEncodingDirection": "j-",
    "SliceTiming": [
        3.665,
        0,
        3.7875,
        0.1225,
        3.91,
        0.245,
        4.03,
        0.3675,
        4.1525,
        0.49,
        4.275,
        0.61,
        4.3975,
        0.7325,
        4.52,
        0.855,
        4.6425,
        0.9775,
        4.765,
        1.1,
        4.8875,
        1.2225,
        5.0075,
        1.345,
        5.13,
        1.465,
        5.2525,
        1.5875,
        5.375,
        1.71,
        5.4975,
        1.8325,
        5.62,
        1.955,
        5.7425,
        2.0775,
        5.8625,
        2.2,
        5.985,
        2.32,
        6.1075,
        2.4425,
        6.23,
        2.565,
        6.3525,
        2.6875,
        6.475,
        2.81,
        6.5975,
        2.9325,
        6.7175,
        3.055,
        6.84,
        3.175,
        6.9625,
        3.2975,
        7.085,
        3.42,
        7.2075,
        3.5425
    ],
    "ImageOrientationPatientDICOM": [
        0.995958,
        -0.0590883,
        0.0676498,
        0.0696442,
        0.983635,
        -0.16617
    ],
    "ImageOrientationText": "Tra>Cor(-9.8)>Sag(3.3)",
    "InPlanePhaseEncodingDirectionDICOM": "COL",
    "BidsGuess": [
        "dwi",
        "_acq-epb0p2_dir-AP_run-4_dwi"
    ],
    "ConversionSoftware": "dcm2niix",
    "ConversionSoftwareVersion": "v1.0.20231010"
}