{
    "Modality": "MR",
    "MagneticFieldStrength": 3,
    "ImagingFrequency": 123.256002,
    "Manufacturer": "Siemens",
    "ManufacturersModelName": "Prisma_fit",
    "BodyPartExamined": "BRAIN",
    "PatientPosition": "HFS",
    "ProcedureStepDescription": "Research^Julius_Fridriksson_Prisma",
    "SoftwareVersions": "syngo MR D13D",
    "MRAcquisitionType": "2D",
    "SeriesDescription": "DTI2K_dir55_AP",
    "ProtocolName": "DTI2K_dir55_AP",
    "ScanningSequence": "EP",
    "SequenceVariant": "SK\\SS",
    "ScanOptions": "PFP",
    "SequenceName": "ep_b5#1",
    "ImageType": [
        "ORIGINAL",
        "PRIMARY",
        "DIFFUSION",
        "NONE",
        "MB",
        "ND",
        "MOSAIC"
    ],
    "NonlinearGradientCorrection": false,
    "ImageComments": "Unaliased MB2/PE2 SENSE1",
    "SliceThickness": 1.5,
    "SpacingBetweenSlices": 1.5,
    "EchoTime": 0.0854,
    "RepetitionTime": 5.47,
    "FlipAngle": 90,
    "PartialFourier": 0.75,
    "BaseResolution": 140,
    "ShimSetting": [
        6787,
        -6603,
        2511,
        245,
        18,
        -174,
        238,
        123
    ],
    "DiffusionScheme": "Monopolar",
    "TxRefAmp": 264.384,
    "PhaseResolution": 1,
    "ReceiveCoilName": "HeadNeck_20",
    "ReceiveCoilActiveElements": "HE1-4",
    "PulseSequenceDetails": "%CustomerSeq%\\cmrr_mbep2d_diff",
    "WipMemBlock": "d521e8de-9e91-4c25-ac0d-5f28b306b5fa||Sequence: vd13d/master r/0d08c20; Mar  9 2017 09:29:16 by eja",
    "CoilCombinationMethod": "Sum of Squares",
    "ConsistencyInfo": "N4_VD13D_LATEST_20130810",
    "MatrixCoilMode": "SENSE",
    "MultibandAccelerationFactor": 2,
    "PercentPhaseFOV": 100,
    "PercentSampling": 100,
    "EchoTrainLength": 105,
    "PhaseEncodingSteps": 105,
    "AcquisitionMatrixPE": 140,
    "ReconMatrixPE": 140,
    "BandwidthPerPixelPhaseEncode": 10.204,
    "EffectiveEchoSpacing": 0.000700006,
    "DerivedVendorReportedEchoSpacing": 0.000700006,
    "TotalReadoutTime": 0.0973008,
    "PixelBandwidth": 1785,
    "DwellTime": 2e-06,
    "PhaseEncodingDirection": "j-",
    "SliceTiming": [
        0,
        2.59,
        5.1775,
        2.3175,
        4.905,
        2.045,
        4.6325,
        1.7725,
        4.36,
        1.5,
        4.0875,
        1.2275,
        3.815,
        0.955,
        3.5425,
        0.6825,
        3.27,
        0.41,
        2.9975,
        0.1375,
        2.725,
        5.315,
        2.4525,
        5.0425,
        2.18,
        4.77,
        1.9075,
        4.4975,
        1.635,
        4.225,
        1.3625,
        3.9525,
        1.09,
        3.68,
        0.8175,
        3.4075,
        0.545,
        3.135,
        0.2725,
        2.8625,
        0,
        2.59,
        5.1775,
        2.3175,
        4.905,
        2.045,
        4.6325,
        1.7725,
        4.36,
        1.5,
        4.0875,
        1.2275,
        3.815,
        0.955,
        3.5425,
        0.6825,
        3.27,
        0.41,
        2.9975,
        0.1375,
        2.725,
        5.315,
        2.4525,
        5.0425,
        2.18,
        4.77,
        1.9075,
        4.4975,
        1.635,
        4.225,
        1.3625,
        3.9525,
        1.09,
        3.68,
        0.8175,
        3.4075,
        0.545,
        3.135,
        0.2725,
        2.8625
    ],
    "ImageOrientationPatientDICOM": [
        0.995725,
        -0.0883814,
        0.0268523,
        0.0923706,
        0.952723,
        -0.289459
    ],
    "ImageOrientationText": "Tra>Cor(-16.9)",
    "InPlanePhaseEncodingDirectionDICOM": "COL",
    "BidsGuess": [
        "dwi",
        "_acq-epb5m2_dir-AP_run-15_dwi"
    ],
    "ConversionSoftware": "dcm2niix",
    "ConversionSoftwareVersion": "v1.0.20231010"
}