{
    "Modality": "MR",
    "MagneticFieldStrength": 3,
    "ImagingFrequency": 123.247639,
    "Manufacturer": "Siemens",
    "ManufacturersModelName": "TrioTim",
    "PatientPosition": "HFS",
    "ProcedureStepDescription": "Research^Julius Fridriksson",
    "SoftwareVersions": "syngo MR B17",
    "MRAcquisitionType": "3D",
    "SeriesDescription": "T2 3D TSE SAG 160sl",
    "ProtocolName": "T2 3D TSE SAG 160sl",
    "ScanningSequence": "SE",
    "SequenceVariant": "SK\\SP",
    "ScanOptions": "PFP",
    "SequenceName": "*spc3d1_129ns",
    "ImageType": [
        "ORIGINAL",
        "PRIMARY",
        "M",
        "ND",
        "NORM"
    ],
    "NonlinearGradientCorrection": false,
    "SliceThickness": 1,
    "EchoTime": 0.212,
    "RepetitionTime": 3.2,
    "SpoilingState": true,
    "FlipAngle": 120,
    "VariableFlipAngleFlag": true,
    "PartialFourier": 1,
    "BaseResolution": 256,
    "ShimSetting": [
        10816,
        -10711,
        3077,
        191,
        -66,
        -503,
        144,
        118
    ],
    "TxRefAmp": 327.221,
    "PhaseResolution": 1.00781,
    "ReceiveCoilName": "HeadMatrix",
    "PulseSequenceDetails": "%SiemensSeq%\\tse_vfl",
    "CoilCombinationMethod": "Adaptive Combine",
    "MatrixCoilMode": "SENSE",
    "PercentPhaseFOV": 100,
    "PercentSampling": 100.781,
    "EchoTrainLength": 129,
    "PhaseEncodingSteps": 250,
    "AcquisitionMatrixPE": 258,
    "ReconMatrixPE": 256,
    "PixelBandwidth": 673,
    "PhaseEncodingDirection": "i",
    "ImageOrientationPatientDICOM": [
        0.024468,
        0.999701,
        -3.57819e-08,
        0.0540465,
        -0.00132284,
        -0.998538
    ],
    "InPlanePhaseEncodingDirectionDICOM": "ROW",
    "BidsGuess": [
        "anat",
        "_acq-spc3_run-7_T2w"
    ],
    "ConversionSoftware": "dcm2niix",
    "ConversionSoftwareVersion": "v1.0.20231010"
}