{
    "Modality": "MR",
    "MagneticFieldStrength": 3,
    "ImagingFrequency": 123.248389,
    "Manufacturer": "Siemens",
    "ManufacturersModelName": "TrioTim",
    "PatientPosition": "HFS",
    "ProcedureStepDescription": "Research^Julius Fridriksson",
    "SoftwareVersions": "syngo MR B13 4VB13A",
    "MRAcquisitionType": "2D",
    "SeriesDescription": "DTI 64 Dir b=1000 2.0 PPU",
    "ProtocolName": "DTI 64 Dir b=1000 2.0 PPU",
    "ScanningSequence": "EP",
    "SequenceVariant": "SK\\SP",
    "ScanOptions": "PFP\\FS\\CT",
    "SequenceName": "*ep_b0",
    "ImageType": [
        "ORIGINAL",
        "PRIMARY",
        "M",
        "ND",
        "MOSAIC"
    ],
    "NonlinearGradientCorrection": false,
    "SliceThickness": 2,
    "SpacingBetweenSlices": 2,
    "EchoTime": 0.087,
    "RepetitionTime": 7.3,
    "SpoilingState": true,
    "FlipAngle": 90,
    "PartialFourier": 0.75,
    "BaseResolution": 96,
    "ShimSetting": [
        10808,
        -10778,
        3061,
        517,
        -134,
        -246,
        123,
        123
    ],
    "DiffusionScheme": "Monopolar",
    "TxRefAmp": 413.481,
    "PhaseResolution": 1,
    "VendorReportedEchoSpacing": 0.0008,
    "ReceiveCoilName": "HeadMatrix",
    "CoilString": "T:HEA;HEP",
    "PulseSequenceDetails": "%SiemensSeq%\\ep2d_diff",
    "RefLinesPE": 29,
    "CoilCombinationMethod": "Adaptive Combine",
    "MatrixCoilMode": "GRAPPA",
    "PercentPhaseFOV": 100,
    "PercentSampling": 100,
    "PhaseEncodingSteps": 76,
    "AcquisitionMatrixPE": 96,
    "ReconMatrixPE": 96,
    "BandwidthPerPixelPhaseEncode": 26.042,
    "ParallelReductionFactorInPlane": 2,
    "EffectiveEchoSpacing": 0.000399995,
    "DerivedVendorReportedEchoSpacing": 0.00079999,
    "TotalReadoutTime": 0.0379995,
    "PixelBandwidth": 1490,
    "DwellTime": 3.5e-06,
    "PhaseEncodingDirection": "j-",
    "SliceTiming": [
        3.65,
        0,
        3.77167,
        0.121667,
        3.89333,
        0.243333,
        4.015,
        0.365,
        4.13667,
        0.486667,
        4.25833,
        0.608333,
        4.38,
        0.73,
        4.50167,
        0.851667,
        4.62333,
        0.973333,
        4.745,
        1.095,
        4.86667,
        1.21667,
        4.98833,
        1.33833,
        5.11,
        1.46,
        5.23167,
        1.58167,
        5.35333,
        1.70333,
        5.475,
        1.825,
        5.59667,
        1.94667,
        5.71833,
        2.06833,
        5.84,
        2.19,
        5.96167,
        2.31167,
        6.08333,
        2.43333,
        6.205,
        2.555,
        6.32667,
        2.67667,
        6.44833,
        2.79833,
        6.57,
        2.92,
        6.69167,
        3.04167,
        6.81333,
        3.16333,
        6.935,
        3.285,
        7.05667,
        3.40667,
        7.17833,
        3.52833
    ],
    "ImageOrientationPatientDICOM": [
        1,
        0,
        0,
        0,
        0.995725,
        0.0923706
    ],
    "ImageOrientationText": "Tra>Cor(5.3)",
    "InPlanePhaseEncodingDirectionDICOM": "COL",
    "BidsGuess": [
        "dwi",
        "_acq-epb0p2_dir-AP_run-6_dwi"
    ],
    "ConversionSoftware": "dcm2niix",
    "ConversionSoftwareVersion": "v1.0.20231010"
}