{
    "Modality": "MR",
    "MagneticFieldStrength": 3,
    "ImagingFrequency": 123.256639,
    "Manufacturer": "Siemens",
    "ManufacturersModelName": "Prisma_fit",
    "BodyPartExamined": "BRAIN",
    "PatientPosition": "HFS",
    "ProcedureStepDescription": "Research^Julius_Fridriksson_Prisma",
    "SoftwareVersions": "syngo MR D13D",
    "MRAcquisitionType": "2D",
    "SeriesDescription": "DTI_dir42_PA_SBRef",
    "ProtocolName": "DTI_dir42_PA",
    "ScanningSequence": "EP",
    "SequenceVariant": "SK\\SS",
    "ScanOptions": "PFP",
    "SequenceName": "epse2d1_140",
    "ImageType": [
        "ORIGINAL",
        "PRIMARY",
        "M",
        "ND",
        "MOSAIC"
    ],
    "NonlinearGradientCorrection": false,
    "ImageComments": "Single-band reference SENSE1",
    "SliceThickness": 1.5,
    "SpacingBetweenSlices": 1.5,
    "EchoTime": 0.08,
    "RepetitionTime": 5.25,
    "FlipAngle": 90,
    "PartialFourier": 0.75,
    "BaseResolution": 140,
    "ShimSetting": [
        6780,
        -6634,
        2505,
        260,
        41,
        -311,
        150,
        65
    ],
    "TxRefAmp": 311.444,
    "PhaseResolution": 1,
    "ReceiveCoilName": "HeadNeck_20",
    "ReceiveCoilActiveElements": "HE1-4",
    "PulseSequenceDetails": "%CustomerSeq%\\cmrr_mbep2d_diff",
    "WipMemBlock": "e22ad997-c8ec-4ff3-bc81-cbab9ccdfe14||Sequence: vd13d/master r/f9db0a8; Dec 14 2015 17:10:16 by eja",
    "CoilCombinationMethod": "Sum of Squares",
    "ConsistencyInfo": "N4_VD13D_LATEST_20130810",
    "MatrixCoilMode": "SENSE",
    "PercentPhaseFOV": 100,
    "PercentSampling": 100,
    "EchoTrainLength": 105,
    "PhaseEncodingSteps": 105,
    "AcquisitionMatrixPE": 140,
    "ReconMatrixPE": 140,
    "BandwidthPerPixelPhaseEncode": 10.204,
    "EffectiveEchoSpacing": 0.000700006,
    "DerivedVendorReportedEchoSpacing": 0.000700006,
    "TotalReadoutTime": 0.0973008,
    "PixelBandwidth": 1785,
    "DwellTime": 2e-06,
    "PhaseEncodingDirection": "j",
    "SliceTiming": [
        0,
        0.13,
        0.26,
        0.3925,
        0.5225,
        0.6525,
        0.785,
        0.915,
        1.045,
        1.1775,
        1.3075,
        1.4375,
        1.5675,
        1.7,
        1.83,
        1.96,
        2.0925,
        2.2225,
        2.3525,
        2.4825,
        2.615,
        2.745,
        2.875,
        3.0075,
        3.1375,
        3.2675,
        3.4,
        3.53,
        3.66,
        3.79,
        3.9225,
        4.0525,
        4.1825,
        4.315,
        4.445,
        4.575,
        4.7075,
        4.8375,
        4.9675,
        5.0975,
        5.23,
        5.36,
        5.49,
        5.6225,
        5.7525,
        5.8825,
        6.0125,
        6.145,
        6.275,
        6.405,
        6.5375,
        6.6675,
        6.7975,
        6.93,
        7.06,
        7.19,
        7.32,
        7.4525,
        7.5825,
        7.7125,
        7.845,
        7.975,
        8.105,
        8.235,
        8.3675,
        8.4975,
        8.6275,
        8.76,
        8.89,
        9.02,
        9.1525,
        9.2825,
        9.4125,
        9.5425,
        9.675,
        9.805,
        9.935,
        10.0675,
        10.1975,
        10.3275
    ],
    "ImageOrientationPatientDICOM": [
        1,
        0,
        0,
        0,
        0.996041,
        -0.0888943
    ],
    "ImageOrientationText": "Tra>Cor(-5.1)",
    "InPlanePhaseEncodingDirectionDICOM": "COL",
    "BidsGuess": [
        "dwi",
        "_acq-epse2_dir-PA_run-24_sbref"
    ],
    "ConversionSoftware": "dcm2niix",
    "ConversionSoftwareVersion": "v1.0.20231010"
}