{
    "Modality": "MR",
    "MagneticFieldStrength": 3,
    "ImagingFrequency": 123.247413,
    "Manufacturer": "Siemens",
    "ManufacturersModelName": "TrioTim",
    "PatientPosition": "HFS",
    "ProcedureStepDescription": "Research^Julius Fridriksson",
    "SoftwareVersions": "syngo MR B17",
    "MRAcquisitionType": "2D",
    "SeriesDescription": "MUSC_2.7_B0_MCBI_AC_FF",
    "ProtocolName": "MUSC_2.7_B0_MCBI_AC_FF",
    "ScanningSequence": "EP",
    "SequenceVariant": "SK\\SP",
    "ScanOptions": "FS",
    "SequenceName": "*ep_b0",
    "ImageType": [
        "ORIGINAL",
        "PRIMARY",
        "DIFFUSION",
        "NONE",
        "ND"
    ],
    "NonlinearGradientCorrection": false,
    "SliceThickness": 2.7,
    "SpacingBetweenSlices": 2.7,
    "EchoTime": 0.101,
    "RepetitionTime": 6.1,
    "SpoilingState": true,
    "FlipAngle": 90,
    "PartialFourier": 1,
    "BaseResolution": 82,
    "ShimSetting": [
        10747,
        -10617,
        3150,
        539,
        39,
        -69,
        33,
        21
    ],
    "DiffusionScheme": "Monopolar",
    "TxRefAmp": 376.307,
    "PhaseResolution": 1,
    "ReceiveCoilName": "HeadMatrix",
    "CoilString": "T:HEA;HEP",
    "PulseSequenceDetails": "%SiemensSeq%\\ep2d_diff",
    "RefLinesPE": 24,
    "CoilCombinationMethod": "Adaptive Combine",
    "MatrixCoilMode": "GRAPPA",
    "PercentPhaseFOV": 100,
    "PercentSampling": 100,
    "PhaseEncodingSteps": 82,
    "AcquisitionMatrixPE": 82,
    "ReconMatrixPE": 82,
    "BandwidthPerPixelPhaseEncode": 29.744,
    "ParallelReductionFactorInPlane": 2,
    "EffectiveEchoSpacing": 0.000410003,
    "DerivedVendorReportedEchoSpacing": 0.000820005,
    "TotalReadoutTime": 0.0332102,
    "PixelBandwidth": 1355,
    "DwellTime": 4.5e-06,
    "PhaseEncodingDirection": "j-",
    "SliceTiming": [
        0,
        3.14062,
        0.14062,
        3.26562,
        0.28125,
        3.40625,
        0.40625,
        3.54688,
        0.54688,
        3.6875,
        0.6875,
        3.8125,
        0.82812,
        3.95312,
        0.95312,
        4.09375,
        1.09375,
        4.21875,
        1.23438,
        4.35938,
        1.35938,
        4.5,
        1.5,
        4.64062,
        1.64062,
        4.76562,
        1.78125,
        4.90625,
        1.90625,
        5.04688,
        2.04688,
        5.17188,
        2.1875,
        5.3125,
        2.3125,
        5.45312,
        2.45312,
        5.59375,
        2.59375,
        5.71875,
        2.73438,
        5.85938,
        2.85938,
        6,
        3
    ],
    "ImageOrientationPatientDICOM": [
        0.990601,
        -0.0438338,
        0.129569,
        0.0640593,
        0.985628,
        -0.156314
    ],
    "ImageOrientationText": "Tra>Cor(-9.5)>Sag(6.9)",
    "InPlanePhaseEncodingDirectionDICOM": "COL",
    "BidsGuess": [
        "dwi",
        "_acq-epb0p2_dir-AP_run-18_dwi"
    ],
    "ConversionSoftware": "dcm2niix",
    "ConversionSoftwareVersion": "v1.0.20231010"
}