{
    "Modality": "MR",
    "MagneticFieldStrength": 3,
    "ImagingFrequency": 123.247593,
    "Manufacturer": "Siemens",
    "ManufacturersModelName": "TrioTim",
    "PatientPosition": "HFS",
    "ProcedureStepDescription": "Research^Julius Fridriksson",
    "SoftwareVersions": "syngo MR B17",
    "MRAcquisitionType": "2D",
    "SeriesDescription": "cmrr_dev_mbep2d_diff_V009_PA",
    "ProtocolName": "cmrr_dev_mbep2d_diff_V009_PA",
    "ScanningSequence": "EP",
    "SequenceVariant": "SK",
    "SequenceName": "ep_b0",
    "ImageType": [
        "ORIGINAL",
        "PRIMARY",
        "DIFFUSION",
        "NONE",
        "ND",
        "MOSAIC"
    ],
    "NonlinearGradientCorrection": false,
    "SliceThickness": 2.3,
    "SpacingBetweenSlices": 2.3,
    "EchoTime": 0.0792,
    "RepetitionTime": 4.987,
    "FlipAngle": 90,
    "PartialFourier": 1,
    "BaseResolution": 90,
    "ShimSetting": [
        10730,
        -10550,
        2997,
        668,
        -317,
        552,
        600,
        -19
    ],
    "DiffusionScheme": "Monopolar",
    "TxRefAmp": 318.402,
    "PhaseResolution": 1,
    "ReceiveCoilName": "HeadMatrix",
    "CoilString": "t:HEA;HEP",
    "PulseSequenceDetails": "%CustomerSeq%\\cmrr_dev_mbep2d_diff",
    "RefLinesPE": 44,
    "CoilCombinationMethod": "Sum of Squares",
    "MatrixCoilMode": "GRAPPA",
    "PercentPhaseFOV": 100,
    "PercentSampling": 100,
    "PhaseEncodingSteps": 90,
    "AcquisitionMatrixPE": 90,
    "ReconMatrixPE": 90,
    "BandwidthPerPixelPhaseEncode": 28.86,
    "ParallelReductionFactorInPlane": 2,
    "EffectiveEchoSpacing": 0.000385,
    "DerivedVendorReportedEchoSpacing": 0.000770001,
    "TotalReadoutTime": 0.034265,
    "PixelBandwidth": 1462,
    "DwellTime": 3.8e-06,
    "PhaseEncodingDirection": "j",
    "SliceTiming": [
        2.505,
        0,
        2.605,
        0.1,
        2.705,
        0.2,
        2.805,
        0.3025,
        2.905,
        0.4025,
        3.005,
        0.5025,
        3.105,
        0.6025,
        3.205,
        0.7025,
        3.305,
        0.8025,
        3.405,
        0.9025,
        3.505,
        1.0025,
        3.605,
        1.1025,
        3.705,
        1.2025,
        3.805,
        1.3025,
        3.905,
        1.4025,
        4.005,
        1.5025,
        4.105,
        1.6025,
        4.2075,
        1.7025,
        4.3075,
        1.8025,
        4.4075,
        1.9025,
        4.5075,
        2.0025,
        4.6075,
        2.1025,
        4.7075,
        2.205,
        4.8075,
        2.305,
        4.9075,
        2.405
    ],
    "ImageOrientationPatientDICOM": [
        0.994633,
        0.0949137,
        0.0411867,
        -0.0747868,
        0.934609,
        -0.347727
    ],
    "ImageOrientationText": "Tra>Cor(-20.1)>Sag(4.1)",
    "InPlanePhaseEncodingDirectionDICOM": "COL",
    "BidsGuess": [
        "dwi",
        "_acq-epb0p2_dir-PA_run-16_dwi"
    ],
    "ConversionSoftware": "dcm2niix",
    "ConversionSoftwareVersion": "v1.0.20231010"
}