{
    "Modality": "MR",
    "MagneticFieldStrength": 3,
    "ImagingFrequency": 123.25611,
    "Manufacturer": "Siemens",
    "ManufacturersModelName": "Prisma_fit",
    "BodyPartExamined": "BRAIN",
    "PatientPosition": "HFS",
    "ProcedureStepDescription": "Research^Julius_Fridriksson_Prisma",
    "SoftwareVersions": "syngo MR D13D",
    "MRAcquisitionType": "3D",
    "SeriesDescription": "T2_SPC_1mm",
    "ProtocolName": "T2_SPC_1mm",
    "ScanningSequence": "SE",
    "SequenceVariant": "SK\\SP",
    "ScanOptions": "PFP",
    "SequenceName": "*spc_314ns",
    "ImageType": [
        "ORIGINAL",
        "PRIMARY",
        "M",
        "ND",
        "NORM",
        "SH",
        "FIL"
    ],
    "NonlinearGradientCorrection": false,
    "SliceThickness": 1,
    "EchoTime": 0.567,
    "RepetitionTime": 3.2,
    "SpoilingState": true,
    "FlipAngle": 120,
    "VariableFlipAngleFlag": true,
    "PartialFourier": 1,
    "BaseResolution": 256,
    "ShimSetting": [
        6801,
        -6640,
        2536,
        81,
        37,
        -356,
        159,
        101
    ],
    "TxRefAmp": 301.205,
    "PhaseResolution": 1,
    "ReceiveCoilName": "HeadNeck_20",
    "ReceiveCoilActiveElements": "HE1-4",
    "PulseSequenceDetails": "%SiemensSeq%\\tse_vfl",
    "RefLinesPE": 80,
    "CoilCombinationMethod": "Adaptive Combine",
    "ConsistencyInfo": "N4_VD13D_LATEST_20130810",
    "MatrixCoilMode": "GRAPPA",
    "PercentPhaseFOV": 100,
    "PercentSampling": 100,
    "EchoTrainLength": 314,
    "PhaseEncodingSteps": 249,
    "AcquisitionMatrixPE": 256,
    "ReconMatrixPE": 256,
    "ParallelReductionFactorInPlane": 2,
    "PixelBandwidth": 750,
    "DwellTime": 2.6e-06,
    "PhaseEncodingDirection": "i",
    "ImageOrientationPatientDICOM": [
        2.98011e-08,
        1,
        -8.00788e-05,
        -2.98035e-08,
        -8.00788e-05,
        -1
    ],
    "ImageOrientationText": "Sag",
    "InPlanePhaseEncodingDirectionDICOM": "ROW",
    "BidsGuess": [
        "anat",
        "_acq-spc3p2_run-5_T2w"
    ],
    "ConversionSoftware": "dcm2niix",
    "ConversionSoftwareVersion": "v1.0.20231010"
}