{
    "Modality": "MR",
    "MagneticFieldStrength": 3,
    "ImagingFrequency": 123.256569,
    "Manufacturer": "Siemens",
    "ManufacturersModelName": "Prisma_fit",
    "BodyPartExamined": "BRAIN",
    "PatientPosition": "HFS",
    "ProcedureStepDescription": "Research^Julius_Fridriksson_Prisma",
    "SoftwareVersions": "syngo MR D13D",
    "MRAcquisitionType": "2D",
    "SeriesDescription": "DTI_dir42_AP",
    "ProtocolName": "DTI_dir42_AP",
    "ScanningSequence": "EP",
    "SequenceVariant": "SK\\SS",
    "ScanOptions": "PFP",
    "SequenceName": "ep_b5#1",
    "ImageType": [
        "ORIGINAL",
        "PRIMARY",
        "DIFFUSION",
        "NONE",
        "MB",
        "ND",
        "MOSAIC"
    ],
    "NonlinearGradientCorrection": false,
    "ImageComments": "Unaliased MB2/PE2 SENSE1",
    "SliceThickness": 1.5,
    "SpacingBetweenSlices": 1.5,
    "EchoTime": 0.08,
    "RepetitionTime": 5.25,
    "FlipAngle": 90,
    "PartialFourier": 0.75,
    "BaseResolution": 140,
    "ShimSetting": [
        6811,
        -6650,
        2494,
        347,
        -4,
        -364,
        169,
        55
    ],
    "DiffusionScheme": "Monopolar",
    "TxRefAmp": 269.098,
    "PhaseResolution": 1,
    "ReceiveCoilName": "HeadNeck_20",
    "ReceiveCoilActiveElements": "HE1-4",
    "PulseSequenceDetails": "%CustomerSeq%\\cmrr_mbep2d_diff",
    "WipMemBlock": "94c7f5bc-dce8-434a-b203-1fa3ae7d633d||Sequence: vd13d/master r/f9db0a8; Dec 14 2015 17:10:16 by eja",
    "CoilCombinationMethod": "Sum of Squares",
    "ConsistencyInfo": "N4_VD13D_LATEST_20130810",
    "MatrixCoilMode": "SENSE",
    "MultibandAccelerationFactor": 2,
    "PercentPhaseFOV": 100,
    "PercentSampling": 100,
    "EchoTrainLength": 105,
    "PhaseEncodingSteps": 105,
    "AcquisitionMatrixPE": 140,
    "ReconMatrixPE": 140,
    "BandwidthPerPixelPhaseEncode": 10.204,
    "EffectiveEchoSpacing": 0.000700006,
    "DerivedVendorReportedEchoSpacing": 0.000700006,
    "TotalReadoutTime": 0.0973008,
    "PixelBandwidth": 1785,
    "DwellTime": 2e-06,
    "PhaseEncodingDirection": "j-",
    "SliceTiming": [
        0,
        2.4825,
        4.9675,
        2.2225,
        4.705,
        1.96,
        4.445,
        1.6975,
        4.1825,
        1.4375,
        3.92,
        1.175,
        3.66,
        0.915,
        3.3975,
        0.6525,
        3.1375,
        0.39,
        2.875,
        0.13,
        2.615,
        5.0975,
        2.3525,
        4.8375,
        2.09,
        4.575,
        1.83,
        4.3125,
        1.5675,
        4.0525,
        1.3075,
        3.79,
        1.045,
        3.53,
        0.7825,
        3.2675,
        0.5225,
        3.005,
        0.26,
        2.745,
        0,
        2.4825,
        4.9675,
        2.2225,
        4.705,
        1.96,
        4.445,
        1.6975,
        4.1825,
        1.4375,
        3.92,
        1.175,
        3.66,
        0.915,
        3.3975,
        0.6525,
        3.1375,
        0.39,
        2.875,
        0.13,
        2.615,
        5.0975,
        2.3525,
        4.8375,
        2.09,
        4.575,
        1.83,
        4.3125,
        1.5675,
        4.0525,
        1.3075,
        3.79,
        1.045,
        3.53,
        0.7825,
        3.2675,
        0.5225,
        3.005,
        0.26,
        2.745
    ],
    "ImageOrientationPatientDICOM": [
        0.999048,
        0.00455949,
        0.0433804,
        -2.61824e-08,
        0.994522,
        -0.104528
    ],
    "ImageOrientationText": "Tra>Cor(-6.0)>Sag(2.5)",
    "InPlanePhaseEncodingDirectionDICOM": "COL",
    "BidsGuess": [
        "dwi",
        "_acq-epb5m2_dir-AP_run-12_dwi"
    ],
    "ConversionSoftware": "dcm2niix",
    "ConversionSoftwareVersion": "v1.0.20231010"
}