{
    "Modality": "MR",
    "MagneticFieldStrength": 3,
    "ImagingFrequency": 123.247668,
    "Manufacturer": "Siemens",
    "ManufacturersModelName": "TrioTim",
    "PatientPosition": "HFS",
    "ProcedureStepDescription": "Research^Julius Fridriksson",
    "SoftwareVersions": "syngo MR B17",
    "MRAcquisitionType": "2D",
    "SeriesDescription": "MUSC_2.7_B0_MCBI_AC_FF",
    "ProtocolName": "MUSC_2.7_B0_MCBI_AC_FF",
    "ScanningSequence": "EP",
    "SequenceVariant": "SK\\SP",
    "ScanOptions": "FS",
    "SequenceName": "*ep_b0",
    "ImageType": [
        "ORIGINAL",
        "PRIMARY",
        "DIFFUSION",
        "NONE",
        "ND"
    ],
    "NonlinearGradientCorrection": false,
    "SliceThickness": 2.7,
    "SpacingBetweenSlices": 2.7,
    "EchoTime": 0.101,
    "RepetitionTime": 6.1,
    "SpoilingState": true,
    "FlipAngle": 90,
    "PartialFourier": 1,
    "BaseResolution": 82,
    "ShimSetting": [
        10759,
        -10650,
        3064,
        411,
        -148,
        -262,
        6,
        28
    ],
    "DiffusionScheme": "Monopolar",
    "TxRefAmp": 359.804,
    "PhaseResolution": 1,
    "ReceiveCoilName": "HeadMatrix",
    "CoilString": "T:HEA;HEP",
    "PulseSequenceDetails": "%SiemensSeq%\\ep2d_diff",
    "RefLinesPE": 24,
    "CoilCombinationMethod": "Adaptive Combine",
    "MatrixCoilMode": "GRAPPA",
    "PercentPhaseFOV": 100,
    "PercentSampling": 100,
    "PhaseEncodingSteps": 82,
    "AcquisitionMatrixPE": 82,
    "ReconMatrixPE": 82,
    "BandwidthPerPixelPhaseEncode": 29.744,
    "ParallelReductionFactorInPlane": 2,
    "EffectiveEchoSpacing": 0.000410003,
    "DerivedVendorReportedEchoSpacing": 0.000820005,
    "TotalReadoutTime": 0.0332102,
    "PixelBandwidth": 1355,
    "DwellTime": 4.5e-06,
    "PhaseEncodingDirection": "j-",
    "SliceTiming": [
        0,
        3.125,
        0.125,
        3.26562,
        0.26562,
        3.39062,
        0.40625,
        3.53125,
        0.54688,
        3.67188,
        0.67188,
        3.79688,
        0.8125,
        3.9375,
        0.95312,
        4.07812,
        1.07812,
        4.21875,
        1.21875,
        4.34375,
        1.35938,
        4.48438,
        1.48438,
        4.625,
        1.625,
        4.75,
        1.76562,
        4.89062,
        1.90625,
        5.03125,
        2.03125,
        5.17188,
        2.17188,
        5.29688,
        2.3125,
        5.4375,
        2.4375,
        5.57812,
        2.57812,
        5.70312,
        2.71875,
        5.84375,
        2.85938,
        5.98438,
        2.98438
    ],
    "ImageOrientationPatientDICOM": [
        0.999507,
        -0.0309143,
        0.00556237,
        0.0314107,
        0.98371,
        -0.176997
    ],
    "ImageOrientationText": "Tra>Cor(-10.2)",
    "InPlanePhaseEncodingDirectionDICOM": "COL",
    "BidsGuess": [
        "dwi",
        "_acq-epb0p2_dir-AP_run-22_dwi"
    ],
    "ConversionSoftware": "dcm2niix",
    "ConversionSoftwareVersion": "v1.0.20231010"
}