{
    "Modality": "MR",
    "MagneticFieldStrength": 3,
    "ImagingFrequency": 123.249215,
    "Manufacturer": "Siemens",
    "ManufacturersModelName": "TrioTim",
    "PatientPosition": "HFS",
    "ProcedureStepDescription": "Research^Julius Fridriksson",
    "SoftwareVersions": "syngo MR 2006T 4VB12T",
    "MRAcquisitionType": "3D",
    "SeriesDescription": "T2 3D TSE SAG NS Paul",
    "ProtocolName": "T2 3D TSE SAG NS Paul",
    "ScanningSequence": "SE",
    "SequenceVariant": "SK\\SP\\OSP",
    "SequenceName": "*tse3d1_197ns",
    "ImageType": [
        "ORIGINAL",
        "PRIMARY",
        "M",
        "ND",
        "NORM"
    ],
    "NonlinearGradientCorrection": false,
    "SliceThickness": 1,
    "EchoTime": 0.354,
    "RepetitionTime": 3.2,
    "SpoilingState": true,
    "FlipAngle": 180,
    "PartialFourier": 1,
    "BaseResolution": 256,
    "ShimSetting": [
        10739,
        -10695,
        2721,
        -40,
        -19,
        -28,
        -352,
        64
    ],
    "TxRefAmp": 349.631,
    "PhaseResolution": 1,
    "ReceiveCoilName": "HeadMatrix",
    "PulseSequenceDetails": "%SiemensSeq%\\tse_vfl",
    "MatrixCoilMode": "SENSE",
    "PercentPhaseFOV": 100,
    "PercentSampling": 100,
    "EchoTrainLength": 197,
    "PhaseEncodingSteps": 394,
    "AcquisitionMatrixPE": 256,
    "ReconMatrixPE": 256,
    "PixelBandwidth": 675,
    "PhaseEncodingDirection": "i",
    "ImageOrientationPatientDICOM": [
        -0.0112571,
        0.995725,
        -0.0916821,
        -0.121348,
        -0.0923706,
        -0.988303
    ],
    "InPlanePhaseEncodingDirectionDICOM": "ROW",
    "BidsGuess": [
        "anat",
        "_acq-tse3_run-5_T2w"
    ],
    "ConversionSoftware": "dcm2niix",
    "ConversionSoftwareVersion": "v1.0.20231010"
}