{
    "Modality": "MR",
    "MagneticFieldStrength": 3,
    "ImagingFrequency": 123.254312,
    "Manufacturer": "Siemens",
    "ManufacturersModelName": "Prisma_fit",
    "BodyPartExamined": "BRAIN",
    "PatientPosition": "HFS",
    "ProcedureStepDescription": "JohnsonNorris^HOPES",
    "SoftwareVersions": "syngo MR E11",
    "MRAcquisitionType": "2D",
    "SeriesDescription": "dwi_AP_SBRef",
    "ProtocolName": "dwi_AP",
    "ScanningSequence": "EP",
    "SequenceVariant": "SK\\SS",
    "ScanOptions": "FS",
    "SequenceName": "epse2d1_100",
    "ImageType": [
        "ORIGINAL",
        "PRIMARY",
        "M",
        "ND",
        "MOSAIC"
    ],
    "NonlinearGradientCorrection": false,
    "ImageComments": "Single-band reference SENSE1",
    "SliceThickness": 2.2,
    "SpacingBetweenSlices": 2.2,
    "EchoTime": 0.103,
    "RepetitionTime": 4.5,
    "FlipAngle": 90,
    "PartialFourier": 1,
    "BaseResolution": 100,
    "ShimSetting": [
        6800,
        -6608,
        2561,
        135,
        5,
        -291,
        256,
        61
    ],
    "TxRefAmp": 295.388,
    "PhaseResolution": 1,
    "ReceiveCoilName": "HeadNeck_20",
    "ReceiveCoilActiveElements": "HE1-4;NE1,2",
    "PulseSequenceDetails": "%CustomerSeq%\\cmrr_mbep2d_diff",
    "WipMemBlock": "a23efef1-e8bf-467d-968a-86f8a29f3cf8||Sequence: R016 ve11c/master r/e634e98; Dec 19 2017 11:11:25 by eja",
    "CoilCombinationMethod": "Sum of Squares",
    "ConsistencyInfo": "N4_VE11C_LATEST_20160120",
    "MatrixCoilMode": "SENSE",
    "PercentPhaseFOV": 100,
    "PercentSampling": 100,
    "EchoTrainLength": 100,
    "PhaseEncodingSteps": 100,
    "AcquisitionMatrixPE": 100,
    "ReconMatrixPE": 100,
    "BandwidthPerPixelPhaseEncode": 14.706,
    "EffectiveEchoSpacing": 0.000679995,
    "DerivedVendorReportedEchoSpacing": 0.000679995,
    "TotalReadoutTime": 0.0673195,
    "PixelBandwidth": 1665,
    "DwellTime": 3e-06,
    "PhaseEncodingDirection": "j-",
    "SliceTiming": [
        0,
        0.1525,
        0.3075,
        0.4625,
        0.6175,
        0.7725,
        0.925,
        1.08,
        1.235,
        1.39,
        1.5425,
        1.6975,
        1.8525,
        2.0075,
        2.1625,
        2.315,
        2.47,
        2.625,
        2.78,
        2.935,
        3.0875,
        3.2425,
        3.3975,
        3.5525,
        3.7075,
        3.86,
        4.015,
        4.17,
        4.325,
        4.48,
        4.6325,
        4.7875,
        4.9425,
        5.0975,
        5.25,
        5.405,
        5.56,
        5.715,
        5.87,
        6.0225,
        6.1775,
        6.3325,
        6.4875,
        6.6425,
        6.795,
        6.95,
        7.105,
        7.26,
        7.415,
        7.5675,
        7.7225,
        7.8775,
        8.0325,
        8.1875,
        8.34,
        8.495,
        8.65,
        8.805
    ],
    "ImageOrientationPatientDICOM": [
        0.999789,
        0.00405868,
        0.0201241,
        -6.84357e-08,
        0.980263,
        -0.197699
    ],
    "ImageOrientationText": "Tra>Cor(-11.4)>Sag(1.2)",
    "InPlanePhaseEncodingDirectionDICOM": "COL",
    "BidsGuess": [
        "dwi",
        "_acq-epse2_dir-AP_run-5_sbref"
    ],
    "ConversionSoftware": "dcm2niix",
    "ConversionSoftwareVersion": "v1.0.20231010"
}