{
    "Modality": "MR",
    "MagneticFieldStrength": 3,
    "ImagingFrequency": 123.247604,
    "Manufacturer": "Siemens",
    "ManufacturersModelName": "TrioTim",
    "PatientPosition": "HFS",
    "ProcedureStepDescription": "Research^Julius Fridriksson",
    "SoftwareVersions": "syngo MR B17",
    "MRAcquisitionType": "2D",
    "SeriesDescription": "cmrr_dev_mbep2d_diff_V009_PA",
    "ProtocolName": "cmrr_dev_mbep2d_diff_V009_PA",
    "ScanningSequence": "EP",
    "SequenceVariant": "SK",
    "SequenceName": "ep_b0",
    "ImageType": [
        "ORIGINAL",
        "PRIMARY",
        "DIFFUSION",
        "NONE",
        "ND",
        "MOSAIC"
    ],
    "NonlinearGradientCorrection": false,
    "SliceThickness": 2.3,
    "SpacingBetweenSlices": 2.3,
    "EchoTime": 0.0792,
    "RepetitionTime": 4.987,
    "FlipAngle": 90,
    "PartialFourier": 1,
    "BaseResolution": 90,
    "ShimSetting": [
        10724,
        -10612,
        3130,
        432,
        -43,
        83,
        -193,
        38
    ],
    "DiffusionScheme": "Monopolar",
    "TxRefAmp": 302.183,
    "PhaseResolution": 1,
    "ReceiveCoilName": "HeadMatrix",
    "CoilString": "t:HEA;HEP",
    "PulseSequenceDetails": "%CustomerSeq%\\cmrr_dev_mbep2d_diff",
    "RefLinesPE": 44,
    "CoilCombinationMethod": "Sum of Squares",
    "MatrixCoilMode": "GRAPPA",
    "PercentPhaseFOV": 100,
    "PercentSampling": 100,
    "PhaseEncodingSteps": 90,
    "AcquisitionMatrixPE": 90,
    "ReconMatrixPE": 90,
    "BandwidthPerPixelPhaseEncode": 28.86,
    "ParallelReductionFactorInPlane": 2,
    "EffectiveEchoSpacing": 0.000385,
    "DerivedVendorReportedEchoSpacing": 0.000770001,
    "TotalReadoutTime": 0.034265,
    "PixelBandwidth": 1462,
    "DwellTime": 3.8e-06,
    "PhaseEncodingDirection": "j",
    "SliceTiming": [
        2.5025,
        0,
        2.6025,
        0.1,
        2.7025,
        0.2,
        2.8025,
        0.3,
        2.9025,
        0.4,
        3.0025,
        0.5,
        3.1025,
        0.6,
        3.2025,
        0.7,
        3.3025,
        0.8,
        3.4025,
        0.9,
        3.5025,
        1,
        3.6025,
        1.1,
        3.705,
        1.2,
        3.805,
        1.3,
        3.905,
        1.4,
        4.005,
        1.5,
        4.105,
        1.6,
        4.205,
        1.7,
        4.305,
        1.8025,
        4.405,
        1.9025,
        4.505,
        2.0025,
        4.605,
        2.1025,
        4.705,
        2.2025,
        4.805,
        2.3025,
        4.905,
        2.4025
    ],
    "ImageOrientationPatientDICOM": [
        0.992309,
        -0.109977,
        -0.05681,
        0.0990456,
        0.980713,
        -0.168497
    ],
    "ImageOrientationText": "Tra>Cor(-9.3)>Sag(-4.3)",
    "InPlanePhaseEncodingDirectionDICOM": "COL",
    "BidsGuess": [
        "dwi",
        "_acq-epb0p2_dir-PA_run-15_dwi"
    ],
    "ConversionSoftware": "dcm2niix",
    "ConversionSoftwareVersion": "v1.0.20231010"
}