{
    "Modality": "MR",
    "MagneticFieldStrength": 3,
    "ImagingFrequency": 123.25473,
    "Manufacturer": "Siemens",
    "ManufacturersModelName": "Prisma_fit",
    "BodyPartExamined": "BRAIN",
    "PatientPosition": "HFS",
    "ProcedureStepDescription": "Julius_Fridriksson_Prisma^Julius_Fridriksson_Prisma",
    "SoftwareVersions": "syngo MR E11",
    "MRAcquisitionType": "2D",
    "SeriesDescription": "dwi_Jens_20Ch_b0_PA_SBRef",
    "ProtocolName": "dwi_Jens_20Ch_b0_PA",
    "ScanningSequence": "EP",
    "SequenceVariant": "SK\\SS",
    "ScanOptions": "PFP\\FS",
    "SequenceName": "epse2d1_74",
    "ImageType": [
        "ORIGINAL",
        "PRIMARY",
        "M",
        "ND",
        "MOSAIC"
    ],
    "NonlinearGradientCorrection": false,
    "ImageComments": "Single-band reference SENSE1",
    "SliceThickness": 3,
    "SpacingBetweenSlices": 3,
    "EchoTime": 0.081,
    "RepetitionTime": 3.2,
    "FlipAngle": 90,
    "PartialFourier": 0.875,
    "BaseResolution": 74,
    "ShimSetting": [
        6791,
        -6605,
        2508,
        239,
        -30,
        -111,
        232,
        107
    ],
    "TxRefAmp": 272.084,
    "PhaseResolution": 1,
    "ReceiveCoilName": "HeadNeck_20",
    "ReceiveCoilActiveElements": "HE1-4;NE1,2",
    "PulseSequenceDetails": "%CustomerSeq%\\cmrr_mbep2d_diff",
    "WipMemBlock": "34d6d1c0-1559-4d9e-97eb-b700257e05d7||Sequence: R016 ve11c/master r/e634e98; Dec 19 2017 11:11:25 by eja",
    "RefLinesPE": 32,
    "CoilCombinationMethod": "Sum of Squares",
    "ConsistencyInfo": "N4_VE11C_LATEST_20160120",
    "MatrixCoilMode": "GRAPPA",
    "PercentPhaseFOV": 100,
    "PercentSampling": 100,
    "EchoTrainLength": 35,
    "PhaseEncodingSteps": 69,
    "AcquisitionMatrixPE": 74,
    "ReconMatrixPE": 74,
    "BandwidthPerPixelPhaseEncode": 36.036,
    "ParallelReductionFactorInPlane": 2,
    "EffectiveEchoSpacing": 0.000375,
    "DerivedVendorReportedEchoSpacing": 0.000750001,
    "TotalReadoutTime": 0.027375,
    "PixelBandwidth": 1500,
    "DwellTime": 4.5e-06,
    "PhaseEncodingDirection": "j",
    "SliceTiming": [
        0,
        0.15,
        0.3025,
        0.455,
        0.605,
        0.7575,
        0.9075,
        1.06,
        1.21,
        1.3625,
        1.5125,
        1.665,
        1.8175,
        1.9675,
        2.12,
        2.27,
        2.4225,
        2.5725,
        2.725,
        2.8775,
        3.0275,
        3.18,
        3.33,
        3.4825,
        3.6325,
        3.785,
        3.9375,
        4.0875,
        4.24,
        4.39,
        4.5425,
        4.6925,
        4.845,
        4.9975,
        5.1475,
        5.3,
        5.45,
        5.6025,
        5.7525,
        5.905,
        6.0575,
        6.2075
    ],
    "ImageOrientationPatientDICOM": [
        0.997775,
        -0.0222373,
        -0.0628477,
        0.0174162,
        0.996937,
        -0.0762429
    ],
    "ImageOrientationText": "Tra>Cor(-4.3)>Sag(-3.7)",
    "InPlanePhaseEncodingDirectionDICOM": "COL",
    "BidsGuess": [
        "dwi",
        "_acq-epse2p2_dir-PA_run-21_sbref"
    ],
    "ConversionSoftware": "dcm2niix",
    "ConversionSoftwareVersion": "v1.0.20231010"
}