{
    "Modality": "MR",
    "MagneticFieldStrength": 3,
    "ImagingFrequency": 123.247739,
    "Manufacturer": "Siemens",
    "ManufacturersModelName": "TrioTim",
    "PatientPosition": "HFS",
    "ProcedureStepDescription": "Research^Julius Fridriksson",
    "SoftwareVersions": "syngo MR B17",
    "MRAcquisitionType": "2D",
    "SeriesDescription": "ep2d_DTI_64dirs_2x2x2_p2",
    "ProtocolName": "ep2d_DTI_64dirs_2x2x2_p2",
    "ScanningSequence": "EP",
    "SequenceVariant": "SK\\SP",
    "ScanOptions": "PFP\\FS",
    "SequenceName": "*ep_b0",
    "ImageType": [
        "ORIGINAL",
        "PRIMARY",
        "DIFFUSION",
        "NONE",
        "ND",
        "MOSAIC"
    ],
    "NonlinearGradientCorrection": false,
    "SliceThickness": 2,
    "SpacingBetweenSlices": 2,
    "EchoTime": 0.087,
    "RepetitionTime": 7.3,
    "SpoilingState": true,
    "FlipAngle": 90,
    "PartialFourier": 0.75,
    "BaseResolution": 96,
    "ShimSetting": [
        10747,
        -10596,
        2990,
        297,
        -1,
        -138,
        -199,
        -50
    ],
    "DiffusionScheme": "Monopolar",
    "TxRefAmp": 339.331,
    "PhaseResolution": 1,
    "ReceiveCoilName": "HeadMatrix",
    "CoilString": "T:HEA;HEP",
    "PulseSequenceDetails": "%SiemensSeq%\\ep2d_diff",
    "RefLinesPE": 28,
    "CoilCombinationMethod": "Adaptive Combine",
    "MatrixCoilMode": "GRAPPA",
    "PercentPhaseFOV": 100,
    "PercentSampling": 100,
    "PhaseEncodingSteps": 76,
    "AcquisitionMatrixPE": 96,
    "ReconMatrixPE": 96,
    "BandwidthPerPixelPhaseEncode": 27.412,
    "ParallelReductionFactorInPlane": 2,
    "EffectiveEchoSpacing": 0.000380004,
    "DerivedVendorReportedEchoSpacing": 0.000760008,
    "TotalReadoutTime": 0.0361004,
    "PixelBandwidth": 1488,
    "DwellTime": 3.5e-06,
    "PhaseEncodingDirection": "j-",
    "SliceTiming": [
        3.6625,
        0,
        3.785,
        0.12,
        3.9075,
        0.2425,
        4.03,
        0.365,
        4.1525,
        0.4875,
        4.275,
        0.61,
        4.395,
        0.7325,
        4.5175,
        0.855,
        4.64,
        0.975,
        4.7625,
        1.0975,
        4.885,
        1.22,
        5.0075,
        1.3425,
        5.13,
        1.465,
        5.25,
        1.5875,
        5.3725,
        1.71,
        5.495,
        1.83,
        5.6175,
        1.9525,
        5.74,
        2.075,
        5.8625,
        2.1975,
        5.985,
        2.32,
        6.1075,
        2.4425,
        6.2275,
        2.565,
        6.35,
        2.685,
        6.4725,
        2.8075,
        6.595,
        2.93,
        6.7175,
        3.0525,
        6.84,
        3.175,
        6.9625,
        3.2975,
        7.0825,
        3.42,
        7.205,
        3.54
    ],
    "ImageOrientationPatientDICOM": [
        0.999665,
        0.0133086,
        -0.022176,
        -0.02094,
        0.919732,
        -0.391987
    ],
    "ImageOrientationText": "Tra>Cor(-23.1)>Sag(-0.9)",
    "InPlanePhaseEncodingDirectionDICOM": "COL",
    "BidsGuess": [
        "dwi",
        "_acq-epb0p2_dir-AP_run-5_dwi"
    ],
    "ConversionSoftware": "dcm2niix",
    "ConversionSoftwareVersion": "v1.0.20231010"
}