{
    "Modality": "MR",
    "MagneticFieldStrength": 3,
    "ImagingFrequency": 123.24926,
    "Manufacturer": "Siemens",
    "ManufacturersModelName": "TrioTim",
    "PatientPosition": "HFS",
    "ProcedureStepDescription": "Research^Julius Fridriksson",
    "SoftwareVersions": "syngo MR 2006T 4VB12T",
    "MRAcquisitionType": "2D",
    "SeriesDescription": "fMRI sparse 10min",
    "ProtocolName": "fMRI sparse 10min",
    "ScanningSequence": "SE\\EP",
    "SequenceVariant": "SK",
    "ScanOptions": "FS",
    "SequenceName": "*epfid2d1_64",
    "ImageType": [
        "ORIGINAL",
        "PRIMARY",
        "M",
        "ND",
        "MOSAIC"
    ],
    "NonlinearGradientCorrection": false,
    "SliceThickness": 3.2,
    "SpacingBetweenSlices": 3.2,
    "EchoTime": 0.03,
    "RepetitionTime": 10,
    "FlipAngle": 90,
    "PartialFourier": 1,
    "BaseResolution": 64,
    "ShimSetting": [
        10620,
        -10934,
        3165,
        220,
        -110,
        -1617,
        276,
        214
    ],
    "DelayTime": 8,
    "TxRefAmp": 352.586,
    "PhaseResolution": 1,
    "ReceiveCoilName": "HeadMatrix",
    "PulseSequenceDetails": "%SiemensSeq%\\ep2d_bold",
    "MatrixCoilMode": "SENSE",
    "PercentPhaseFOV": 100,
    "PercentSampling": 100,
    "PhaseEncodingSteps": 64,
    "AcquisitionMatrixPE": 64,
    "ReconMatrixPE": 64,
    "PixelBandwidth": 2230,
    "PhaseEncodingDirection": "j-",
    "SliceTiming": [
        0,
        0.0606061,
        0.121212,
        0.181818,
        0.242424,
        0.30303,
        0.363636,
        0.424242,
        0.484849,
        0.545455,
        0.606061,
        0.666667,
        0.727273,
        0.787879,
        0.848485,
        0.909091,
        0.969697,
        1.0303,
        1.09091,
        1.15152,
        1.21212,
        1.27273,
        1.33333,
        1.39394,
        1.45455,
        1.51515,
        1.57576,
        1.63636,
        1.69697,
        1.75758,
        1.81818,
        1.87879,
        1.93939
    ],
    "ImageOrientationPatientDICOM": [
        0.997916,
        -0.00405206,
        -0.064405,
        4.03476e-08,
        0.998027,
        -0.0627905
    ],
    "InPlanePhaseEncodingDirectionDICOM": "COL",
    "BidsGuess": [
        "func",
        "_acq-epfid2_dir-AP_run-4_bold"
    ],
    "ConversionSoftware": "dcm2niix",
    "ConversionSoftwareVersion": "v1.0.20231010"
}