{
    "Modality": "MR",
    "MagneticFieldStrength": 3,
    "ImagingFrequency": 123.248466,
    "Manufacturer": "Siemens",
    "ManufacturersModelName": "TrioTim",
    "PatientPosition": "HFS",
    "ProcedureStepDescription": "Research^Julius Fridriksson",
    "SoftwareVersions": "syngo MR B13 4VB13A",
    "MRAcquisitionType": "2D",
    "SeriesDescription": "FLAIR",
    "ProtocolName": "FLAIR",
    "ScanningSequence": "SE\\IR",
    "SequenceVariant": "SK\\SP\\MP\\OSP",
    "ScanOptions": "IR\\FS",
    "SequenceName": "*tir2d1rs17",
    "ImageType": [
        "ORIGINAL",
        "PRIMARY",
        "M",
        "ND",
        "NORM"
    ],
    "NonlinearGradientCorrection": false,
    "SliceThickness": 3.2,
    "SpacingBetweenSlices": 3.2,
    "EchoTime": 0.099,
    "RepetitionTime": 9,
    "SpoilingState": true,
    "InversionTime": 2.5,
    "FlipAngle": 150,
    "PartialFourier": 1,
    "BaseResolution": 256,
    "ShimSetting": [
        10766,
        -10699,
        3226,
        745,
        -202,
        -295,
        100,
        67
    ],
    "TxRefAmp": 305.457,
    "PhaseResolution": 1,
    "ReceiveCoilName": "HeadMatrix",
    "CoilString": "C:HEA;HEP",
    "PulseSequenceDetails": "%SiemensSeq%\\tse",
    "CoilCombinationMethod": "Adaptive Combine",
    "MatrixCoilMode": "SENSE",
    "PercentPhaseFOV": 90.625,
    "PercentSampling": 100,
    "EchoTrainLength": 17,
    "PhaseEncodingSteps": 255,
    "AcquisitionMatrixPE": 232,
    "ReconMatrixPE": 232,
    "PixelBandwidth": 170,
    "DwellTime": 1.15e-05,
    "PhaseEncodingDirection": "i",
    "SliceTiming": [
        0,
        104.578,
        4.51562,
        109.094,
        0.23438,
        104.812,
        4.75,
        109.328,
        0.46875,
        105.047,
        4.98438,
        109.562,
        0.70312,
        105.281,
        5.21875,
        109.797,
        0.9375,
        105.516,
        5.45312,
        110.031,
        1.17188,
        105.75,
        5.6875,
        110.266,
        1.40625,
        105.984,
        5.92188,
        110.5,
        1.64062,
        106.219,
        6.15625,
        110.734
    ],
    "ImageOrientationPatientDICOM": [
        0.99889,
        0.00180867,
        0.0470666,
        2.33007e-10,
        0.999262,
        -0.0383995
    ],
    "ImageOrientationText": "Tra>Sag(2.7)>Cor(-2.2)",
    "InPlanePhaseEncodingDirectionDICOM": "ROW",
    "BidsGuess": [
        "anat",
        "_acq-tir2_run-3_FLAIR"
    ],
    "ConversionSoftware": "dcm2niix",
    "ConversionSoftwareVersion": "v1.0.20231010"
}