{
    "Modality": "MR",
    "MagneticFieldStrength": 3,
    "ImagingFrequency": 123.254881,
    "Manufacturer": "Siemens",
    "ManufacturersModelName": "Prisma_fit",
    "BodyPartExamined": "BRAIN",
    "PatientPosition": "HFS",
    "ProcedureStepDescription": "Julius_Fridriksson_Prisma^Julius_Fridriksson_Prisma",
    "SoftwareVersions": "syngo MR E11",
    "MRAcquisitionType": "2D",
    "SeriesDescription": "dwi_Jens_20Ch_b0_PA",
    "ProtocolName": "dwi_Jens_20Ch_b0_PA",
    "ScanningSequence": "EP",
    "SequenceVariant": "SK\\SS",
    "ScanOptions": "PFP\\FS",
    "SequenceName": "ep_b0",
    "ImageType": [
        "ORIGINAL",
        "PRIMARY",
        "DIFFUSION",
        "NONE",
        "MB",
        "ND",
        "MOSAIC"
    ],
    "NonlinearGradientCorrection": false,
    "ImageComments": "Unaliased MB2/PE4 SENSE1",
    "SliceThickness": 3,
    "SpacingBetweenSlices": 3,
    "EchoTime": 0.081,
    "RepetitionTime": 3.2,
    "FlipAngle": 90,
    "PartialFourier": 0.875,
    "BaseResolution": 74,
    "ShimSetting": [
        6767,
        -6604,
        2510,
        197,
        165,
        -206,
        205,
        84
    ],
    "DiffusionScheme": "Monopolar",
    "TxRefAmp": 280.893,
    "PhaseResolution": 1,
    "ReceiveCoilName": "HeadNeck_20",
    "ReceiveCoilActiveElements": "HE1-4;NE1,2",
    "PulseSequenceDetails": "%CustomerSeq%\\cmrr_mbep2d_diff",
    "WipMemBlock": "045c434c-c2fd-443e-9bf0-f8b91154386c||Sequence: R016 ve11c/master r/e634e98; Dec 19 2017 11:11:25 by eja",
    "RefLinesPE": 32,
    "CoilCombinationMethod": "Sum of Squares",
    "ConsistencyInfo": "N4_VE11C_LATEST_20160120",
    "MatrixCoilMode": "GRAPPA",
    "MultibandAccelerationFactor": 2,
    "PercentPhaseFOV": 100,
    "PercentSampling": 100,
    "EchoTrainLength": 35,
    "PhaseEncodingSteps": 69,
    "AcquisitionMatrixPE": 74,
    "ReconMatrixPE": 74,
    "BandwidthPerPixelPhaseEncode": 36.036,
    "ParallelReductionFactorInPlane": 2,
    "EffectiveEchoSpacing": 0.000375,
    "DerivedVendorReportedEchoSpacing": 0.000750001,
    "TotalReadoutTime": 0.027375,
    "PixelBandwidth": 1500,
    "DwellTime": 4.5e-06,
    "PhaseEncodingDirection": "j",
    "SliceTiming": [
        0,
        1.665,
        0.15,
        1.815,
        0.3025,
        1.9675,
        0.4525,
        2.1175,
        0.605,
        2.27,
        0.755,
        2.4225,
        0.9075,
        2.5725,
        1.06,
        2.725,
        1.21,
        2.875,
        1.3625,
        3.0275,
        1.5125,
        0,
        1.665,
        0.15,
        1.815,
        0.3025,
        1.9675,
        0.4525,
        2.1175,
        0.605,
        2.27,
        0.755,
        2.4225,
        0.9075,
        2.5725,
        1.06,
        2.725,
        1.21,
        2.875,
        1.3625,
        3.0275,
        1.5125
    ],
    "ImageOrientationPatientDICOM": [
        0.99801,
        0.0115503,
        -0.0619935,
        -0.0174204,
        0.995325,
        -0.0950001
    ],
    "ImageOrientationText": "Tra>Cor(-5.5)>Sag(-3.5)",
    "InPlanePhaseEncodingDirectionDICOM": "COL",
    "BidsGuess": [
        "dwi",
        "_acq-epb0p2m2_dir-PA_run-22_dwi"
    ],
    "ConversionSoftware": "dcm2niix",
    "ConversionSoftwareVersion": "v1.0.20231010"
}