{
    "Modality": "MR",
    "MagneticFieldStrength": 3,
    "ImagingFrequency": 123.256112,
    "Manufacturer": "Siemens",
    "ManufacturersModelName": "Prisma_fit",
    "BodyPartExamined": "BRAIN",
    "PatientPosition": "HFS",
    "ProcedureStepDescription": "Research^Julius_Fridriksson_Prisma",
    "SoftwareVersions": "syngo MR D13D",
    "MRAcquisitionType": "2D",
    "SeriesDescription": "DTIrev_dir42_PA",
    "ProtocolName": "DTIrev_dir42_PA",
    "ScanningSequence": "EP",
    "SequenceVariant": "SK\\SS",
    "ScanOptions": "PFP",
    "SequenceName": "ep_b5#1",
    "ImageType": [
        "ORIGINAL",
        "PRIMARY",
        "DIFFUSION",
        "NONE",
        "MB",
        "ND",
        "MOSAIC"
    ],
    "NonlinearGradientCorrection": false,
    "ImageComments": "Unaliased MB2/PE2 SENSE1",
    "SliceThickness": 1.5,
    "SpacingBetweenSlices": 1.5,
    "EchoTime": 0.08,
    "RepetitionTime": 5.25,
    "FlipAngle": 90,
    "PartialFourier": 0.75,
    "BaseResolution": 140,
    "ShimSetting": [
        6781,
        -6627,
        2465,
        243,
        -51,
        0,
        270,
        134
    ],
    "DiffusionScheme": "Monopolar",
    "TxRefAmp": 340.687,
    "PhaseResolution": 1,
    "ReceiveCoilName": "HeadNeck_20",
    "ReceiveCoilActiveElements": "HE1-4;NE1,2",
    "PulseSequenceDetails": "%CustomerSeq%\\cmrr_mbep2d_diff",
    "WipMemBlock": "8701e242-659b-48fc-a8d8-4226a1fea78f||Sequence: vd13d/master r/0d08c20; Mar  9 2017 09:29:16 by eja",
    "CoilCombinationMethod": "Sum of Squares",
    "ConsistencyInfo": "N4_VD13D_LATEST_20130810",
    "MatrixCoilMode": "SENSE",
    "MultibandAccelerationFactor": 2,
    "PercentPhaseFOV": 100,
    "PercentSampling": 100,
    "EchoTrainLength": 105,
    "PhaseEncodingSteps": 105,
    "AcquisitionMatrixPE": 140,
    "ReconMatrixPE": 140,
    "BandwidthPerPixelPhaseEncode": 10.204,
    "EffectiveEchoSpacing": 0.000700006,
    "DerivedVendorReportedEchoSpacing": 0.000700006,
    "TotalReadoutTime": 0.0973008,
    "PixelBandwidth": 1785,
    "DwellTime": 2e-06,
    "PhaseEncodingDirection": "j",
    "SliceTiming": [
        0,
        2.485,
        4.9675,
        2.2225,
        4.7075,
        1.96,
        4.445,
        1.7,
        4.1825,
        1.4375,
        3.9225,
        1.1775,
        3.66,
        0.915,
        3.4,
        0.6525,
        3.1375,
        0.3925,
        2.875,
        0.13,
        2.615,
        5.0975,
        2.3525,
        4.8375,
        2.0925,
        4.575,
        1.83,
        4.315,
        1.5675,
        4.0525,
        1.3075,
        3.79,
        1.045,
        3.53,
        0.785,
        3.2675,
        0.5225,
        3.0075,
        0.26,
        2.745,
        0,
        2.485,
        4.9675,
        2.2225,
        4.7075,
        1.96,
        4.445,
        1.7,
        4.1825,
        1.4375,
        3.9225,
        1.1775,
        3.66,
        0.915,
        3.4,
        0.6525,
        3.1375,
        0.3925,
        2.875,
        0.13,
        2.615,
        5.0975,
        2.3525,
        4.8375,
        2.0925,
        4.575,
        1.83,
        4.315,
        1.5675,
        4.0525,
        1.3075,
        3.79,
        1.045,
        3.53,
        0.785,
        3.2675,
        0.5225,
        3.0075,
        0.26,
        2.745
    ],
    "ImageOrientationPatientDICOM": [
        0.999962,
        -0.00866514,
        0.00103325,
        0.00872653,
        0.992928,
        -0.118399
    ],
    "ImageOrientationText": "Tra>Cor(-6.8)",
    "InPlanePhaseEncodingDirectionDICOM": "COL",
    "BidsGuess": [
        "dwi",
        "_acq-epb5m2_dir-PA_run-7_dwi"
    ],
    "ConversionSoftware": "dcm2niix",
    "ConversionSoftwareVersion": "v1.0.20231010"
}