{
    "Modality": "MR",
    "MagneticFieldStrength": 3,
    "ImagingFrequency": 123.248139,
    "Manufacturer": "Siemens",
    "ManufacturersModelName": "TrioTim",
    "PatientPosition": "HFS",
    "ProcedureStepDescription": "Research^Julius Fridriksson",
    "SoftwareVersions": "syngo MR B17",
    "MRAcquisitionType": "2D",
    "SeriesDescription": "Rest_ep2d_fid_physio_CR",
    "ProtocolName": "Rest_ep2d_fid_physio_CR",
    "ScanningSequence": "EP",
    "SequenceVariant": "SK",
    "ScanOptions": "FS",
    "SequenceName": "epfid_p2d1_68",
    "ImageType": [
        "ORIGINAL",
        "PRIMARY",
        "M",
        "ND",
        "MOSAIC"
    ],
    "NonlinearGradientCorrection": false,
    "SliceThickness": 3,
    "SpacingBetweenSlices": 3.3,
    "EchoTime": 0.03,
    "RepetitionTime": 2,
    "FlipAngle": 90,
    "PartialFourier": 1,
    "BaseResolution": 68,
    "ShimSetting": [
        10696,
        -10659,
        3040,
        903,
        -283,
        673,
        67,
        374
    ],
    "TxRefAmp": 310.85,
    "PhaseResolution": 1,
    "ReceiveCoilName": "HeadMatrix",
    "CoilString": "T:HEA;HEP",
    "PulseSequenceDetails": "%CustomerSeq%\\ep2d_fid_physio",
    "RefLinesPE": 34,
    "CoilCombinationMethod": "Sum of Squares",
    "MatrixCoilMode": "GRAPPA",
    "PercentPhaseFOV": 100,
    "PercentSampling": 100,
    "PhaseEncodingSteps": 68,
    "AcquisitionMatrixPE": 68,
    "ReconMatrixPE": 68,
    "BandwidthPerPixelPhaseEncode": 60.024,
    "ParallelReductionFactorInPlane": 2,
    "EffectiveEchoSpacing": 0.000245,
    "DerivedVendorReportedEchoSpacing": 0.00049,
    "TotalReadoutTime": 0.016415,
    "PixelBandwidth": 2451,
    "DwellTime": 3e-06,
    "PhaseEncodingDirection": "j-",
    "SliceTiming": [
        0,
        0.055,
        0.11,
        0.1625,
        0.2175,
        0.2725,
        0.325,
        0.38,
        0.435,
        0.49,
        0.5425,
        0.5975,
        0.6525,
        0.705,
        0.76,
        0.815,
        0.87,
        0.9225,
        0.9775,
        1.0325,
        1.085,
        1.14,
        1.195,
        1.2475,
        1.3025,
        1.3575,
        1.4125,
        1.465,
        1.52,
        1.575,
        1.6275,
        1.6825,
        1.7375,
        1.79,
        1.845,
        1.9,
        1.955
    ],
    "ImageOrientationPatientDICOM": [
        0.999851,
        -0.00258078,
        -0.0170621,
        -1.10732e-08,
        0.988753,
        -0.149558
    ],
    "ImageOrientationText": "Tra>Cor(-8.6)>Sag(-1.0)",
    "InPlanePhaseEncodingDirectionDICOM": "COL",
    "BidsGuess": [
        "func",
        "_acq-epfidp2p2_dir-AP_run-3_bold"
    ],
    "ConversionSoftware": "dcm2niix",
    "ConversionSoftwareVersion": "v1.0.20231010"
}