{
    "Modality": "MR",
    "MagneticFieldStrength": 3,
    "ImagingFrequency": 123.256006,
    "Manufacturer": "Siemens",
    "ManufacturersModelName": "Prisma_fit",
    "BodyPartExamined": "BRAIN",
    "PatientPosition": "HFS",
    "ProcedureStepDescription": "Research^Julius_Fridriksson_Prisma",
    "SoftwareVersions": "syngo MR D13D",
    "MRAcquisitionType": "2D",
    "SeriesDescription": "DKI1_TE82_20ch",
    "ProtocolName": "DKI1_TE82_20ch",
    "ScanningSequence": "EP",
    "SequenceVariant": "SK\\SP",
    "ScanOptions": "FS",
    "SequenceName": "*ep_b0",
    "ImageType": [
        "ORIGINAL",
        "PRIMARY",
        "DIFFUSION",
        "NONE",
        "ND",
        "MOSAIC"
    ],
    "NonlinearGradientCorrection": false,
    "SliceThickness": 2.7,
    "SpacingBetweenSlices": 2.7,
    "EchoTime": 0.082,
    "RepetitionTime": 5.6,
    "SpoilingState": true,
    "FlipAngle": 90,
    "PartialFourier": 1,
    "BaseResolution": 82,
    "ShimSetting": [
        6796,
        -6602,
        2444,
        273,
        -34,
        -18,
        246,
        15
    ],
    "DiffusionScheme": "Bipolar",
    "TxRefAmp": 258.894,
    "PhaseResolution": 1,
    "ReceiveCoilName": "HeadNeck_20",
    "ReceiveCoilActiveElements": "HE1-4",
    "PulseSequenceDetails": "%SiemensSeq%\\ep2d_diff",
    "RefLinesPE": 24,
    "CoilCombinationMethod": "Adaptive Combine",
    "ConsistencyInfo": "N4_VD13D_LATEST_20130810",
    "MatrixCoilMode": "GRAPPA",
    "PercentPhaseFOV": 100,
    "PercentSampling": 100,
    "EchoTrainLength": 41,
    "PhaseEncodingSteps": 82,
    "AcquisitionMatrixPE": 82,
    "ReconMatrixPE": 82,
    "BandwidthPerPixelPhaseEncode": 26.226,
    "ParallelReductionFactorInPlane": 2,
    "EffectiveEchoSpacing": 0.000465001,
    "DerivedVendorReportedEchoSpacing": 0.000930002,
    "TotalReadoutTime": 0.0376651,
    "PixelBandwidth": 1355,
    "DwellTime": 4.5e-06,
    "PhaseEncodingDirection": "j-",
    "SliceTiming": [
        0,
        2.8525,
        0.1225,
        2.975,
        0.2475,
        3.1,
        0.3725,
        3.2225,
        0.495,
        3.3475,
        0.62,
        3.4725,
        0.7425,
        3.595,
        0.8675,
        3.72,
        0.9925,
        3.8425,
        1.115,
        3.9675,
        1.24,
        4.0925,
        1.3625,
        4.215,
        1.4875,
        4.34,
        1.6125,
        4.4625,
        1.735,
        4.5875,
        1.86,
        4.7125,
        1.9825,
        4.835,
        2.1075,
        4.96,
        2.2325,
        5.0825,
        2.355,
        5.2075,
        2.48,
        5.33,
        2.6025,
        5.455,
        2.7275
    ],
    "ImageOrientationPatientDICOM": [
        1,
        0,
        0,
        0,
        0.973579,
        -0.228351
    ],
    "ImageOrientationText": "Tra>Cor(-13.2)",
    "InPlanePhaseEncodingDirectionDICOM": "COL",
    "BidsGuess": [
        "dwi",
        "_acq-epb0p2_dir-AP_run-4_dwi"
    ],
    "ConversionSoftware": "dcm2niix",
    "ConversionSoftwareVersion": "v1.0.20231010"
}