{
    "Modality": "MR",
    "MagneticFieldStrength": 3,
    "ImagingFrequency": 123.256017,
    "Manufacturer": "Siemens",
    "ManufacturersModelName": "Prisma_fit",
    "BodyPartExamined": "BRAIN",
    "PatientPosition": "HFS",
    "ProcedureStepDescription": "Research^Julius_Fridriksson_Prisma",
    "SoftwareVersions": "syngo MR D13D",
    "MRAcquisitionType": "2D",
    "SeriesDescription": "DKIB0_TE82_20ch",
    "ProtocolName": "DKIB0_TE82_20ch",
    "ScanningSequence": "EP",
    "SequenceVariant": "SK\\SP",
    "ScanOptions": "FS",
    "SequenceName": "*ep_b0",
    "ImageType": [
        "ORIGINAL",
        "PRIMARY",
        "DIFFUSION",
        "NONE",
        "ND"
    ],
    "NonlinearGradientCorrection": false,
    "SliceThickness": 2.7,
    "SpacingBetweenSlices": 2.7,
    "EchoTime": 0.082,
    "RepetitionTime": 5.6,
    "SpoilingState": true,
    "FlipAngle": 90,
    "PartialFourier": 1,
    "BaseResolution": 82,
    "ShimSetting": [
        6796,
        -6602,
        2444,
        273,
        -34,
        -18,
        246,
        15
    ],
    "DiffusionScheme": "Bipolar",
    "TxRefAmp": 258.894,
    "PhaseResolution": 1,
    "ReceiveCoilName": "HeadNeck_20",
    "ReceiveCoilActiveElements": "HE1-4",
    "PulseSequenceDetails": "%SiemensSeq%\\ep2d_diff",
    "RefLinesPE": 24,
    "CoilCombinationMethod": "Adaptive Combine",
    "ConsistencyInfo": "N4_VD13D_LATEST_20130810",
    "MatrixCoilMode": "GRAPPA",
    "PercentPhaseFOV": 100,
    "PercentSampling": 100,
    "EchoTrainLength": 41,
    "PhaseEncodingSteps": 82,
    "AcquisitionMatrixPE": 82,
    "ReconMatrixPE": 82,
    "BandwidthPerPixelPhaseEncode": 26.226,
    "ParallelReductionFactorInPlane": 2,
    "EffectiveEchoSpacing": 0.000465001,
    "DerivedVendorReportedEchoSpacing": 0.000930002,
    "TotalReadoutTime": 0.0376651,
    "PixelBandwidth": 1355,
    "DwellTime": 4.5e-06,
    "PhaseEncodingDirection": "j-",
    "SliceTiming": [
        0,
        2.85938,
        0.125,
        2.96875,
        0.25,
        3.09375,
        0.375,
        3.21875,
        0.5,
        3.34375,
        0.625,
        3.46875,
        0.75,
        3.59375,
        0.875,
        3.71875,
        1,
        3.84375,
        1.10938,
        3.96875,
        1.23438,
        4.09375,
        1.35938,
        4.21875,
        1.48438,
        4.34375,
        1.60938,
        4.46875,
        1.73438,
        4.59375,
        1.85938,
        4.71875,
        1.98438,
        4.84375,
        2.10938,
        4.96875,
        2.23438,
        5.07812,
        2.35938,
        5.20312,
        2.48438,
        5.32812,
        2.60938,
        5.45312,
        2.73438
    ],
    "ImageOrientationPatientDICOM": [
        1,
        0,
        0,
        0,
        0.973579,
        -0.228351
    ],
    "ImageOrientationText": "Tra>Cor(-13.2)",
    "InPlanePhaseEncodingDirectionDICOM": "COL",
    "BidsGuess": [
        "dwi",
        "_acq-epb0p2_dir-AP_run-8_dwi"
    ],
    "ConversionSoftware": "dcm2niix",
    "ConversionSoftwareVersion": "v1.0.20231010"
}