{
    "Modality": "MR",
    "MagneticFieldStrength": 3,
    "ImagingFrequency": 123.248067,
    "Manufacturer": "Siemens",
    "ManufacturersModelName": "TrioTim",
    "PatientPosition": "HFS",
    "ProcedureStepDescription": "Research^Julius Fridriksson",
    "SoftwareVersions": "syngo MR B17",
    "MRAcquisitionType": "2D",
    "SeriesDescription": "Rest_ep2d_fid_physio_CR",
    "ProtocolName": "Rest_ep2d_fid_physio_CR",
    "ScanningSequence": "EP",
    "SequenceVariant": "SK",
    "ScanOptions": "FS",
    "SequenceName": "epfid_p2d1_68",
    "ImageType": [
        "ORIGINAL",
        "PRIMARY",
        "M",
        "ND",
        "MOSAIC"
    ],
    "NonlinearGradientCorrection": false,
    "SliceThickness": 3,
    "SpacingBetweenSlices": 3.3,
    "EchoTime": 0.03,
    "RepetitionTime": 2,
    "FlipAngle": 90,
    "PartialFourier": 1,
    "BaseResolution": 68,
    "ShimSetting": [
        10722,
        -10751,
        3200,
        721,
        -154,
        -136,
        520,
        201
    ],
    "TxRefAmp": 345.246,
    "PhaseResolution": 1,
    "ReceiveCoilName": "HeadMatrix",
    "CoilString": "T:HEA;HEP",
    "PulseSequenceDetails": "%CustomerSeq%\\ep2d_fid_physio",
    "RefLinesPE": 34,
    "CoilCombinationMethod": "Sum of Squares",
    "MatrixCoilMode": "GRAPPA",
    "PercentPhaseFOV": 100,
    "PercentSampling": 100,
    "PhaseEncodingSteps": 68,
    "AcquisitionMatrixPE": 68,
    "ReconMatrixPE": 68,
    "BandwidthPerPixelPhaseEncode": 60.024,
    "ParallelReductionFactorInPlane": 2,
    "EffectiveEchoSpacing": 0.000245,
    "DerivedVendorReportedEchoSpacing": 0.00049,
    "TotalReadoutTime": 0.016415,
    "PixelBandwidth": 2451,
    "DwellTime": 3e-06,
    "PhaseEncodingDirection": "j-",
    "SliceTiming": [
        0,
        0.055,
        0.1075,
        0.1625,
        0.2175,
        0.27,
        0.325,
        0.38,
        0.4325,
        0.4875,
        0.5425,
        0.5975,
        0.65,
        0.705,
        0.76,
        0.8125,
        0.8675,
        0.9225,
        0.9775,
        1.03,
        1.085,
        1.14,
        1.1925,
        1.2475,
        1.3025,
        1.355,
        1.41,
        1.465,
        1.52,
        1.5725,
        1.6275,
        1.6825,
        1.735,
        1.79,
        1.845,
        1.8975,
        1.9525
    ],
    "ImageOrientationPatientDICOM": [
        0.999999,
        0.000151476,
        0.00173207,
        6.04923e-08,
        0.996195,
        -0.0871559
    ],
    "ImageOrientationText": "Tra>Cor(-5.0)>Sag(0.1)",
    "InPlanePhaseEncodingDirectionDICOM": "COL",
    "BidsGuess": [
        "func",
        "_acq-epfidp2p2_dir-AP_run-3_bold"
    ],
    "ConversionSoftware": "dcm2niix",
    "ConversionSoftwareVersion": "v1.0.20231010"
}