{
    "Modality": "MR",
    "MagneticFieldStrength": 3,
    "ImagingFrequency": 123.256659,
    "Manufacturer": "Siemens",
    "ManufacturersModelName": "Prisma_fit",
    "BodyPartExamined": "BRAIN",
    "PatientPosition": "HFS",
    "ProcedureStepDescription": "Research^Julius_Fridriksson_Prisma",
    "SoftwareVersions": "syngo MR D13D",
    "MRAcquisitionType": "2D",
    "SeriesDescription": "DTI_dir56_AP_SBRef",
    "ProtocolName": "DTI_dir56_AP",
    "ScanningSequence": "EP",
    "SequenceVariant": "SK\\SS",
    "ScanOptions": "PFP",
    "SequenceName": "epse2d1_120",
    "ImageType": [
        "ORIGINAL",
        "PRIMARY",
        "M",
        "ND",
        "MOSAIC"
    ],
    "NonlinearGradientCorrection": false,
    "ImageComments": "Single-band reference SENSE1",
    "SliceThickness": 1.8,
    "SpacingBetweenSlices": 1.8,
    "EchoTime": 0.071,
    "RepetitionTime": 3.839,
    "FlipAngle": 90,
    "PartialFourier": 0.75,
    "BaseResolution": 120,
    "ShimSetting": [
        6797,
        -6632,
        2501,
        264,
        44,
        -273,
        221,
        76
    ],
    "TxRefAmp": 301.032,
    "PhaseResolution": 1,
    "ReceiveCoilName": "HeadNeck_20",
    "ReceiveCoilActiveElements": "HE1-4",
    "PulseSequenceDetails": "%CustomerSeq%\\cmrr_mbep2d_diff",
    "WipMemBlock": "a6ddf84b-88e2-46bc-8401-b70604448ab6||Sequence: vd13d/R012 r/ebecea3; May 18 2015 10:01:56 by eja",
    "CoilCombinationMethod": "Sum of Squares",
    "ConsistencyInfo": "N4_VD13D_LATEST_20130810",
    "MatrixCoilMode": "SENSE",
    "PercentPhaseFOV": 100,
    "PercentSampling": 100,
    "EchoTrainLength": 90,
    "PhaseEncodingSteps": 90,
    "AcquisitionMatrixPE": 120,
    "ReconMatrixPE": 120,
    "BandwidthPerPixelPhaseEncode": 12.626,
    "EffectiveEchoSpacing": 0.000660014,
    "DerivedVendorReportedEchoSpacing": 0.000660014,
    "TotalReadoutTime": 0.0785416,
    "PixelBandwidth": 1735,
    "DwellTime": 2.4e-06,
    "PhaseEncodingDirection": "j-",
    "SliceTiming": [
        0,
        0.1125,
        0.225,
        0.3375,
        0.45,
        0.5625,
        0.675,
        0.7875,
        0.9,
        1.0125,
        1.125,
        1.2375,
        1.35,
        1.46,
        1.5725,
        1.685,
        1.7975,
        1.91,
        2.0225,
        2.135,
        2.2475,
        2.36,
        2.4725,
        2.585,
        2.6975,
        2.81,
        2.9225,
        3.0325,
        3.145,
        3.2575,
        3.37,
        3.4825,
        3.595,
        3.7075,
        3.82,
        3.9325,
        4.045,
        4.1575,
        4.27,
        4.3825,
        4.495,
        4.605,
        4.7175,
        4.83,
        4.9425,
        5.055,
        5.1675,
        5.28,
        5.3925,
        5.505,
        5.6175,
        5.73,
        5.8425,
        5.955,
        6.0675,
        6.1775,
        6.29,
        6.4025,
        6.515,
        6.6275,
        6.74,
        6.8525,
        6.965,
        7.0775,
        7.19,
        7.3025,
        7.415,
        7.5275
    ],
    "ImageOrientationPatientDICOM": [
        0.988298,
        -0.10809,
        0.107627,
        0.112602,
        0.99296,
        -0.0367496
    ],
    "ImageOrientationText": "Tra>Sag(5.9)>Cor(-2.8)",
    "InPlanePhaseEncodingDirectionDICOM": "COL",
    "BidsGuess": [
        "dwi",
        "_acq-epse2_dir-AP_run-27_sbref"
    ],
    "ConversionSoftware": "dcm2niix",
    "ConversionSoftwareVersion": "v1.0.20231010"
}