{
    "Modality": "MR",
    "MagneticFieldStrength": 3,
    "ImagingFrequency": 123.256657,
    "Manufacturer": "Siemens",
    "ManufacturersModelName": "Prisma_fit",
    "BodyPartExamined": "BRAIN",
    "PatientPosition": "HFS",
    "ProcedureStepDescription": "Research^Julius_Fridriksson_Prisma",
    "SoftwareVersions": "syngo MR D13D",
    "MRAcquisitionType": "2D",
    "SeriesDescription": "DTI_dir42_PA",
    "ProtocolName": "DTI_dir42_PA",
    "ScanningSequence": "EP",
    "SequenceVariant": "SK\\SS",
    "ScanOptions": "PFP",
    "SequenceName": "ep_b5#1",
    "ImageType": [
        "ORIGINAL",
        "PRIMARY",
        "DIFFUSION",
        "NONE",
        "MB",
        "ND",
        "MOSAIC"
    ],
    "NonlinearGradientCorrection": false,
    "ImageComments": "Unaliased MB2/PE2 SENSE1",
    "SliceThickness": 1.5,
    "SpacingBetweenSlices": 1.5,
    "EchoTime": 0.08,
    "RepetitionTime": 5.25,
    "FlipAngle": 90,
    "PartialFourier": 0.75,
    "BaseResolution": 140,
    "ShimSetting": [
        6797,
        -6632,
        2502,
        271,
        47,
        -276,
        219,
        78
    ],
    "DiffusionScheme": "Monopolar",
    "TxRefAmp": 301.032,
    "PhaseResolution": 1,
    "ReceiveCoilName": "HeadNeck_20",
    "ReceiveCoilActiveElements": "HE1-4",
    "PulseSequenceDetails": "%CustomerSeq%\\cmrr_mbep2d_diff",
    "WipMemBlock": "c15e5e24-db45-41a8-a3a8-d1f9e01c883d||Sequence: vd13d/R012 r/ebecea3; May 18 2015 10:01:56 by eja",
    "CoilCombinationMethod": "Sum of Squares",
    "ConsistencyInfo": "N4_VD13D_LATEST_20130810",
    "MatrixCoilMode": "SENSE",
    "MultibandAccelerationFactor": 2,
    "PercentPhaseFOV": 100,
    "PercentSampling": 100,
    "EchoTrainLength": 105,
    "PhaseEncodingSteps": 105,
    "AcquisitionMatrixPE": 140,
    "ReconMatrixPE": 140,
    "BandwidthPerPixelPhaseEncode": 10.204,
    "EffectiveEchoSpacing": 0.000700006,
    "DerivedVendorReportedEchoSpacing": 0.000700006,
    "TotalReadoutTime": 0.0973008,
    "PixelBandwidth": 1785,
    "DwellTime": 2e-06,
    "PhaseEncodingDirection": "j",
    "SliceTiming": [
        0,
        2.485,
        4.9675,
        2.2225,
        4.7075,
        1.96,
        4.445,
        1.7,
        4.1825,
        1.4375,
        3.9225,
        1.1775,
        3.66,
        0.915,
        3.4,
        0.6525,
        3.1375,
        0.3925,
        2.8775,
        0.13,
        2.615,
        5.1,
        2.3525,
        4.8375,
        2.0925,
        4.575,
        1.83,
        4.315,
        1.57,
        4.0525,
        1.3075,
        3.7925,
        1.045,
        3.53,
        0.785,
        3.2675,
        0.5225,
        3.0075,
        0.2625,
        2.745,
        0,
        2.485,
        4.9675,
        2.2225,
        4.7075,
        1.96,
        4.445,
        1.7,
        4.1825,
        1.4375,
        3.9225,
        1.1775,
        3.66,
        0.915,
        3.4,
        0.6525,
        3.1375,
        0.3925,
        2.8775,
        0.13,
        2.615,
        5.1,
        2.3525,
        4.8375,
        2.0925,
        4.575,
        1.83,
        4.315,
        1.57,
        4.0525,
        1.3075,
        3.7925,
        1.045,
        3.53,
        0.785,
        3.2675,
        0.5225,
        3.0075,
        0.2625,
        2.745
    ],
    "ImageOrientationPatientDICOM": [
        0.988298,
        -0.10809,
        0.107627,
        0.112602,
        0.99296,
        -0.0367493
    ],
    "ImageOrientationText": "Tra>Sag(5.9)>Cor(-2.8)",
    "InPlanePhaseEncodingDirectionDICOM": "COL",
    "BidsGuess": [
        "dwi",
        "_acq-epb5m2_dir-PA_run-26_dwi"
    ],
    "ConversionSoftware": "dcm2niix",
    "ConversionSoftwareVersion": "v1.0.20231010"
}