{
    "Modality": "MR",
    "MagneticFieldStrength": 3,
    "ImagingFrequency": 123.25666,
    "Manufacturer": "Siemens",
    "ManufacturersModelName": "Prisma_fit",
    "BodyPartExamined": "BRAIN",
    "PatientPosition": "HFS",
    "ProcedureStepDescription": "Research^Julius_Fridriksson_Prisma",
    "SoftwareVersions": "syngo MR D13D",
    "MRAcquisitionType": "2D",
    "SeriesDescription": "DTI_dir56_PA_SBRef",
    "ProtocolName": "DTI_dir56_PA",
    "ScanningSequence": "EP",
    "SequenceVariant": "SK\\SS",
    "ScanOptions": "PFP",
    "SequenceName": "epse2d1_120",
    "ImageType": [
        "ORIGINAL",
        "PRIMARY",
        "M",
        "ND",
        "MOSAIC"
    ],
    "NonlinearGradientCorrection": false,
    "ImageComments": "Single-band reference SENSE1",
    "SliceThickness": 1.8,
    "SpacingBetweenSlices": 1.8,
    "EchoTime": 0.071,
    "RepetitionTime": 3.839,
    "FlipAngle": 90,
    "PartialFourier": 0.75,
    "BaseResolution": 120,
    "ShimSetting": [
        6797,
        -6632,
        2501,
        264,
        44,
        -273,
        221,
        76
    ],
    "TxRefAmp": 301.032,
    "PhaseResolution": 1,
    "ReceiveCoilName": "HeadNeck_20",
    "ReceiveCoilActiveElements": "HE1-4",
    "PulseSequenceDetails": "%CustomerSeq%\\cmrr_mbep2d_diff",
    "WipMemBlock": "0543dd68-1587-4996-820b-4a4cde74fec5||Sequence: vd13d/R012 r/ebecea3; May 18 2015 10:01:56 by eja",
    "CoilCombinationMethod": "Sum of Squares",
    "ConsistencyInfo": "N4_VD13D_LATEST_20130810",
    "MatrixCoilMode": "SENSE",
    "PercentPhaseFOV": 100,
    "PercentSampling": 100,
    "EchoTrainLength": 90,
    "PhaseEncodingSteps": 90,
    "AcquisitionMatrixPE": 120,
    "ReconMatrixPE": 120,
    "BandwidthPerPixelPhaseEncode": 12.626,
    "EffectiveEchoSpacing": 0.000660014,
    "DerivedVendorReportedEchoSpacing": 0.000660014,
    "TotalReadoutTime": 0.0785416,
    "PixelBandwidth": 1735,
    "DwellTime": 2.4e-06,
    "PhaseEncodingDirection": "j",
    "SliceTiming": [
        0,
        0.1125,
        0.225,
        0.3375,
        0.45,
        0.5625,
        0.675,
        0.785,
        0.8975,
        1.01,
        1.1225,
        1.235,
        1.3475,
        1.46,
        1.5725,
        1.685,
        1.7975,
        1.91,
        2.0225,
        2.135,
        2.2475,
        2.3575,
        2.47,
        2.5825,
        2.695,
        2.8075,
        2.92,
        3.0325,
        3.145,
        3.2575,
        3.37,
        3.4825,
        3.595,
        3.7075,
        3.8175,
        3.93,
        4.0425,
        4.155,
        4.2675,
        4.38,
        4.4925,
        4.605,
        4.7175,
        4.83,
        4.9425,
        5.055,
        5.1675,
        5.28,
        5.39,
        5.5025,
        5.615,
        5.7275,
        5.84,
        5.9525,
        6.065,
        6.1775,
        6.29,
        6.4025,
        6.515,
        6.6275,
        6.74,
        6.8525,
        6.9625,
        7.075,
        7.1875,
        7.3,
        7.4125,
        7.525
    ],
    "ImageOrientationPatientDICOM": [
        0.988298,
        -0.10809,
        0.107627,
        0.112602,
        0.99296,
        -0.0367493
    ],
    "ImageOrientationText": "Tra>Sag(5.9)>Cor(-2.8)",
    "InPlanePhaseEncodingDirectionDICOM": "COL",
    "BidsGuess": [
        "dwi",
        "_acq-epse2_dir-PA_run-30_sbref"
    ],
    "ConversionSoftware": "dcm2niix",
    "ConversionSoftwareVersion": "v1.0.20231010"
}