{
    "Modality": "MR",
    "MagneticFieldStrength": 3,
    "ImagingFrequency": 123.256659,
    "Manufacturer": "Siemens",
    "ManufacturersModelName": "Prisma_fit",
    "BodyPartExamined": "BRAIN",
    "PatientPosition": "HFS",
    "ProcedureStepDescription": "Research^Julius_Fridriksson_Prisma",
    "SoftwareVersions": "syngo MR D13D",
    "MRAcquisitionType": "2D",
    "SeriesDescription": "DTI_dir56_AP",
    "ProtocolName": "DTI_dir56_AP",
    "ScanningSequence": "EP",
    "SequenceVariant": "SK\\SS",
    "ScanOptions": "PFP",
    "SequenceName": "ep_b5#1",
    "ImageType": [
        "ORIGINAL",
        "PRIMARY",
        "DIFFUSION",
        "NONE",
        "MB",
        "ND",
        "MOSAIC"
    ],
    "NonlinearGradientCorrection": false,
    "ImageComments": "Unaliased MB2/PE2 SENSE1",
    "SliceThickness": 1.8,
    "SpacingBetweenSlices": 1.8,
    "EchoTime": 0.071,
    "RepetitionTime": 3.839,
    "FlipAngle": 90,
    "PartialFourier": 0.75,
    "BaseResolution": 120,
    "ShimSetting": [
        6797,
        -6632,
        2501,
        264,
        44,
        -273,
        221,
        76
    ],
    "DiffusionScheme": "Monopolar",
    "TxRefAmp": 301.032,
    "PhaseResolution": 1,
    "ReceiveCoilName": "HeadNeck_20",
    "ReceiveCoilActiveElements": "HE1-4",
    "PulseSequenceDetails": "%CustomerSeq%\\cmrr_mbep2d_diff",
    "WipMemBlock": "a6ddf84b-88e2-46bc-8401-b70604448ab6||Sequence: vd13d/R012 r/ebecea3; May 18 2015 10:01:56 by eja",
    "CoilCombinationMethod": "Sum of Squares",
    "ConsistencyInfo": "N4_VD13D_LATEST_20130810",
    "MatrixCoilMode": "SENSE",
    "MultibandAccelerationFactor": 2,
    "PercentPhaseFOV": 100,
    "PercentSampling": 100,
    "EchoTrainLength": 90,
    "PhaseEncodingSteps": 90,
    "AcquisitionMatrixPE": 120,
    "ReconMatrixPE": 120,
    "BandwidthPerPixelPhaseEncode": 12.626,
    "EffectiveEchoSpacing": 0.000660014,
    "DerivedVendorReportedEchoSpacing": 0.000660014,
    "TotalReadoutTime": 0.0785416,
    "PixelBandwidth": 1735,
    "DwellTime": 2.4e-06,
    "PhaseEncodingDirection": "j-",
    "SliceTiming": [
        0,
        2.8075,
        1.7975,
        0.7875,
        3.595,
        2.585,
        1.5725,
        0.5625,
        3.37,
        2.36,
        1.3475,
        0.3375,
        3.145,
        2.135,
        1.1225,
        0.1125,
        2.92,
        1.91,
        0.9,
        3.7075,
        2.695,
        1.685,
        0.675,
        3.4825,
        2.4725,
        1.46,
        0.45,
        3.2575,
        2.2475,
        1.235,
        0.225,
        3.0325,
        2.0225,
        1.0125,
        0,
        2.8075,
        1.7975,
        0.7875,
        3.595,
        2.585,
        1.5725,
        0.5625,
        3.37,
        2.36,
        1.3475,
        0.3375,
        3.145,
        2.135,
        1.1225,
        0.1125,
        2.92,
        1.91,
        0.9,
        3.7075,
        2.695,
        1.685,
        0.675,
        3.4825,
        2.4725,
        1.46,
        0.45,
        3.2575,
        2.2475,
        1.235,
        0.225,
        3.0325,
        2.0225,
        1.0125
    ],
    "ImageOrientationPatientDICOM": [
        0.988298,
        -0.10809,
        0.107627,
        0.112602,
        0.99296,
        -0.0367496
    ],
    "ImageOrientationText": "Tra>Sag(5.9)>Cor(-2.8)",
    "InPlanePhaseEncodingDirectionDICOM": "COL",
    "BidsGuess": [
        "dwi",
        "_acq-epb5m2_dir-AP_run-28_dwi"
    ],
    "ConversionSoftware": "dcm2niix",
    "ConversionSoftwareVersion": "v1.0.20231010"
}