{
    "Modality": "MR",
    "MagneticFieldStrength": 3,
    "ImagingFrequency": 123.254066,
    "Manufacturer": "Siemens",
    "ManufacturersModelName": "Prisma_fit",
    "BodyPartExamined": "BRAIN",
    "PatientPosition": "HFS",
    "ProcedureStepDescription": "JohnsonNorris^HOPES",
    "SoftwareVersions": "syngo MR E11",
    "MRAcquisitionType": "2D",
    "SeriesDescription": "dwi_rev_SBRef",
    "ProtocolName": "dwi_rev",
    "ScanningSequence": "EP",
    "SequenceVariant": "SK\\SS",
    "ScanOptions": "FS",
    "SequenceName": "epse2d1_100",
    "ImageType": [
        "ORIGINAL",
        "PRIMARY",
        "M",
        "ND",
        "MOSAIC"
    ],
    "NonlinearGradientCorrection": false,
    "ImageComments": "Single-band reference SENSE1",
    "SliceThickness": 2.2,
    "SpacingBetweenSlices": 2.2,
    "EchoTime": 0.103,
    "RepetitionTime": 4.5,
    "FlipAngle": 90,
    "PartialFourier": 1,
    "BaseResolution": 100,
    "ShimSetting": [
        6813,
        -6592,
        2499,
        196,
        -53,
        -160,
        212,
        113
    ],
    "TxRefAmp": 275.255,
    "PhaseResolution": 1,
    "ReceiveCoilName": "HeadNeck_20",
    "ReceiveCoilActiveElements": "HE1-4",
    "PulseSequenceDetails": "%CustomerSeq%\\cmrr_mbep2d_diff",
    "WipMemBlock": "0745b816-bce3-41f6-b70b-96e8ffbc1f0d||Sequence: R016 ve11c/master r/e634e98; Dec 19 2017 11:11:25 by eja",
    "CoilCombinationMethod": "Sum of Squares",
    "ConsistencyInfo": "N4_VE11C_LATEST_20160120",
    "MatrixCoilMode": "SENSE",
    "PercentPhaseFOV": 100,
    "PercentSampling": 100,
    "EchoTrainLength": 100,
    "PhaseEncodingSteps": 100,
    "AcquisitionMatrixPE": 100,
    "ReconMatrixPE": 100,
    "BandwidthPerPixelPhaseEncode": 14.706,
    "EffectiveEchoSpacing": 0.000679995,
    "DerivedVendorReportedEchoSpacing": 0.000679995,
    "TotalReadoutTime": 0.0673195,
    "PixelBandwidth": 1665,
    "DwellTime": 3e-06,
    "PhaseEncodingDirection": "j",
    "SliceTiming": [
        0,
        0.155,
        0.31,
        0.4625,
        0.6175,
        0.7725,
        0.9275,
        1.0825,
        1.235,
        1.39,
        1.545,
        1.7,
        1.855,
        2.0075,
        2.1625,
        2.3175,
        2.4725,
        2.6275,
        2.78,
        2.935,
        3.09,
        3.245,
        3.3975,
        3.5525,
        3.7075,
        3.8625,
        4.0175,
        4.17,
        4.325,
        4.48,
        4.635,
        4.79,
        4.9425,
        5.0975,
        5.2525,
        5.4075,
        5.5625,
        5.715,
        5.87,
        6.025,
        6.18,
        6.335,
        6.4875,
        6.6425,
        6.7975,
        6.9525,
        7.105,
        7.26,
        7.415,
        7.57,
        7.725,
        7.8775,
        8.0325,
        8.1875,
        8.3425,
        8.4975,
        8.65,
        8.805
    ],
    "ImageOrientationPatientDICOM": [
        1,
        0,
        0,
        0,
        0.972776,
        -0.231748
    ],
    "ImageOrientationText": "Tra>Cor(-13.4)",
    "InPlanePhaseEncodingDirectionDICOM": "COL",
    "BidsGuess": [
        "dwi",
        "_acq-epse2_dir-PA_run-7_sbref"
    ],
    "ConversionSoftware": "dcm2niix",
    "ConversionSoftwareVersion": "v1.0.20231010"
}