{
    "Modality": "MR",
    "MagneticFieldStrength": 3,
    "ImagingFrequency": 123.256753,
    "Manufacturer": "Siemens",
    "ManufacturersModelName": "Prisma_fit",
    "BodyPartExamined": "BRAIN",
    "PatientPosition": "HFS",
    "ProcedureStepDescription": "Research^Julius_Fridriksson_Prisma",
    "SoftwareVersions": "syngo MR D13D",
    "MRAcquisitionType": "2D",
    "SeriesDescription": "fMRIsparse10minR1",
    "ProtocolName": "fMRIsparse10minR1",
    "ScanningSequence": "EP",
    "SequenceVariant": "SK",
    "ScanOptions": "FS",
    "SequenceName": "*epfid2d1_64",
    "ImageType": [
        "ORIGINAL",
        "PRIMARY",
        "M",
        "ND",
        "MOSAIC"
    ],
    "NonlinearGradientCorrection": false,
    "SliceThickness": 3.2,
    "SpacingBetweenSlices": 3.2,
    "EchoTime": 0.03,
    "RepetitionTime": 10,
    "FlipAngle": 90,
    "PartialFourier": 1,
    "BaseResolution": 64,
    "ShimSetting": [
        6778,
        -6652,
        2525,
        140,
        54,
        -185,
        229,
        178
    ],
    "DelayTime": 8,
    "TxRefAmp": 321.501,
    "PhaseResolution": 1,
    "ReceiveCoilName": "HeadNeck_20",
    "ReceiveCoilActiveElements": "HE1-4",
    "PulseSequenceDetails": "%SiemensSeq%\\ep2d_bold",
    "CoilCombinationMethod": "Adaptive Combine",
    "ConsistencyInfo": "N4_VD13D_LATEST_20130810",
    "MatrixCoilMode": "SENSE",
    "PercentPhaseFOV": 100,
    "PercentSampling": 100,
    "EchoTrainLength": 64,
    "PhaseEncodingSteps": 64,
    "AcquisitionMatrixPE": 64,
    "ReconMatrixPE": 64,
    "BandwidthPerPixelPhaseEncode": 31.888,
    "EffectiveEchoSpacing": 0.000489996,
    "DerivedVendorReportedEchoSpacing": 0.000489996,
    "TotalReadoutTime": 0.0308698,
    "PixelBandwidth": 2365,
    "DwellTime": 3.3e-06,
    "PhaseEncodingDirection": "j-",
    "SliceTiming": [
        0,
        0.06,
        0.12,
        0.18,
        0.24,
        0.3,
        0.36,
        0.42,
        0.48,
        0.54,
        0.6,
        0.66,
        0.72,
        0.78,
        0.84,
        0.9,
        0.96,
        1.02,
        1.08,
        1.14,
        1.2,
        1.26,
        1.32,
        1.3775,
        1.4375,
        1.4975,
        1.5575,
        1.6175,
        1.6775,
        1.7375,
        1.7975,
        1.8575,
        1.9175
    ],
    "ImageOrientationPatientDICOM": [
        0.989004,
        0.01274,
        -0.147339,
        -0.0587576,
        0.948124,
        -0.312425
    ],
    "ImageOrientationText": "Tra>Cor(-18.7)>Sag(-7.8)",
    "InPlanePhaseEncodingDirectionDICOM": "COL",
    "BidsGuess": [
        "func",
        "_acq-epfid2_dir-AP_run-2_bold"
    ],
    "ConversionSoftware": "dcm2niix",
    "ConversionSoftwareVersion": "v1.0.20231010"
}