{
    "Modality": "MR",
    "MagneticFieldStrength": 3,
    "ImagingFrequency": 123.256833,
    "Manufacturer": "Siemens",
    "ManufacturersModelName": "Prisma_fit",
    "BodyPartExamined": "BRAIN",
    "PatientPosition": "HFS",
    "ProcedureStepDescription": "Research^Julius_Fridriksson_Prisma",
    "SoftwareVersions": "syngo MR D13D",
    "MRAcquisitionType": "2D",
    "SeriesDescription": "rfMRI_REST_AP",
    "ProtocolName": "rfMRI_REST_AP",
    "ScanningSequence": "EP",
    "SequenceVariant": "SK\\SS",
    "ScanOptions": "FS",
    "SequenceName": "epfid2d1_90",
    "ImageType": [
        "ORIGINAL",
        "PRIMARY",
        "M",
        "MB",
        "ND",
        "MOSAIC"
    ],
    "NonlinearGradientCorrection": false,
    "ImageComments": "Unaliased MB2/PE4",
    "SliceThickness": 2,
    "SpacingBetweenSlices": 2.4,
    "EchoTime": 0.035,
    "RepetitionTime": 1.65,
    "FlipAngle": 72,
    "PartialFourier": 1,
    "BaseResolution": 90,
    "ShimSetting": [
        6793,
        -6558,
        2509,
        245,
        -21,
        -321,
        112,
        107
    ],
    "TxRefAmp": 286.83,
    "PhaseResolution": 1,
    "ReceiveCoilName": "HeadNeck_20",
    "ReceiveCoilActiveElements": "HE1-4",
    "PulseSequenceDetails": "%CustomerSeq%\\cmrr_mbep2d_bold",
    "WipMemBlock": "4bd63e62-9f73-4cda-9c3b-c16e8f486214||Sequence: vd13d/R012 r/ebecea3; May 18 2015 09:53:57 by eja",
    "RefLinesPE": 44,
    "CoilCombinationMethod": "Sum of Squares",
    "ConsistencyInfo": "N4_VD13D_LATEST_20130810",
    "MatrixCoilMode": "GRAPPA",
    "MultibandAccelerationFactor": 2,
    "PercentPhaseFOV": 100,
    "PercentSampling": 100,
    "EchoTrainLength": 45,
    "PhaseEncodingSteps": 90,
    "AcquisitionMatrixPE": 90,
    "ReconMatrixPE": 90,
    "BandwidthPerPixelPhaseEncode": 41.929,
    "ParallelReductionFactorInPlane": 2,
    "EffectiveEchoSpacing": 0.000264998,
    "DerivedVendorReportedEchoSpacing": 0.000529996,
    "TotalReadoutTime": 0.0235848,
    "PixelBandwidth": 2220,
    "DwellTime": 2.5e-06,
    "PhaseEncodingDirection": "j-",
    "SliceTiming": [
        0,
        0.8475,
        0.065,
        0.9125,
        0.13,
        0.9775,
        0.195,
        1.0425,
        0.26,
        1.1075,
        0.325,
        1.1725,
        0.39,
        1.2375,
        0.455,
        1.3025,
        0.52,
        1.3675,
        0.585,
        1.4325,
        0.6525,
        1.5,
        0.7175,
        1.565,
        0.7825,
        0,
        0.8475,
        0.065,
        0.9125,
        0.13,
        0.9775,
        0.195,
        1.0425,
        0.26,
        1.1075,
        0.325,
        1.1725,
        0.39,
        1.2375,
        0.455,
        1.3025,
        0.52,
        1.3675,
        0.585,
        1.4325,
        0.6525,
        1.5,
        0.7175,
        1.565,
        0.7825
    ],
    "ImageOrientationPatientDICOM": [
        0.999947,
        -0.00313819,
        -0.00983469,
        -2.06553e-08,
        0.952674,
        -0.303995
    ],
    "ImageOrientationText": "Tra>Cor(-17.7)>Sag(-0.6)",
    "InPlanePhaseEncodingDirectionDICOM": "COL",
    "BidsGuess": [
        "func",
        "_acq-epfid2p2m2_dir-AP_run-18_bold"
    ],
    "ConversionSoftware": "dcm2niix",
    "ConversionSoftwareVersion": "v1.0.20231010"
}