{
    "Modality": "MR",
    "MagneticFieldStrength": 3,
    "ImagingFrequency": 123.254323,
    "Manufacturer": "Siemens",
    "ManufacturersModelName": "Prisma_fit",
    "BodyPartExamined": "BRAIN",
    "PatientPosition": "HFS",
    "ProcedureStepDescription": "JohnsonNorris^HOPES",
    "SoftwareVersions": "syngo MR E11",
    "MRAcquisitionType": "2D",
    "SeriesDescription": "Rest_fMRI_AP",
    "ProtocolName": "Rest_fMRI_AP",
    "ScanningSequence": "EP",
    "SequenceVariant": "SK\\SS",
    "ScanOptions": "FS",
    "SequenceName": "epfid2d1_90",
    "ImageType": [
        "ORIGINAL",
        "PRIMARY",
        "M",
        "MB",
        "ND",
        "MOSAIC"
    ],
    "NonlinearGradientCorrection": false,
    "ImageComments": "Unaliased MB2/PE4",
    "SliceThickness": 2,
    "SpacingBetweenSlices": 2.4,
    "EchoTime": 0.035,
    "RepetitionTime": 1.65,
    "FlipAngle": 72,
    "PartialFourier": 1,
    "BaseResolution": 90,
    "ShimSetting": [
        6805,
        -6609,
        2562,
        135,
        20,
        -265,
        241,
        44
    ],
    "TxRefAmp": 295.388,
    "PhaseResolution": 1,
    "ReceiveCoilName": "HeadNeck_20",
    "ReceiveCoilActiveElements": "HE1-4;NE1,2",
    "PulseSequenceDetails": "%CustomerSeq%\\cmrr_mbep2d_bold",
    "WipMemBlock": "f2d8640e-c43a-412f-b90d-3a8d6e1ba6d6||Sequence: R016 ve11c/master r/e634e98; Dec 19 2017 11:00:25 by eja",
    "RefLinesPE": 44,
    "CoilCombinationMethod": "Sum of Squares",
    "ConsistencyInfo": "N4_VE11C_LATEST_20160120",
    "MatrixCoilMode": "GRAPPA",
    "MultibandAccelerationFactor": 2,
    "PercentPhaseFOV": 100,
    "PercentSampling": 100,
    "EchoTrainLength": 45,
    "PhaseEncodingSteps": 90,
    "AcquisitionMatrixPE": 90,
    "ReconMatrixPE": 90,
    "BandwidthPerPixelPhaseEncode": 41.929,
    "ParallelReductionFactorInPlane": 2,
    "EffectiveEchoSpacing": 0.000264998,
    "DerivedVendorReportedEchoSpacing": 0.000529996,
    "TotalReadoutTime": 0.0235848,
    "PixelBandwidth": 2220,
    "DwellTime": 2.5e-06,
    "PhaseEncodingDirection": "j-",
    "SliceTiming": [
        0,
        0.8475,
        0.065,
        0.9125,
        0.13,
        0.9775,
        0.195,
        1.0425,
        0.26,
        1.1075,
        0.325,
        1.1725,
        0.3925,
        1.24,
        0.4575,
        1.305,
        0.5225,
        1.37,
        0.5875,
        1.435,
        0.6525,
        1.5,
        0.7175,
        1.565,
        0.7825,
        0,
        0.8475,
        0.065,
        0.9125,
        0.13,
        0.9775,
        0.195,
        1.0425,
        0.26,
        1.1075,
        0.325,
        1.1725,
        0.3925,
        1.24,
        0.4575,
        1.305,
        0.5225,
        1.37,
        0.5875,
        1.435,
        0.6525,
        1.5,
        0.7175,
        1.565,
        0.7825
    ],
    "ImageOrientationPatientDICOM": [
        0.998021,
        0.0141726,
        0.0612603,
        -2.14324e-08,
        0.974267,
        -0.225397
    ],
    "ImageOrientationText": "Tra>Cor(-13.0)>Sag(3.6)",
    "InPlanePhaseEncodingDirectionDICOM": "COL",
    "BidsGuess": [
        "func",
        "_acq-epfid2p2m2_dir-AP_run-11_bold"
    ],
    "ConversionSoftware": "dcm2niix",
    "ConversionSoftwareVersion": "v1.0.20231010"
}