{
    "Modality": "MR",
    "MagneticFieldStrength": 3,
    "ImagingFrequency": 123.247517,
    "Manufacturer": "Siemens",
    "ManufacturersModelName": "TrioTim",
    "PatientPosition": "HFS",
    "ProcedureStepDescription": "Research^Julius Fridriksson",
    "SoftwareVersions": "syngo MR B17",
    "MRAcquisitionType": "2D",
    "SeriesDescription": "restMRI_1850TR_physio",
    "ProtocolName": "restMRI_1850TR_physio",
    "ScanningSequence": "EP",
    "SequenceVariant": "SK",
    "ScanOptions": "FS",
    "SequenceName": "epfid_p2d1_64",
    "ImageType": [
        "ORIGINAL",
        "PRIMARY",
        "M",
        "ND",
        "MOSAIC"
    ],
    "NonlinearGradientCorrection": false,
    "SliceThickness": 3,
    "SpacingBetweenSlices": 3.6,
    "EchoTime": 0.03,
    "RepetitionTime": 1.85,
    "FlipAngle": 75,
    "PartialFourier": 1,
    "BaseResolution": 64,
    "ShimSetting": [
        10713,
        -10606,
        3131,
        585,
        -101,
        -38,
        -260,
        -8
    ],
    "TxRefAmp": 330.697,
    "PhaseResolution": 1,
    "ReceiveCoilName": "HeadMatrix",
    "CoilString": "T:HEA;HEP",
    "PulseSequenceDetails": "%CustomerSeq%\\ep2d_fid_physio",
    "RefLinesPE": 32,
    "CoilCombinationMethod": "Sum of Squares",
    "MatrixCoilMode": "GRAPPA",
    "PercentPhaseFOV": 100,
    "PercentSampling": 100,
    "PhaseEncodingSteps": 64,
    "AcquisitionMatrixPE": 64,
    "ReconMatrixPE": 64,
    "BandwidthPerPixelPhaseEncode": 53.879,
    "ParallelReductionFactorInPlane": 2,
    "EffectiveEchoSpacing": 0.000290002,
    "DerivedVendorReportedEchoSpacing": 0.000580003,
    "TotalReadoutTime": 0.0182701,
    "PixelBandwidth": 2003,
    "DwellTime": 3.9e-06,
    "PhaseEncodingDirection": "j-",
    "SliceTiming": [
        1.8025,
        1.75,
        1.695,
        1.64,
        1.585,
        1.53,
        1.475,
        1.4225,
        1.3675,
        1.3125,
        1.2575,
        1.2025,
        1.1475,
        1.0925,
        1.04,
        0.985,
        0.93,
        0.875,
        0.82,
        0.765,
        0.71,
        0.6575,
        0.6025,
        0.5475,
        0.4925,
        0.4375,
        0.3825,
        0.33,
        0.275,
        0.22,
        0.165,
        0.11,
        0.055,
        0
    ],
    "ImageOrientationPatientDICOM": [
        0.997314,
        -0.0174697,
        -0.0711241,
        -4.17721e-08,
        0.971134,
        -0.238533
    ],
    "ImageOrientationText": "Tra>Cor(-13.8)>Sag(-4.2)",
    "InPlanePhaseEncodingDirectionDICOM": "COL",
    "BidsGuess": [
        "func",
        "_acq-epfidp2p2_dir-AP_run-9_bold"
    ],
    "ConversionSoftware": "dcm2niix",
    "ConversionSoftwareVersion": "v1.0.20231010"
}