{
    "Modality": "MR",
    "MagneticFieldStrength": 3,
    "ImagingFrequency": 123.248047,
    "Manufacturer": "Siemens",
    "ManufacturersModelName": "TrioTim",
    "PatientPosition": "HFS",
    "ProcedureStepDescription": "Research^Julius Fridriksson",
    "SoftwareVersions": "syngo MR B17",
    "MRAcquisitionType": "2D",
    "SeriesDescription": "MUSC_2.7_B0_MCBI_AC_FF",
    "ProtocolName": "MUSC_2.7_B0_MCBI_AC_FF",
    "ScanningSequence": "EP",
    "SequenceVariant": "SK\\SP",
    "ScanOptions": "FS",
    "SequenceName": "*ep_b0",
    "ImageType": [
        "ORIGINAL",
        "PRIMARY",
        "DIFFUSION",
        "NONE",
        "ND"
    ],
    "NonlinearGradientCorrection": false,
    "SliceThickness": 2.7,
    "SpacingBetweenSlices": 2.7,
    "EchoTime": 0.101,
    "RepetitionTime": 6.1,
    "SpoilingState": true,
    "FlipAngle": 90,
    "PartialFourier": 1,
    "BaseResolution": 82,
    "ShimSetting": [
        10730,
        -10706,
        3136,
        566,
        50,
        -222,
        9,
        84
    ],
    "DiffusionScheme": "Monopolar",
    "TxRefAmp": 459.238,
    "PhaseResolution": 1,
    "ReceiveCoilName": "HeadMatrix",
    "CoilString": "T:HEA;HEP",
    "PulseSequenceDetails": "%SiemensSeq%\\ep2d_diff",
    "RefLinesPE": 24,
    "CoilCombinationMethod": "Adaptive Combine",
    "MatrixCoilMode": "GRAPPA",
    "PercentPhaseFOV": 100,
    "PercentSampling": 100,
    "PhaseEncodingSteps": 82,
    "AcquisitionMatrixPE": 82,
    "ReconMatrixPE": 82,
    "BandwidthPerPixelPhaseEncode": 29.744,
    "ParallelReductionFactorInPlane": 2,
    "EffectiveEchoSpacing": 0.000410003,
    "DerivedVendorReportedEchoSpacing": 0.000820005,
    "TotalReadoutTime": 0.0332102,
    "PixelBandwidth": 1355,
    "DwellTime": 4.5e-06,
    "PhaseEncodingDirection": "j-",
    "SliceTiming": [
        0,
        3.13281,
        0.14062,
        3.27344,
        0.27344,
        3.40625,
        0.41406,
        3.53906,
        0.54688,
        3.67969,
        0.67969,
        3.8125,
        0.82031,
        3.95312,
        0.95312,
        4.08594,
        1.09375,
        4.22656,
        1.22656,
        4.35938,
        1.35938,
        4.49219,
        1.5,
        4.63281,
        1.63281,
        4.76562,
        1.77344,
        4.90625,
        1.90625,
        5.03906,
        2.04688,
        5.17188,
        2.17969,
        5.3125,
        2.32031,
        5.44531,
        2.45312,
        5.58594,
        2.58594,
        5.71875,
        2.72656,
        5.85156,
        2.85938,
        5.99219,
        3
    ],
    "ImageOrientationPatientDICOM": [
        1,
        0,
        0,
        0,
        0.986286,
        -0.165048
    ],
    "ImageOrientationText": "Tra>Cor(-9.5)",
    "InPlanePhaseEncodingDirectionDICOM": "COL",
    "BidsGuess": [
        "dwi",
        "_acq-epb0p2_dir-AP_run-16_dwi"
    ],
    "ConversionSoftware": "dcm2niix",
    "ConversionSoftwareVersion": "v1.0.20231010"
}