{
    "Modality": "MR",
    "MagneticFieldStrength": 3,
    "ImagingFrequency": 123.254599,
    "Manufacturer": "Siemens",
    "ManufacturersModelName": "Prisma_fit",
    "BodyPartExamined": "BRAIN",
    "PatientPosition": "HFS",
    "ProcedureStepDescription": "Julius_Fridriksson_Prisma^Julius_Fridriksson_Prisma",
    "SoftwareVersions": "syngo MR E11",
    "MRAcquisitionType": "2D",
    "SeriesDescription": "dwi_Jens_20Ch_b5k",
    "ProtocolName": "dwi_Jens_20Ch_b5k",
    "ScanningSequence": "EP",
    "SequenceVariant": "SK\\SS",
    "ScanOptions": "PFP\\FS",
    "SequenceName": "ep_b0",
    "ImageType": [
        "ORIGINAL",
        "PRIMARY",
        "DIFFUSION",
        "NONE",
        "MB",
        "ND"
    ],
    "NonlinearGradientCorrection": false,
    "ImageComments": "Unaliased MB2/PE4 SENSE1",
    "SliceThickness": 3,
    "SpacingBetweenSlices": 3,
    "EchoTime": 0.081,
    "RepetitionTime": 3.2,
    "FlipAngle": 90,
    "PartialFourier": 0.875,
    "BaseResolution": 74,
    "ShimSetting": [
        6760,
        -6642,
        2471,
        -63,
        44,
        -252,
        197,
        10
    ],
    "DiffusionScheme": "Monopolar",
    "TxRefAmp": 286.361,
    "PhaseResolution": 1,
    "ReceiveCoilName": "HeadNeck_20",
    "ReceiveCoilActiveElements": "HE1-4;NE1,2",
    "PulseSequenceDetails": "%CustomerSeq%\\cmrr_mbep2d_diff",
    "WipMemBlock": "215977c2-909f-4bdb-a1ee-75ed4786aee6||Sequence: R016 ve11c/master r/e634e98; Dec 19 2017 11:11:25 by eja",
    "RefLinesPE": 32,
    "CoilCombinationMethod": "Sum of Squares",
    "ConsistencyInfo": "N4_VE11C_LATEST_20160120",
    "MatrixCoilMode": "GRAPPA",
    "MultibandAccelerationFactor": 2,
    "PercentPhaseFOV": 100,
    "PercentSampling": 100,
    "EchoTrainLength": 35,
    "PhaseEncodingSteps": 69,
    "AcquisitionMatrixPE": 74,
    "ReconMatrixPE": 74,
    "BandwidthPerPixelPhaseEncode": 36.036,
    "ParallelReductionFactorInPlane": 2,
    "EffectiveEchoSpacing": 0.000375,
    "DerivedVendorReportedEchoSpacing": 0.000750001,
    "TotalReadoutTime": 0.027375,
    "PixelBandwidth": 1500,
    "DwellTime": 4.5e-06,
    "PhaseEncodingDirection": "j-",
    "SliceTiming": [
        0,
        1.67188,
        0.15625,
        1.8125,
        0.29688,
        1.96875,
        0.45312,
        2.125,
        0.60938,
        2.26562,
        0.75,
        2.42188,
        0.90625,
        2.57812,
        1.0625,
        2.73438,
        1.21875,
        2.875,
        1.35938,
        3.03125,
        1.51562,
        0,
        1.67188,
        0.15625,
        1.8125,
        0.29688,
        1.96875,
        0.45312,
        2.125,
        0.60938,
        2.26562,
        0.75,
        2.42188,
        0.90625,
        2.57812,
        1.0625,
        2.73438,
        1.21875,
        2.875,
        1.35938,
        3.03125,
        1.51562
    ],
    "ImageOrientationPatientDICOM": [
        0.998091,
        -0.0374914,
        -0.0490892,
        0.0331101,
        0.99564,
        -0.0872088
    ],
    "ImageOrientationText": "Tra>Cor(-4.9)>Sag(-3.0)",
    "InPlanePhaseEncodingDirectionDICOM": "COL",
    "BidsGuess": [
        "dwi",
        "_acq-epb0p2_dir-AP_run-15_dwi"
    ],
    "ConversionSoftware": "dcm2niix",
    "ConversionSoftwareVersion": "v1.0.20231010"
}