{
    "Modality": "MR",
    "MagneticFieldStrength": 3,
    "ImagingFrequency": 123.255786,
    "Manufacturer": "Siemens",
    "ManufacturersModelName": "Prisma_fit",
    "BodyPartExamined": "BRAIN",
    "PatientPosition": "HFS",
    "ProcedureStepDescription": "Research^Julius_Fridriksson_Prisma",
    "SoftwareVersions": "syngo MR D13D",
    "MRAcquisitionType": "2D",
    "SeriesDescription": "DTI2Krev_dir55_PA",
    "ProtocolName": "DTI2Krev_dir55_PA",
    "ScanningSequence": "EP",
    "SequenceVariant": "SK\\SS",
    "ScanOptions": "PFP",
    "SequenceName": "ep_b5#1",
    "ImageType": [
        "ORIGINAL",
        "PRIMARY",
        "DIFFUSION",
        "NONE",
        "MB",
        "ND",
        "MOSAIC"
    ],
    "NonlinearGradientCorrection": false,
    "ImageComments": "Unaliased MB2/PE2 SENSE1",
    "SliceThickness": 1.5,
    "SpacingBetweenSlices": 1.5,
    "EchoTime": 0.0854,
    "RepetitionTime": 5.47,
    "FlipAngle": 90,
    "PartialFourier": 0.75,
    "BaseResolution": 140,
    "ShimSetting": [
        6769,
        -6634,
        2474,
        206,
        24,
        -113,
        295,
        49
    ],
    "DiffusionScheme": "Monopolar",
    "TxRefAmp": 294.353,
    "PhaseResolution": 1,
    "ReceiveCoilName": "HeadNeck_20",
    "ReceiveCoilActiveElements": "HE1-4",
    "PulseSequenceDetails": "%CustomerSeq%\\cmrr_mbep2d_diff",
    "WipMemBlock": "cef21a4b-1d5b-4ee0-b960-4dfcec4e30b7||Sequence: vd13d/master r/0d08c20; Mar  9 2017 09:29:16 by eja",
    "CoilCombinationMethod": "Sum of Squares",
    "ConsistencyInfo": "N4_VD13D_LATEST_20130810",
    "MatrixCoilMode": "SENSE",
    "MultibandAccelerationFactor": 2,
    "PercentPhaseFOV": 100,
    "PercentSampling": 100,
    "EchoTrainLength": 105,
    "PhaseEncodingSteps": 105,
    "AcquisitionMatrixPE": 140,
    "ReconMatrixPE": 140,
    "BandwidthPerPixelPhaseEncode": 10.204,
    "EffectiveEchoSpacing": 0.000700006,
    "DerivedVendorReportedEchoSpacing": 0.000700006,
    "TotalReadoutTime": 0.0973008,
    "PixelBandwidth": 1785,
    "DwellTime": 2e-06,
    "PhaseEncodingDirection": "j",
    "SliceTiming": [
        0,
        2.5875,
        5.175,
        2.315,
        4.9025,
        2.0425,
        4.63,
        1.77,
        4.3575,
        1.4975,
        4.0875,
        1.225,
        3.815,
        0.9525,
        3.5425,
        0.68,
        3.27,
        0.4075,
        2.9975,
        0.135,
        2.725,
        5.3125,
        2.4525,
        5.04,
        2.18,
        4.7675,
        1.9075,
        4.495,
        1.635,
        4.2225,
        1.3625,
        3.95,
        1.09,
        3.6775,
        0.8175,
        3.405,
        0.545,
        3.1325,
        0.2725,
        2.86,
        0,
        2.5875,
        5.175,
        2.315,
        4.9025,
        2.0425,
        4.63,
        1.77,
        4.3575,
        1.4975,
        4.0875,
        1.225,
        3.815,
        0.9525,
        3.5425,
        0.68,
        3.27,
        0.4075,
        2.9975,
        0.135,
        2.725,
        5.3125,
        2.4525,
        5.04,
        2.18,
        4.7675,
        1.9075,
        4.495,
        1.635,
        4.2225,
        1.3625,
        3.95,
        1.09,
        3.6775,
        0.8175,
        3.405,
        0.545,
        3.1325,
        0.2725,
        2.86
    ],
    "ImageOrientationPatientDICOM": [
        0.999573,
        0.0160244,
        -0.0244163,
        -0.0244291,
        0.91692,
        -0.398322
    ],
    "ImageOrientationText": "Tra>Cor(-23.5)>Sag(-0.9)",
    "InPlanePhaseEncodingDirectionDICOM": "COL",
    "BidsGuess": [
        "dwi",
        "_acq-epb5m2_dir-PA_run-9_dwi"
    ],
    "ConversionSoftware": "dcm2niix",
    "ConversionSoftwareVersion": "v1.0.20231010"
}