{
    "Modality": "MR",
    "MagneticFieldStrength": 3,
    "ImagingFrequency": 123.247775,
    "Manufacturer": "Siemens",
    "ManufacturersModelName": "TrioTim",
    "PatientPosition": "HFS",
    "ProcedureStepDescription": "Research^Julius Fridriksson",
    "SoftwareVersions": "syngo MR B17",
    "MRAcquisitionType": "3D",
    "SeriesDescription": "T2 3D TSE SAG 160sl",
    "ProtocolName": "T2 3D TSE SAG 160sl",
    "ScanningSequence": "SE",
    "SequenceVariant": "SK\\SP",
    "ScanOptions": "PFP",
    "SequenceName": "*spc3d1_129ns",
    "ImageType": [
        "ORIGINAL",
        "PRIMARY",
        "M",
        "ND",
        "NORM"
    ],
    "NonlinearGradientCorrection": false,
    "SliceThickness": 1,
    "EchoTime": 0.212,
    "RepetitionTime": 3.2,
    "SpoilingState": true,
    "FlipAngle": 120,
    "VariableFlipAngleFlag": true,
    "PartialFourier": 1,
    "BaseResolution": 256,
    "ShimSetting": [
        10768,
        -10596,
        2955,
        164,
        -24,
        176,
        161,
        139
    ],
    "TxRefAmp": 404.436,
    "PhaseResolution": 1.00781,
    "ReceiveCoilName": "HeadMatrix",
    "CoilString": "C:HEA;HEP",
    "PulseSequenceDetails": "%SiemensSeq%\\tse_vfl",
    "CoilCombinationMethod": "Adaptive Combine",
    "MatrixCoilMode": "SENSE",
    "PercentPhaseFOV": 100,
    "PercentSampling": 100.781,
    "EchoTrainLength": 129,
    "PhaseEncodingSteps": 250,
    "AcquisitionMatrixPE": 258,
    "ReconMatrixPE": 256,
    "PixelBandwidth": 673,
    "DwellTime": 2.9e-06,
    "PhaseEncodingDirection": "i",
    "ImageOrientationPatientDICOM": [
        -0.0244486,
        0.999701,
        -2.00346e-08,
        0.0366218,
        0.000895601,
        -0.999329
    ],
    "ImageOrientationText": "Sag>Tra(-2.1)>Cor(-1.4)",
    "InPlanePhaseEncodingDirectionDICOM": "ROW",
    "BidsGuess": [
        "anat",
        "_acq-spc3_run-5_T2w"
    ],
    "ConversionSoftware": "dcm2niix",
    "ConversionSoftwareVersion": "v1.0.20231010"
}