{
    "Modality": "MR",
    "MagneticFieldStrength": 3,
    "ImagingFrequency": 123.248155,
    "Manufacturer": "Siemens",
    "ManufacturersModelName": "TrioTim",
    "PatientPosition": "HFS",
    "ProcedureStepDescription": "Research^Julius Fridriksson",
    "SoftwareVersions": "syngo MR B17",
    "MRAcquisitionType": "2D",
    "SeriesDescription": "fMRI sparse 10min",
    "ProtocolName": "fMRI sparse 10min",
    "ScanningSequence": "EP",
    "SequenceVariant": "SK",
    "ScanOptions": "FS",
    "SequenceName": "*epfid2d1_64",
    "ImageType": [
        "ORIGINAL",
        "PRIMARY",
        "M",
        "ND",
        "MOSAIC"
    ],
    "NonlinearGradientCorrection": false,
    "SliceThickness": 3.2,
    "SpacingBetweenSlices": 3.2,
    "EchoTime": 0.03,
    "RepetitionTime": 10,
    "FlipAngle": 90,
    "PartialFourier": 1,
    "BaseResolution": 64,
    "ShimSetting": [
        10707,
        -10661,
        3080,
        521,
        52,
        295,
        -289,
        -27
    ],
    "DelayTime": 8,
    "TxRefAmp": 321.501,
    "PhaseResolution": 1,
    "ReceiveCoilName": "HeadMatrix",
    "CoilString": "C:HEA;HEP",
    "PulseSequenceDetails": "%SiemensSeq%\\ep2d_bold",
    "CoilCombinationMethod": "Adaptive Combine",
    "MatrixCoilMode": "SENSE",
    "PercentPhaseFOV": 100,
    "PercentSampling": 100,
    "PhaseEncodingSteps": 64,
    "AcquisitionMatrixPE": 64,
    "ReconMatrixPE": 64,
    "BandwidthPerPixelPhaseEncode": 30.637,
    "EffectiveEchoSpacing": 0.000510004,
    "DerivedVendorReportedEchoSpacing": 0.000510004,
    "TotalReadoutTime": 0.0321303,
    "PixelBandwidth": 2232,
    "DwellTime": 3.5e-06,
    "PhaseEncodingDirection": "j-",
    "SliceTiming": [
        0,
        0.06,
        0.12,
        0.1825,
        0.2425,
        0.3025,
        0.365,
        0.425,
        0.485,
        0.5475,
        0.6075,
        0.6675,
        0.73,
        0.79,
        0.85,
        0.9125,
        0.9725,
        1.0325,
        1.095,
        1.155,
        1.215,
        1.2775,
        1.3375,
        1.3975,
        1.46,
        1.52,
        1.58,
        1.6425,
        1.7025,
        1.7625,
        1.825,
        1.885,
        1.9475
    ],
    "ImageOrientationPatientDICOM": [
        0.998069,
        -0.0101635,
        -0.0612829,
        2.89642e-08,
        0.986525,
        -0.163611
    ],
    "ImageOrientationText": "Tra>Cor(-9.4)>Sag(-3.6)",
    "InPlanePhaseEncodingDirectionDICOM": "COL",
    "BidsGuess": [
        "func",
        "_acq-epfid2_dir-AP_run-2_bold"
    ],
    "ConversionSoftware": "dcm2niix",
    "ConversionSoftwareVersion": "v1.0.20231010"
}