{
    "Modality": "MR",
    "MagneticFieldStrength": 3,
    "ImagingFrequency": 123.254828,
    "Manufacturer": "Siemens",
    "ManufacturersModelName": "Prisma_fit",
    "BodyPartExamined": "BRAIN",
    "PatientPosition": "HFS",
    "ProcedureStepDescription": "Julius_Fridriksson_Prisma^Julius_Fridriksson_Prisma",
    "SoftwareVersions": "syngo MR E11",
    "MRAcquisitionType": "2D",
    "SeriesDescription": "dwi_Jens_20Ch_b0_SBRef",
    "ProtocolName": "dwi_Jens_20Ch_b0",
    "ScanningSequence": "EP",
    "SequenceVariant": "SK\\SS",
    "ScanOptions": "PFP\\FS",
    "SequenceName": "epse2d1_74",
    "ImageType": [
        "ORIGINAL",
        "PRIMARY",
        "M",
        "ND",
        "MOSAIC"
    ],
    "NonlinearGradientCorrection": false,
    "ImageComments": "Single-band reference SENSE1",
    "SliceThickness": 3,
    "SpacingBetweenSlices": 3,
    "EchoTime": 0.081,
    "RepetitionTime": 3.2,
    "FlipAngle": 90,
    "PartialFourier": 0.875,
    "BaseResolution": 74,
    "ShimSetting": [
        6808,
        -6609,
        2462,
        479,
        -98,
        67,
        191,
        110
    ],
    "TxRefAmp": 286.914,
    "PhaseResolution": 1,
    "ReceiveCoilName": "HeadNeck_20",
    "ReceiveCoilActiveElements": "HE1-4;NE1,2",
    "PulseSequenceDetails": "%CustomerSeq%\\cmrr_mbep2d_diff",
    "WipMemBlock": "93a1e9fe-a801-44dc-889a-9b36183c8064||Sequence: R016 ve11c/master r/e634e98; Dec 19 2017 11:11:25 by eja",
    "RefLinesPE": 32,
    "CoilCombinationMethod": "Sum of Squares",
    "ConsistencyInfo": "N4_VE11C_LATEST_20160120",
    "MatrixCoilMode": "GRAPPA",
    "PercentPhaseFOV": 100,
    "PercentSampling": 100,
    "EchoTrainLength": 35,
    "PhaseEncodingSteps": 69,
    "AcquisitionMatrixPE": 74,
    "ReconMatrixPE": 74,
    "BandwidthPerPixelPhaseEncode": 36.036,
    "ParallelReductionFactorInPlane": 2,
    "EffectiveEchoSpacing": 0.000375,
    "DerivedVendorReportedEchoSpacing": 0.000750001,
    "TotalReadoutTime": 0.027375,
    "PixelBandwidth": 1500,
    "DwellTime": 4.5e-06,
    "PhaseEncodingDirection": "j-",
    "SliceTiming": [
        0,
        0.1525,
        0.3025,
        0.455,
        0.605,
        0.7575,
        0.91,
        1.06,
        1.2125,
        1.3625,
        1.515,
        1.665,
        1.8175,
        1.97,
        2.12,
        2.2725,
        2.4225,
        2.575,
        2.725,
        2.8775,
        3.03,
        3.18,
        3.3325,
        3.4825,
        3.635,
        3.785,
        3.9375,
        4.0875,
        4.24,
        4.3925,
        4.5425,
        4.695,
        4.845,
        4.9975,
        5.1475,
        5.3,
        5.4525,
        5.6025,
        5.755,
        5.905,
        6.0575,
        6.2075
    ],
    "ImageOrientationPatientDICOM": [
        0.986945,
        -0.0133717,
        -0.160504,
        3.43934e-08,
        0.996548,
        -0.0830224
    ],
    "ImageOrientationText": "Tra>Sag(-9.3)>Cor(-4.7)",
    "InPlanePhaseEncodingDirectionDICOM": "COL",
    "BidsGuess": [
        "dwi",
        "_acq-epse2p2_dir-AP_run-19_sbref"
    ],
    "ConversionSoftware": "dcm2niix",
    "ConversionSoftwareVersion": "v1.0.20231010"
}