{
    "Modality": "MR",
    "MagneticFieldStrength": 3,
    "ImagingFrequency": 123.247507,
    "Manufacturer": "Siemens",
    "ManufacturersModelName": "TrioTim",
    "PatientPosition": "HFS",
    "ProcedureStepDescription": "Research^Julius Fridriksson",
    "SoftwareVersions": "syngo MR B17",
    "MRAcquisitionType": "2D",
    "SeriesDescription": "cmrr_mbep2d_diff_2.3_MB1_P2_PA",
    "ProtocolName": "cmrr_mbep2d_diff_2.3_MB1_P2_PA",
    "ScanningSequence": "EP",
    "SequenceVariant": "SK\\SS",
    "SequenceName": "ep_b0",
    "ImageType": [
        "ORIGINAL",
        "PRIMARY",
        "DIFFUSION",
        "NONE",
        "ND",
        "MOSAIC"
    ],
    "NonlinearGradientCorrection": false,
    "SliceThickness": 2.3,
    "SpacingBetweenSlices": 2.3,
    "EchoTime": 0.07946,
    "RepetitionTime": 4.9995,
    "FlipAngle": 90,
    "PartialFourier": 1,
    "BaseResolution": 90,
    "ShimSetting": [
        10726,
        -10637,
        2932,
        403,
        85,
        69,
        -176,
        183
    ],
    "DiffusionScheme": "Monopolar",
    "TxRefAmp": 363.172,
    "PhaseResolution": 1,
    "ReceiveCoilName": "HeadMatrix",
    "CoilString": "t:HEA;HEP",
    "PulseSequenceDetails": "%CustomerSeq%\\cmrr_mbep2d_diff",
    "RefLinesPE": 44,
    "CoilCombinationMethod": "Sum of Squares",
    "MatrixCoilMode": "GRAPPA",
    "PercentPhaseFOV": 100,
    "PercentSampling": 100,
    "PhaseEncodingSteps": 90,
    "AcquisitionMatrixPE": 90,
    "ReconMatrixPE": 90,
    "BandwidthPerPixelPhaseEncode": 28.86,
    "ParallelReductionFactorInPlane": 2,
    "EffectiveEchoSpacing": 0.000385,
    "DerivedVendorReportedEchoSpacing": 0.000770001,
    "TotalReadoutTime": 0.034265,
    "PixelBandwidth": 1462,
    "DwellTime": 3.8e-06,
    "PhaseEncodingDirection": "j",
    "SliceTiming": [
        2.51,
        0,
        2.61,
        0.1,
        2.71,
        0.2,
        2.81,
        0.3025,
        2.91,
        0.4025,
        3.0125,
        0.5025,
        3.1125,
        0.6025,
        3.2125,
        0.7025,
        3.3125,
        0.8025,
        3.4125,
        0.9025,
        3.5125,
        1.005,
        3.615,
        1.105,
        3.715,
        1.205,
        3.815,
        1.305,
        3.915,
        1.405,
        4.015,
        1.505,
        4.115,
        1.605,
        4.215,
        1.7075,
        4.3175,
        1.8075,
        4.4175,
        1.9075,
        4.5175,
        2.0075,
        4.6175,
        2.1075,
        4.7175,
        2.2075,
        4.8175,
        2.31,
        4.92,
        2.41
    ],
    "ImageOrientationPatientDICOM": [
        0.999797,
        -0.00548789,
        -0.0193895,
        1.32432e-08,
        0.962202,
        -0.272336
    ],
    "ImageOrientationText": "Tra>Cor(-15.8)>Sag(-1.2)",
    "InPlanePhaseEncodingDirectionDICOM": "COL",
    "BidsGuess": [
        "dwi",
        "_acq-epb0p2_dir-PA_run-13_dwi"
    ],
    "ConversionSoftware": "dcm2niix",
    "ConversionSoftwareVersion": "v1.0.20231010"
}