{
    "Modality": "MR",
    "MagneticFieldStrength": 3,
    "ImagingFrequency": 123.255801,
    "Manufacturer": "Siemens",
    "ManufacturersModelName": "Prisma_fit",
    "BodyPartExamined": "BRAIN",
    "PatientPosition": "HFS",
    "ProcedureStepDescription": "Research^Julius_Fridriksson_Prisma",
    "SoftwareVersions": "syngo MR D13D",
    "MRAcquisitionType": "2D",
    "SeriesDescription": "DTI_dir42_AP",
    "ProtocolName": "DTI_dir42_AP",
    "ScanningSequence": "EP",
    "SequenceVariant": "SK\\SS",
    "ScanOptions": "PFP",
    "SequenceName": "ep_b5#1",
    "ImageType": [
        "ORIGINAL",
        "PRIMARY",
        "DIFFUSION",
        "NONE",
        "MB",
        "ND",
        "MOSAIC"
    ],
    "NonlinearGradientCorrection": false,
    "ImageComments": "Unaliased MB2/PE2 SENSE1",
    "SliceThickness": 1.5,
    "SpacingBetweenSlices": 1.5,
    "EchoTime": 0.08,
    "RepetitionTime": 5.25,
    "FlipAngle": 90,
    "PartialFourier": 0.75,
    "BaseResolution": 140,
    "ShimSetting": [
        6775,
        -6600,
        2460,
        185,
        74,
        -83,
        251,
        48
    ],
    "DiffusionScheme": "Monopolar",
    "TxRefAmp": 284.912,
    "PhaseResolution": 1,
    "ReceiveCoilName": "HeadNeck_20",
    "ReceiveCoilActiveElements": "HE1-4",
    "PulseSequenceDetails": "%CustomerSeq%\\cmrr_mbep2d_diff",
    "WipMemBlock": "ebf58373-e45d-47ba-9434-2ab96dcd65ea||Sequence: R016 vd13d/master r/8670bde6; Nov 27 2017 15:40:28 by eja",
    "CoilCombinationMethod": "Sum of Squares",
    "ConsistencyInfo": "N4_VD13D_LATEST_20130810",
    "MatrixCoilMode": "SENSE",
    "MultibandAccelerationFactor": 2,
    "PercentPhaseFOV": 100,
    "PercentSampling": 100,
    "EchoTrainLength": 105,
    "PhaseEncodingSteps": 105,
    "AcquisitionMatrixPE": 140,
    "ReconMatrixPE": 140,
    "BandwidthPerPixelPhaseEncode": 10.204,
    "EffectiveEchoSpacing": 0.000700006,
    "DerivedVendorReportedEchoSpacing": 0.000700006,
    "TotalReadoutTime": 0.0973008,
    "PixelBandwidth": 1785,
    "DwellTime": 2e-06,
    "PhaseEncodingDirection": "j-",
    "SliceTiming": [
        0,
        2.485,
        4.97,
        2.2225,
        4.7075,
        1.9625,
        4.445,
        1.7,
        4.185,
        1.44,
        3.9225,
        1.1775,
        3.6625,
        0.915,
        3.4,
        0.655,
        3.1375,
        0.3925,
        2.8775,
        0.1325,
        2.615,
        5.1,
        2.355,
        4.8375,
        2.0925,
        4.5775,
        1.8325,
        4.315,
        1.57,
        4.055,
        1.3075,
        3.7925,
        1.0475,
        3.53,
        0.785,
        3.27,
        0.525,
        3.0075,
        0.2625,
        2.7475,
        0,
        2.485,
        4.97,
        2.2225,
        4.7075,
        1.9625,
        4.445,
        1.7,
        4.185,
        1.44,
        3.9225,
        1.1775,
        3.6625,
        0.915,
        3.4,
        0.655,
        3.1375,
        0.3925,
        2.8775,
        0.1325,
        2.615,
        5.1,
        2.355,
        4.8375,
        2.0925,
        4.5775,
        1.8325,
        4.315,
        1.57,
        4.055,
        1.3075,
        3.7925,
        1.0475,
        3.53,
        0.785,
        3.27,
        0.525,
        3.0075,
        0.2625,
        2.7475
    ],
    "ImageOrientationPatientDICOM": [
        0.986179,
        -0.110023,
        -0.123879,
        0.102143,
        0.992424,
        -0.0682766
    ],
    "ImageOrientationText": "Tra>Sag(-7.5)>Cor(-3.1)",
    "InPlanePhaseEncodingDirectionDICOM": "COL",
    "BidsGuess": [
        "dwi",
        "_acq-epb5m2_dir-AP_run-14_dwi"
    ],
    "ConversionSoftware": "dcm2niix",
    "ConversionSoftwareVersion": "v1.0.20231010"
}