{
    "Modality": "MR",
    "MagneticFieldStrength": 3,
    "ImagingFrequency": 123.248471,
    "Manufacturer": "Siemens",
    "ManufacturersModelName": "TrioTim",
    "PatientPosition": "HFS",
    "ProcedureStepDescription": "Research^Julius Fridriksson",
    "SoftwareVersions": "syngo MR B13 4VB13A",
    "MRAcquisitionType": "2D",
    "SeriesDescription": "fMRI sparse 20min (R01)",
    "ProtocolName": "fMRI sparse 20min (R01)",
    "ScanningSequence": "EP",
    "SequenceVariant": "SK",
    "ScanOptions": "FS",
    "SequenceName": "*epfid2d1_64",
    "ImageType": [
        "ORIGINAL",
        "PRIMARY",
        "M",
        "ND",
        "MOSAIC"
    ],
    "NonlinearGradientCorrection": false,
    "SliceThickness": 3.2,
    "SpacingBetweenSlices": 3.2,
    "EchoTime": 0.03,
    "RepetitionTime": 10,
    "FlipAngle": 90,
    "PartialFourier": 1,
    "BaseResolution": 64,
    "ShimSetting": [
        10734,
        -10768,
        3083,
        827,
        13,
        -385,
        678,
        233
    ],
    "DelayTime": 8,
    "TxRefAmp": 317.742,
    "PhaseResolution": 1,
    "ReceiveCoilName": "HeadMatrix",
    "CoilString": "C:HEA;HEP",
    "PulseSequenceDetails": "%SiemensSeq%\\ep2d_bold",
    "CoilCombinationMethod": "Adaptive Combine",
    "MatrixCoilMode": "SENSE",
    "PercentPhaseFOV": 100,
    "PercentSampling": 100,
    "PhaseEncodingSteps": 64,
    "AcquisitionMatrixPE": 64,
    "ReconMatrixPE": 64,
    "BandwidthPerPixelPhaseEncode": 30.637,
    "EffectiveEchoSpacing": 0.000510004,
    "DerivedVendorReportedEchoSpacing": 0.000510004,
    "TotalReadoutTime": 0.0321303,
    "PixelBandwidth": 2230,
    "DwellTime": 3.5e-06,
    "PhaseEncodingDirection": "j-",
    "SliceTiming": [
        0,
        0.0606061,
        0.121212,
        0.181818,
        0.242424,
        0.30303,
        0.363636,
        0.424242,
        0.484849,
        0.545455,
        0.606061,
        0.666667,
        0.727273,
        0.787879,
        0.848485,
        0.909091,
        0.969697,
        1.0303,
        1.09091,
        1.15152,
        1.21212,
        1.27273,
        1.33333,
        1.39394,
        1.45455,
        1.51515,
        1.57576,
        1.63636,
        1.69697,
        1.75758,
        1.81818,
        1.87879,
        1.93939
    ],
    "ImageOrientationPatientDICOM": [
        0.999751,
        0.00421968,
        -0.0219068,
        -1.29308e-08,
        0.98195,
        0.189142
    ],
    "ImageOrientationText": "Tra>Cor(10.9)>Sag(-1.3)",
    "InPlanePhaseEncodingDirectionDICOM": "COL",
    "BidsGuess": [
        "func",
        "_acq-epfid2_dir-AP_run-2_bold"
    ],
    "ConversionSoftware": "dcm2niix",
    "ConversionSoftwareVersion": "v1.0.20231010"
}