{
    "Modality": "MR",
    "MagneticFieldStrength": 3,
    "ImagingFrequency": 123.254832,
    "Manufacturer": "Siemens",
    "ManufacturersModelName": "Prisma_fit",
    "BodyPartExamined": "BRAIN",
    "PatientPosition": "HFS",
    "ProcedureStepDescription": "spine_pediatric^peds 2 station",
    "SoftwareVersions": "syngo MR E11",
    "MRAcquisitionType": "2D",
    "SeriesDescription": "dwi_Jens_20Ch_b0",
    "ProtocolName": "dwi_Jens_20Ch_b0",
    "ScanningSequence": "EP",
    "SequenceVariant": "SK\\SS",
    "ScanOptions": "PFP\\FS",
    "SequenceName": "ep_b0",
    "ImageType": [
        "ORIGINAL",
        "PRIMARY",
        "DIFFUSION",
        "NONE",
        "MB",
        "ND",
        "MOSAIC"
    ],
    "NonlinearGradientCorrection": false,
    "ImageComments": "Unaliased MB2/PE4 SENSE1",
    "SliceThickness": 3,
    "SpacingBetweenSlices": 3,
    "EchoTime": 0.081,
    "RepetitionTime": 3.2,
    "FlipAngle": 90,
    "PartialFourier": 0.875,
    "BaseResolution": 74,
    "ShimSetting": [
        6806,
        -6595,
        2452,
        339,
        -57,
        -299,
        298,
        160
    ],
    "DiffusionScheme": "Monopolar",
    "TxRefAmp": 276.947,
    "PhaseResolution": 1,
    "ReceiveCoilName": "HeadNeck_20",
    "ReceiveCoilActiveElements": "HE1-4",
    "PulseSequenceDetails": "%CustomerSeq%\\cmrr_mbep2d_diff",
    "WipMemBlock": "f319a0f5-08fd-49e4-bea2-cfdc35aaf9e3||Sequence: R016 ve11c/master r/e634e98; Dec 19 2017 11:11:25 by eja",
    "RefLinesPE": 32,
    "CoilCombinationMethod": "Sum of Squares",
    "ConsistencyInfo": "N4_VE11C_LATEST_20160120",
    "MatrixCoilMode": "GRAPPA",
    "MultibandAccelerationFactor": 2,
    "PercentPhaseFOV": 100,
    "PercentSampling": 100,
    "EchoTrainLength": 35,
    "PhaseEncodingSteps": 69,
    "AcquisitionMatrixPE": 74,
    "ReconMatrixPE": 74,
    "BandwidthPerPixelPhaseEncode": 36.036,
    "ParallelReductionFactorInPlane": 2,
    "EffectiveEchoSpacing": 0.000375,
    "DerivedVendorReportedEchoSpacing": 0.000750001,
    "TotalReadoutTime": 0.027375,
    "PixelBandwidth": 1500,
    "DwellTime": 4.5e-06,
    "PhaseEncodingDirection": "j-",
    "SliceTiming": [
        0,
        1.665,
        0.1525,
        1.8175,
        0.3025,
        1.9675,
        0.455,
        2.12,
        0.605,
        2.2725,
        0.7575,
        2.4225,
        0.9075,
        2.575,
        1.06,
        2.725,
        1.2125,
        2.8775,
        1.3625,
        3.0275,
        1.515,
        0,
        1.665,
        0.1525,
        1.8175,
        0.3025,
        1.9675,
        0.455,
        2.12,
        0.605,
        2.2725,
        0.7575,
        2.4225,
        0.9075,
        2.575,
        1.06,
        2.725,
        1.2125,
        2.8775,
        1.3625,
        3.0275,
        1.515
    ],
    "ImageOrientationPatientDICOM": [
        1,
        0,
        0,
        0,
        0.996917,
        -0.0784591
    ],
    "ImageOrientationText": "Tra>Cor(-4.5)",
    "InPlanePhaseEncodingDirectionDICOM": "COL",
    "BidsGuess": [
        "dwi",
        "_acq-epb0p2m2_dir-AP_run-20_dwi"
    ],
    "ConversionSoftware": "dcm2niix",
    "ConversionSoftwareVersion": "v1.0.20231010"
}