{
    "Modality": "MR",
    "MagneticFieldStrength": 3,
    "ImagingFrequency": 123.247679,
    "Manufacturer": "Siemens",
    "ManufacturersModelName": "TrioTim",
    "PatientPosition": "HFS",
    "ProcedureStepDescription": "Research^Julius Fridriksson",
    "SoftwareVersions": "syngo MR B17",
    "MRAcquisitionType": "2D",
    "SeriesDescription": "fMRI sparse 10min (R01)_Run2",
    "ProtocolName": "fMRI sparse 10min (R01)_Run2",
    "ScanningSequence": "EP",
    "SequenceVariant": "SK",
    "ScanOptions": "FS",
    "SequenceName": "*epfid2d1_64",
    "ImageType": [
        "ORIGINAL",
        "PRIMARY",
        "M",
        "ND",
        "MOSAIC"
    ],
    "NonlinearGradientCorrection": false,
    "SliceThickness": 3.2,
    "SpacingBetweenSlices": 3.2,
    "EchoTime": 0.03,
    "RepetitionTime": 10,
    "FlipAngle": 90,
    "PartialFourier": 1,
    "BaseResolution": 64,
    "ShimSetting": [
        10734,
        -10763,
        3130,
        232,
        -31,
        -407,
        93,
        95
    ],
    "DelayTime": 8,
    "TxRefAmp": 321.501,
    "PhaseResolution": 1,
    "ReceiveCoilName": "HeadMatrix",
    "CoilString": "C:HEA;HEP",
    "PulseSequenceDetails": "%SiemensSeq%\\ep2d_bold",
    "CoilCombinationMethod": "Adaptive Combine",
    "MatrixCoilMode": "SENSE",
    "PercentPhaseFOV": 100,
    "PercentSampling": 100,
    "PhaseEncodingSteps": 64,
    "AcquisitionMatrixPE": 64,
    "ReconMatrixPE": 64,
    "BandwidthPerPixelPhaseEncode": 30.637,
    "EffectiveEchoSpacing": 0.000510004,
    "DerivedVendorReportedEchoSpacing": 0.000510004,
    "TotalReadoutTime": 0.0321303,
    "PixelBandwidth": 2232,
    "DwellTime": 3.5e-06,
    "PhaseEncodingDirection": "j-",
    "SliceTiming": [
        0,
        0.0625,
        0.1225,
        0.1825,
        0.245,
        0.305,
        0.365,
        0.4275,
        0.4875,
        0.5475,
        0.61,
        0.67,
        0.7325,
        0.7925,
        0.8525,
        0.915,
        0.975,
        1.035,
        1.0975,
        1.1575,
        1.2175,
        1.28,
        1.34,
        1.4,
        1.4625,
        1.5225,
        1.5825,
        1.645,
        1.705,
        1.765,
        1.8275,
        1.8875,
        1.9475
    ],
    "ImageOrientationPatientDICOM": [
        0.983774,
        -0.166546,
        0.0667187,
        0.169927,
        0.984254,
        -0.0486603
    ],
    "ImageOrientationText": "Tra>Cor(-3.4)>Sag(3.3)",
    "InPlanePhaseEncodingDirectionDICOM": "COL",
    "BidsGuess": [
        "func",
        "_acq-epfid2_dir-AP_run-7_bold"
    ],
    "ConversionSoftware": "dcm2niix",
    "ConversionSoftwareVersion": "v1.0.20231010"
}