{
    "Modality": "MR",
    "MagneticFieldStrength": 3,
    "ImagingFrequency": 123.247517,
    "Manufacturer": "Siemens",
    "ManufacturersModelName": "TrioTim",
    "PatientPosition": "HFS",
    "ProcedureStepDescription": "Research^Julius Fridriksson",
    "SoftwareVersions": "syngo MR B17",
    "MRAcquisitionType": "2D",
    "SeriesDescription": "restMRI_1850TR_physio",
    "ProtocolName": "restMRI_1850TR_physio",
    "ScanningSequence": "EP",
    "SequenceVariant": "SK",
    "ScanOptions": "FS",
    "SequenceName": "epfid_p2d1_64",
    "ImageType": [
        "ORIGINAL",
        "PRIMARY",
        "M",
        "ND",
        "MOSAIC"
    ],
    "NonlinearGradientCorrection": false,
    "SliceThickness": 3,
    "SpacingBetweenSlices": 3.6,
    "EchoTime": 0.03,
    "RepetitionTime": 1.85,
    "FlipAngle": 75,
    "PartialFourier": 1,
    "BaseResolution": 64,
    "ShimSetting": [
        10679,
        -10561,
        3139,
        535,
        -199,
        -278,
        -272,
        128
    ],
    "TxRefAmp": 327.693,
    "PhaseResolution": 1,
    "ReceiveCoilName": "HeadMatrix",
    "CoilString": "T:HEA;HEP",
    "PulseSequenceDetails": "%CustomerSeq%\\ep2d_fid_physio",
    "RefLinesPE": 32,
    "CoilCombinationMethod": "Sum of Squares",
    "MatrixCoilMode": "GRAPPA",
    "PercentPhaseFOV": 100,
    "PercentSampling": 100,
    "PhaseEncodingSteps": 64,
    "AcquisitionMatrixPE": 64,
    "ReconMatrixPE": 64,
    "BandwidthPerPixelPhaseEncode": 53.879,
    "ParallelReductionFactorInPlane": 2,
    "EffectiveEchoSpacing": 0.000290002,
    "DerivedVendorReportedEchoSpacing": 0.000580003,
    "TotalReadoutTime": 0.0182701,
    "PixelBandwidth": 2003,
    "DwellTime": 3.9e-06,
    "PhaseEncodingDirection": "j-",
    "SliceTiming": [
        1.8025,
        1.7475,
        1.6925,
        1.6375,
        1.585,
        1.53,
        1.475,
        1.42,
        1.365,
        1.31,
        1.255,
        1.2025,
        1.1475,
        1.0925,
        1.0375,
        0.9825,
        0.9275,
        0.875,
        0.82,
        0.765,
        0.71,
        0.655,
        0.6,
        0.545,
        0.4925,
        0.4375,
        0.3825,
        0.3275,
        0.2725,
        0.2175,
        0.165,
        0.11,
        0.055,
        0
    ],
    "ImageOrientationPatientDICOM": [
        0.999338,
        0.0361328,
        0.00416599,
        -0.0331515,
        0.951976,
        -0.304373
    ],
    "ImageOrientationText": "Tra>Cor(-17.7)>Sag(0.9)",
    "InPlanePhaseEncodingDirectionDICOM": "COL",
    "BidsGuess": [
        "func",
        "_acq-epfidp2p2_dir-AP_run-8_bold"
    ],
    "ConversionSoftware": "dcm2niix",
    "ConversionSoftwareVersion": "v1.0.20231010"
}