{
    "Modality": "MR",
    "MagneticFieldStrength": 3,
    "ImagingFrequency": 123.247264,
    "Manufacturer": "Siemens",
    "ManufacturersModelName": "TrioTim",
    "PatientPosition": "HFS",
    "ProcedureStepDescription": "Research^Julius Fridriksson",
    "SoftwareVersions": "syngo MR B17",
    "MRAcquisitionType": "2D",
    "SeriesDescription": "restMRI_1850TR_physio",
    "ProtocolName": "restMRI_1850TR_physio",
    "ScanningSequence": "EP",
    "SequenceVariant": "SK",
    "ScanOptions": "FS",
    "SequenceName": "epfid_p2d1_64",
    "ImageType": [
        "ORIGINAL",
        "PRIMARY",
        "M",
        "ND",
        "MOSAIC"
    ],
    "NonlinearGradientCorrection": false,
    "SliceThickness": 3,
    "SpacingBetweenSlices": 3.6,
    "EchoTime": 0.03,
    "RepetitionTime": 1.85,
    "FlipAngle": 75,
    "PartialFourier": 1,
    "BaseResolution": 64,
    "ShimSetting": [
        10743,
        -10652,
        3117,
        519,
        -53,
        -131,
        -264,
        13
    ],
    "TxRefAmp": 371.314,
    "PhaseResolution": 1,
    "ReceiveCoilName": "HeadMatrix",
    "CoilString": "T:HEA;HEP",
    "PulseSequenceDetails": "%CustomerSeq%\\ep2d_fid_physio",
    "RefLinesPE": 32,
    "CoilCombinationMethod": "Sum of Squares",
    "MatrixCoilMode": "GRAPPA",
    "PercentPhaseFOV": 100,
    "PercentSampling": 100,
    "PhaseEncodingSteps": 64,
    "AcquisitionMatrixPE": 64,
    "ReconMatrixPE": 64,
    "BandwidthPerPixelPhaseEncode": 53.879,
    "ParallelReductionFactorInPlane": 2,
    "EffectiveEchoSpacing": 0.000290002,
    "DerivedVendorReportedEchoSpacing": 0.000580003,
    "TotalReadoutTime": 0.0182701,
    "PixelBandwidth": 2003,
    "DwellTime": 3.9e-06,
    "PhaseEncodingDirection": "j-",
    "SliceTiming": [
        1.8025,
        1.7475,
        1.6925,
        1.6375,
        1.5825,
        1.5275,
        1.475,
        1.42,
        1.365,
        1.31,
        1.255,
        1.2,
        1.1475,
        1.0925,
        1.0375,
        0.9825,
        0.9275,
        0.8725,
        0.8175,
        0.765,
        0.71,
        0.655,
        0.6,
        0.545,
        0.49,
        0.4375,
        0.3825,
        0.3275,
        0.2725,
        0.2175,
        0.1625,
        0.1075,
        0.055,
        0
    ],
    "ImageOrientationPatientDICOM": [
        0.998135,
        0.0110204,
        0.0600456,
        1.59767e-09,
        0.983571,
        -0.180519
    ],
    "ImageOrientationText": "Tra>Cor(-10.4)>Sag(3.5)",
    "InPlanePhaseEncodingDirectionDICOM": "COL",
    "BidsGuess": [
        "func",
        "_acq-epfidp2p2_dir-AP_run-11_bold"
    ],
    "ConversionSoftware": "dcm2niix",
    "ConversionSoftwareVersion": "v1.0.20231010"
}