{
    "Modality": "MR",
    "MagneticFieldStrength": 3,
    "ImagingFrequency": 123.254643,
    "Manufacturer": "Siemens",
    "ManufacturersModelName": "Prisma_fit",
    "BodyPartExamined": "BRAIN",
    "PatientPosition": "HFS",
    "ProcedureStepDescription": "Julius_Fridriksson_Prisma^Julius_Fridriksson_Prisma",
    "SoftwareVersions": "syngo MR E11",
    "MRAcquisitionType": "2D",
    "SeriesDescription": "fMRINaming40",
    "ProtocolName": "fMRINaming40",
    "ScanningSequence": "EP",
    "SequenceVariant": "SK",
    "ScanOptions": "FS",
    "SequenceName": "*epfid2d1_64",
    "ImageType": [
        "ORIGINAL",
        "PRIMARY",
        "M",
        "ND",
        "MOSAIC"
    ],
    "NonlinearGradientCorrection": false,
    "SliceThickness": 3.2,
    "SpacingBetweenSlices": 3.2,
    "EchoTime": 0.03,
    "RepetitionTime": 10,
    "FlipAngle": 90,
    "PartialFourier": 1,
    "BaseResolution": 64,
    "ShimSetting": [
        6738,
        -6626,
        2540,
        350,
        -36,
        -248,
        104,
        104
    ],
    "DelayTime": 8,
    "TxRefAmp": 321.501,
    "PhaseResolution": 1,
    "ReceiveCoilName": "HeadNeck_20",
    "ReceiveCoilActiveElements": "HE1-4",
    "PulseSequenceDetails": "%SiemensSeq%\\ep2d_bold",
    "CoilCombinationMethod": "Adaptive Combine",
    "ConsistencyInfo": "N4_VE11C_LATEST_20160120",
    "MatrixCoilMode": "SENSE",
    "PercentPhaseFOV": 100,
    "PercentSampling": 100,
    "EchoTrainLength": 64,
    "PhaseEncodingSteps": 64,
    "AcquisitionMatrixPE": 64,
    "ReconMatrixPE": 64,
    "BandwidthPerPixelPhaseEncode": 31.888,
    "EffectiveEchoSpacing": 0.000489996,
    "DerivedVendorReportedEchoSpacing": 0.000489996,
    "TotalReadoutTime": 0.0308698,
    "PixelBandwidth": 2365,
    "DwellTime": 3.3e-06,
    "PhaseEncodingDirection": "j-",
    "SliceTiming": [
        0,
        0.06,
        0.12,
        0.18,
        0.24,
        0.3,
        0.36,
        0.42,
        0.48,
        0.54,
        0.6,
        0.66,
        0.72,
        0.78,
        0.84,
        0.9,
        0.96,
        1.02,
        1.08,
        1.14,
        1.2,
        1.26,
        1.32,
        1.38,
        1.44,
        1.5,
        1.56,
        1.62,
        1.68,
        1.74,
        1.8,
        1.86,
        1.92
    ],
    "ImageOrientationPatientDICOM": [
        0.982214,
        -0.0226348,
        -0.186396,
        2.72365e-08,
        0.992707,
        -0.120548
    ],
    "ImageOrientationText": "Tra>Sag(-10.9)>Cor(-6.8)",
    "InPlanePhaseEncodingDirectionDICOM": "COL",
    "BidsGuess": [
        "func",
        "_acq-epfid2_dir-AP_run-2_bold"
    ],
    "ConversionSoftware": "dcm2niix",
    "ConversionSoftwareVersion": "v1.0.20231010"
}