{
    "Modality": "MR",
    "MagneticFieldStrength": 3,
    "ImagingFrequency": 123.248986,
    "Manufacturer": "Siemens",
    "ManufacturersModelName": "TrioTim",
    "PatientPosition": "HFS",
    "ProcedureStepDescription": "Research^Julius Fridriksson",
    "SoftwareVersions": "syngo MR B13 4VB13A",
    "MRAcquisitionType": "2D",
    "SeriesDescription": "DTI 64 2.0 PPU 224 pK",
    "ProtocolName": "DTI 64 2.0 PPU 224 pK",
    "ScanningSequence": "EP",
    "SequenceVariant": "SK\\SP",
    "ScanOptions": "PFP\\FS\\CT",
    "SequenceName": "*ep_b0",
    "ImageType": [
        "ORIGINAL",
        "PRIMARY",
        "M",
        "ND",
        "MOSAIC"
    ],
    "NonlinearGradientCorrection": false,
    "SliceThickness": 2,
    "SpacingBetweenSlices": 2,
    "EchoTime": 0.09,
    "RepetitionTime": 7.7,
    "SpoilingState": true,
    "FlipAngle": 90,
    "PartialFourier": 0.75,
    "BaseResolution": 112,
    "ShimSetting": [
        10747,
        -10715,
        3204,
        463,
        -131,
        -286,
        -97,
        49
    ],
    "DiffusionScheme": "Monopolar",
    "TxRefAmp": 405.017,
    "PhaseResolution": 1,
    "VendorReportedEchoSpacing": 0.0008,
    "ReceiveCoilName": "HeadMatrix",
    "CoilString": "T:HEA;HEP",
    "PulseSequenceDetails": "%SiemensSeq%\\ep2d_diff",
    "RefLinesPE": 35,
    "CoilCombinationMethod": "Sum of Squares",
    "MatrixCoilMode": "GRAPPA",
    "PercentPhaseFOV": 100,
    "PercentSampling": 100,
    "PhaseEncodingSteps": 90,
    "AcquisitionMatrixPE": 112,
    "ReconMatrixPE": 112,
    "BandwidthPerPixelPhaseEncode": 22.321,
    "ParallelReductionFactorInPlane": 2,
    "EffectiveEchoSpacing": 0.000400008,
    "DerivedVendorReportedEchoSpacing": 0.000800015,
    "TotalReadoutTime": 0.0444009,
    "PixelBandwidth": 1490,
    "DwellTime": 3e-06,
    "PhaseEncodingDirection": "j-",
    "SliceTiming": [
        3.85,
        0,
        3.97833,
        0.128333,
        4.10667,
        0.256667,
        4.235,
        0.385,
        4.36333,
        0.513333,
        4.49167,
        0.641667,
        4.62,
        0.77,
        4.74833,
        0.898333,
        4.87667,
        1.02667,
        5.005,
        1.155,
        5.13333,
        1.28333,
        5.26167,
        1.41167,
        5.39,
        1.54,
        5.51833,
        1.66833,
        5.64667,
        1.79667,
        5.775,
        1.925,
        5.90333,
        2.05333,
        6.03167,
        2.18167,
        6.16,
        2.31,
        6.28833,
        2.43833,
        6.41667,
        2.56667,
        6.545,
        2.695,
        6.67333,
        2.82333,
        6.80167,
        2.95167,
        6.93,
        3.08,
        7.05833,
        3.20833,
        7.18667,
        3.33667,
        7.315,
        3.465,
        7.44333,
        3.59333,
        7.57167,
        3.72167
    ],
    "ImageOrientationPatientDICOM": [
        0.998807,
        0.00145028,
        0.0488067,
        5.44522e-09,
        0.999559,
        -0.0297017
    ],
    "ImageOrientationText": "Tra>Sag(2.8)>Cor(-1.7)",
    "InPlanePhaseEncodingDirectionDICOM": "COL",
    "BidsGuess": [
        "dwi",
        "_acq-epb0p2_dir-AP_run-5_dwi"
    ],
    "ConversionSoftware": "dcm2niix",
    "ConversionSoftwareVersion": "v1.0.20231010"
}