{
    "Modality": "MR",
    "MagneticFieldStrength": 3,
    "ImagingFrequency": 123.247729,
    "Manufacturer": "Siemens",
    "ManufacturersModelName": "TrioTim",
    "PatientPosition": "HFS",
    "ProcedureStepDescription": "Research^Fillmore",
    "SoftwareVersions": "syngo MR B17",
    "MRAcquisitionType": "2D",
    "SeriesDescription": "MUSC_2.7_B0_MCBI_AC_FF",
    "ProtocolName": "MUSC_2.7_B0_MCBI_AC_FF",
    "ScanningSequence": "EP",
    "SequenceVariant": "SK\\SP",
    "ScanOptions": "FS",
    "SequenceName": "*ep_b0",
    "ImageType": [
        "ORIGINAL",
        "PRIMARY",
        "DIFFUSION",
        "NONE",
        "ND"
    ],
    "NonlinearGradientCorrection": false,
    "SliceThickness": 2.7,
    "SpacingBetweenSlices": 2.7,
    "EchoTime": 0.101,
    "RepetitionTime": 6.1,
    "SpoilingState": true,
    "FlipAngle": 90,
    "PartialFourier": 1,
    "BaseResolution": 82,
    "ShimSetting": [
        10704,
        -10681,
        3119,
        311,
        188,
        -393,
        151,
        122
    ],
    "DiffusionScheme": "Monopolar",
    "TxRefAmp": 450.784,
    "PhaseResolution": 1,
    "ReceiveCoilName": "HeadMatrix",
    "CoilString": "T:HEA;HEP",
    "PulseSequenceDetails": "%SiemensSeq%\\ep2d_diff",
    "RefLinesPE": 24,
    "CoilCombinationMethod": "Adaptive Combine",
    "MatrixCoilMode": "GRAPPA",
    "PercentPhaseFOV": 100,
    "PercentSampling": 100,
    "PhaseEncodingSteps": 82,
    "AcquisitionMatrixPE": 82,
    "ReconMatrixPE": 82,
    "BandwidthPerPixelPhaseEncode": 29.744,
    "ParallelReductionFactorInPlane": 2,
    "EffectiveEchoSpacing": 0.000410003,
    "DerivedVendorReportedEchoSpacing": 0.000820005,
    "TotalReadoutTime": 0.0332102,
    "PixelBandwidth": 1355,
    "DwellTime": 4.5e-06,
    "PhaseEncodingDirection": "j-",
    "SliceTiming": [
        0,
        3.125,
        0.125,
        3.25,
        0.26562,
        3.39062,
        0.40625,
        3.53125,
        0.53125,
        3.67188,
        0.67188,
        3.79688,
        0.8125,
        3.9375,
        0.9375,
        4.07812,
        1.07812,
        4.20312,
        1.21875,
        4.34375,
        1.35938,
        4.48438,
        1.48438,
        4.625,
        1.625,
        4.75,
        1.76562,
        4.89062,
        1.89062,
        5.03125,
        2.03125,
        5.15625,
        2.17188,
        5.29688,
        2.3125,
        5.4375,
        2.4375,
        5.57812,
        2.57812,
        5.70312,
        2.71875,
        5.84375,
        2.84375,
        5.98438,
        2.98438
    ],
    "ImageOrientationPatientDICOM": [
        0.998155,
        -0.00635806,
        -0.0603803,
        -2.03498e-08,
        0.994502,
        -0.104722
    ],
    "ImageOrientationText": "Tra>Cor(-6.0)>Sag(-3.5)",
    "InPlanePhaseEncodingDirectionDICOM": "COL",
    "BidsGuess": [
        "dwi",
        "_acq-epb0p2_dir-AP_run-20_dwi"
    ],
    "ConversionSoftware": "dcm2niix",
    "ConversionSoftwareVersion": "v1.0.20231010"
}