{
    "Modality": "MR",
    "MagneticFieldStrength": 3,
    "ImagingFrequency": 123.248356,
    "Manufacturer": "Siemens",
    "ManufacturersModelName": "TrioTim",
    "PatientPosition": "HFS",
    "ProcedureStepDescription": "Research^Julius Fridriksson",
    "SoftwareVersions": "syngo MR B17",
    "MRAcquisitionType": "2D",
    "SeriesDescription": "DTI 64 Dir b=1000 2.0 PPU",
    "ProtocolName": "DTI 64 Dir b=1000 2.0 PPU",
    "ScanningSequence": "EP",
    "SequenceVariant": "SK\\SP",
    "ScanOptions": "PFP\\FS\\CT",
    "SequenceName": "ep_b0",
    "ImageType": [
        "ORIGINAL",
        "PRIMARY",
        "DIFFUSION",
        "NONE",
        "ND",
        "MOSAIC"
    ],
    "NonlinearGradientCorrection": false,
    "SliceThickness": 2,
    "SpacingBetweenSlices": 2,
    "EchoTime": 0.088,
    "RepetitionTime": 8.9,
    "SpoilingState": true,
    "FlipAngle": 90,
    "PartialFourier": 0.75,
    "BaseResolution": 128,
    "ShimSetting": [
        10688,
        -10603,
        3068,
        857,
        -222,
        21,
        -169,
        31
    ],
    "DiffusionScheme": "Monopolar",
    "TxRefAmp": 292.065,
    "PhaseResolution": 1,
    "VendorReportedEchoSpacing": 0.00071,
    "ReceiveCoilName": "HeadMatrix",
    "CoilString": "C:HEA;HEP",
    "PulseSequenceDetails": "%SiemensSeq%\\ep2d_diff",
    "CoilCombinationMethod": "Adaptive Combine",
    "MatrixCoilMode": "SENSE",
    "PercentPhaseFOV": 100,
    "PercentSampling": 100,
    "PhaseEncodingSteps": 96,
    "AcquisitionMatrixPE": 128,
    "ReconMatrixPE": 128,
    "BandwidthPerPixelPhaseEncode": 11.004,
    "EffectiveEchoSpacing": 0.000709969,
    "DerivedVendorReportedEchoSpacing": 0.000709969,
    "TotalReadoutTime": 0.0901661,
    "PixelBandwidth": 1502,
    "DwellTime": 2.6e-06,
    "PhaseEncodingDirection": "j-",
    "SliceTiming": [
        4.4675,
        0,
        4.6175,
        0.15,
        4.765,
        0.2975,
        4.915,
        0.4475,
        5.0625,
        0.595,
        5.2125,
        0.745,
        5.36,
        0.8925,
        5.51,
        1.0425,
        5.66,
        1.1925,
        5.8075,
        1.34,
        5.9575,
        1.49,
        6.105,
        1.6375,
        6.255,
        1.7875,
        6.4025,
        1.935,
        6.5525,
        2.085,
        6.7025,
        2.235,
        6.85,
        2.3825,
        7,
        2.5325,
        7.1475,
        2.68,
        7.2975,
        2.83,
        7.445,
        2.9775,
        7.595,
        3.1275,
        7.7425,
        3.2775,
        7.8925,
        3.425,
        8.0425,
        3.575,
        8.19,
        3.7225,
        8.34,
        3.8725,
        8.4875,
        4.02,
        8.6375,
        4.17,
        8.785,
        4.3175
    ],
    "ImageOrientationPatientDICOM": [
        0.999819,
        -0.00298054,
        -0.0188156,
        1.95027e-09,
        0.987685,
        -0.156457
    ],
    "ImageOrientationText": "Tra>Cor(-9.0)>Sag(-1.1)",
    "InPlanePhaseEncodingDirectionDICOM": "COL",
    "BidsGuess": [
        "dwi",
        "_acq-epb0_dir-AP_run-3_dwi"
    ],
    "ConversionSoftware": "dcm2niix",
    "ConversionSoftwareVersion": "v1.0.20231010"
}