{
    "Modality": "MR",
    "MagneticFieldStrength": 3,
    "ImagingFrequency": 123.248103,
    "Manufacturer": "Siemens",
    "ManufacturersModelName": "TrioTim",
    "PatientPosition": "HFS",
    "ProcedureStepDescription": "Research^Julius Fridriksson",
    "SoftwareVersions": "syngo MR B17",
    "MRAcquisitionType": "2D",
    "SeriesDescription": "MUSC_2.7_AVE2_MCBI_AC_FF",
    "ProtocolName": "MUSC_2.7_AVE2_MCBI_AC_FF",
    "ScanningSequence": "EP",
    "SequenceVariant": "SK\\SP",
    "ScanOptions": "FS",
    "SequenceName": "*ep_b0",
    "ImageType": [
        "ORIGINAL",
        "PRIMARY",
        "DIFFUSION",
        "NONE",
        "ND",
        "MOSAIC"
    ],
    "NonlinearGradientCorrection": false,
    "SliceThickness": 2.7,
    "SpacingBetweenSlices": 2.7,
    "EchoTime": 0.101,
    "RepetitionTime": 6.1,
    "SpoilingState": true,
    "FlipAngle": 90,
    "PartialFourier": 1,
    "BaseResolution": 82,
    "ShimSetting": [
        10736,
        -10695,
        3109,
        941,
        -242,
        56,
        -259,
        90
    ],
    "DiffusionScheme": "Monopolar",
    "TxRefAmp": 443.396,
    "PhaseResolution": 1,
    "ReceiveCoilName": "HeadMatrix",
    "CoilString": "T:HEA;HEP",
    "PulseSequenceDetails": "%SiemensSeq%\\ep2d_diff",
    "RefLinesPE": 24,
    "CoilCombinationMethod": "Adaptive Combine",
    "MatrixCoilMode": "GRAPPA",
    "PercentPhaseFOV": 100,
    "PercentSampling": 100,
    "PhaseEncodingSteps": 82,
    "AcquisitionMatrixPE": 82,
    "ReconMatrixPE": 82,
    "BandwidthPerPixelPhaseEncode": 29.744,
    "ParallelReductionFactorInPlane": 2,
    "EffectiveEchoSpacing": 0.000410003,
    "DerivedVendorReportedEchoSpacing": 0.000820005,
    "TotalReadoutTime": 0.0332102,
    "PixelBandwidth": 1355,
    "DwellTime": 4.5e-06,
    "PhaseEncodingDirection": "j-",
    "SliceTiming": [
        0,
        3.13,
        0.135,
        3.265,
        0.2725,
        3.4025,
        0.4075,
        3.5375,
        0.5425,
        3.6725,
        0.68,
        3.81,
        0.815,
        3.945,
        0.9525,
        4.0825,
        1.0875,
        4.2175,
        1.225,
        4.355,
        1.36,
        4.49,
        1.495,
        4.625,
        1.6325,
        4.7625,
        1.7675,
        4.8975,
        1.905,
        5.035,
        2.04,
        5.17,
        2.1775,
        5.3075,
        2.3125,
        5.4425,
        2.4475,
        5.5775,
        2.585,
        5.715,
        2.72,
        5.85,
        2.8575,
        5.9875,
        2.9925
    ],
    "ImageOrientationPatientDICOM": [
        0.999851,
        -0.00240565,
        -0.0171143,
        2.45822e-08,
        0.990265,
        -0.139194
    ],
    "ImageOrientationText": "Tra>Cor(-8.0)>Sag(-1.0)",
    "InPlanePhaseEncodingDirectionDICOM": "COL",
    "BidsGuess": [
        "dwi",
        "_acq-epb0p2_dir-AP_run-10_dwi"
    ],
    "ConversionSoftware": "dcm2niix",
    "ConversionSoftwareVersion": "v1.0.20231010"
}