{
    "Modality": "MR",
    "MagneticFieldStrength": 3,
    "ImagingFrequency": 123.254895,
    "Manufacturer": "Siemens",
    "ManufacturersModelName": "Prisma_fit",
    "BodyPartExamined": "BRAIN",
    "PatientPosition": "HFS",
    "ProcedureStepDescription": "Julius_Fridriksson_Prisma^Julius_Fridriksson_Prisma",
    "SoftwareVersions": "syngo MR E11",
    "MRAcquisitionType": "2D",
    "SeriesDescription": "Rest_fMRI_AP",
    "ProtocolName": "Rest_fMRI_AP",
    "ScanningSequence": "EP",
    "SequenceVariant": "SK\\SS",
    "ScanOptions": "FS",
    "SequenceName": "epfid2d1_90",
    "ImageType": [
        "ORIGINAL",
        "PRIMARY",
        "M",
        "MB",
        "ND",
        "MOSAIC"
    ],
    "NonlinearGradientCorrection": false,
    "ImageComments": "Unaliased MB2/PE4",
    "SliceThickness": 2,
    "SpacingBetweenSlices": 2.4,
    "EchoTime": 0.035,
    "RepetitionTime": 1.65,
    "FlipAngle": 72,
    "PartialFourier": 1,
    "BaseResolution": 90,
    "ShimSetting": [
        6795,
        -6585,
        2445,
        207,
        7,
        -153,
        91,
        110
    ],
    "TxRefAmp": 263.242,
    "PhaseResolution": 1,
    "ReceiveCoilName": "HeadNeck_20",
    "ReceiveCoilActiveElements": "HE1-4",
    "PulseSequenceDetails": "%CustomerSeq%\\cmrr_mbep2d_bold",
    "WipMemBlock": "49ae5935-c31b-425c-9f50-433999e2c878||Sequence: R016 ve11c/master r/e634e98; Dec 19 2017 11:00:25 by eja",
    "RefLinesPE": 44,
    "CoilCombinationMethod": "Sum of Squares",
    "ConsistencyInfo": "N4_VE11C_LATEST_20160120",
    "MatrixCoilMode": "GRAPPA",
    "MultibandAccelerationFactor": 2,
    "PercentPhaseFOV": 100,
    "PercentSampling": 100,
    "EchoTrainLength": 45,
    "PhaseEncodingSteps": 90,
    "AcquisitionMatrixPE": 90,
    "ReconMatrixPE": 90,
    "BandwidthPerPixelPhaseEncode": 41.929,
    "ParallelReductionFactorInPlane": 2,
    "EffectiveEchoSpacing": 0.000264998,
    "DerivedVendorReportedEchoSpacing": 0.000529996,
    "TotalReadoutTime": 0.0235848,
    "PixelBandwidth": 2220,
    "DwellTime": 2.5e-06,
    "PhaseEncodingDirection": "j-",
    "SliceTiming": [
        0,
        0.8475,
        0.0675,
        0.915,
        0.1325,
        0.98,
        0.1975,
        1.045,
        0.2625,
        1.11,
        0.3275,
        1.175,
        0.3925,
        1.24,
        0.4575,
        1.305,
        0.5225,
        1.37,
        0.5875,
        1.435,
        0.6525,
        1.5,
        0.7175,
        1.565,
        0.7825,
        0,
        0.8475,
        0.0675,
        0.915,
        0.1325,
        0.98,
        0.1975,
        1.045,
        0.2625,
        1.11,
        0.3275,
        1.175,
        0.3925,
        1.24,
        0.4575,
        1.305,
        0.5225,
        1.37,
        0.5875,
        1.435,
        0.6525,
        1.5,
        0.7175,
        1.565,
        0.7825
    ],
    "ImageOrientationPatientDICOM": [
        1,
        0,
        0,
        0,
        0.939693,
        -0.34202
    ],
    "ImageOrientationText": "Tra>Cor(-20.0)",
    "InPlanePhaseEncodingDirectionDICOM": "COL",
    "BidsGuess": [
        "func",
        "_acq-epfid2p2m2_dir-AP_run-9_bold"
    ],
    "ConversionSoftware": "dcm2niix",
    "ConversionSoftwareVersion": "v1.0.20231010"
}