{
    "Modality": "MR",
    "MagneticFieldStrength": 3,
    "ImagingFrequency": 123.247712,
    "Manufacturer": "Siemens",
    "ManufacturersModelName": "TrioTim",
    "PatientPosition": "HFS",
    "ProcedureStepDescription": "Research^Julius Fridriksson",
    "SoftwareVersions": "syngo MR B17",
    "MRAcquisitionType": "3D",
    "SeriesDescription": "T2_FLAIR_1mm3D_160sl",
    "ProtocolName": "T2_FLAIR_1mm3D_160sl",
    "ScanningSequence": "SE\\IR",
    "SequenceVariant": "SK\\SP\\MP",
    "ScanOptions": "IR\\PFP",
    "SequenceName": "*spcir3d1_282ns",
    "ImageType": [
        "ORIGINAL",
        "PRIMARY",
        "M",
        "ND",
        "NORM"
    ],
    "NonlinearGradientCorrection": false,
    "SliceThickness": 1,
    "EchoTime": 0.388,
    "RepetitionTime": 6,
    "SpoilingState": true,
    "InversionTime": 2.1,
    "FlipAngle": 120,
    "VariableFlipAngleFlag": true,
    "PartialFourier": 1,
    "BaseResolution": 256,
    "ShimSetting": [
        10717,
        -10633,
        3030,
        428,
        40,
        -416,
        44,
        23
    ],
    "TxRefAmp": 321.153,
    "PhaseResolution": 1.00781,
    "ReceiveCoilName": "HeadMatrix",
    "CoilString": "T:HEA;HEP",
    "PulseSequenceDetails": "%SiemensSeq%\\tse_vfl",
    "RefLinesPE": 24,
    "CoilCombinationMethod": "Adaptive Combine",
    "MatrixCoilMode": "GRAPPA",
    "PercentPhaseFOV": 100,
    "PercentSampling": 100.781,
    "EchoTrainLength": 141,
    "PhaseEncodingSteps": 234,
    "AcquisitionMatrixPE": 258,
    "ReconMatrixPE": 256,
    "ParallelReductionFactorInPlane": 2,
    "PixelBandwidth": 781,
    "DwellTime": 2.5e-06,
    "PhaseEncodingDirection": "i",
    "ImageOrientationPatientDICOM": [
        -0.1169,
        0.993144,
        3.66568e-08,
        -0.0777083,
        -0.00914675,
        -0.996934
    ],
    "ImageOrientationText": "Sag>Cor(-6.7)>Tra(4.5)",
    "InPlanePhaseEncodingDirectionDICOM": "ROW",
    "BidsGuess": [
        "anat",
        "_acq-spcir3p2_run-8_FLAIR"
    ],
    "ConversionSoftware": "dcm2niix",
    "ConversionSoftwareVersion": "v1.0.20231010"
}