{
    "Modality": "MR",
    "MagneticFieldStrength": 3,
    "ImagingFrequency": 123.255764,
    "Manufacturer": "Siemens",
    "ManufacturersModelName": "Prisma_fit",
    "BodyPartExamined": "BRAIN",
    "PatientPosition": "HFS",
    "ProcedureStepDescription": "Research^Julius_Fridriksson_Prisma",
    "SoftwareVersions": "syngo MR D13D",
    "MRAcquisitionType": "2D",
    "SeriesDescription": "fMRINaming40",
    "ProtocolName": "fMRINaming40",
    "ScanningSequence": "EP",
    "SequenceVariant": "SK",
    "ScanOptions": "FS",
    "SequenceName": "*epfid2d1_64",
    "ImageType": [
        "ORIGINAL",
        "PRIMARY",
        "M",
        "ND",
        "MOSAIC"
    ],
    "NonlinearGradientCorrection": false,
    "SliceThickness": 3.2,
    "SpacingBetweenSlices": 3.2,
    "EchoTime": 0.03,
    "RepetitionTime": 10,
    "FlipAngle": 90,
    "PartialFourier": 1,
    "BaseResolution": 64,
    "ShimSetting": [
        6816,
        -6613,
        2462,
        99,
        -56,
        -233,
        390,
        75
    ],
    "DelayTime": 8,
    "TxRefAmp": 321.501,
    "PhaseResolution": 1,
    "ReceiveCoilName": "HeadNeck_20",
    "ReceiveCoilActiveElements": "HE1-4",
    "PulseSequenceDetails": "%SiemensSeq%\\ep2d_bold",
    "CoilCombinationMethod": "Adaptive Combine",
    "ConsistencyInfo": "N4_VD13D_LATEST_20130810",
    "MatrixCoilMode": "SENSE",
    "PercentPhaseFOV": 100,
    "PercentSampling": 100,
    "EchoTrainLength": 64,
    "PhaseEncodingSteps": 64,
    "AcquisitionMatrixPE": 64,
    "ReconMatrixPE": 64,
    "BandwidthPerPixelPhaseEncode": 31.888,
    "EffectiveEchoSpacing": 0.000489996,
    "DerivedVendorReportedEchoSpacing": 0.000489996,
    "TotalReadoutTime": 0.0308698,
    "PixelBandwidth": 2365,
    "DwellTime": 3.3e-06,
    "PhaseEncodingDirection": "j-",
    "SliceTiming": [
        0,
        0.06,
        0.12,
        0.18,
        0.24,
        0.3,
        0.36,
        0.42,
        0.48,
        0.54,
        0.6,
        0.66,
        0.7175,
        0.7775,
        0.8375,
        0.8975,
        0.9575,
        1.0175,
        1.0775,
        1.1375,
        1.1975,
        1.2575,
        1.3175,
        1.3775,
        1.4375,
        1.4975,
        1.5575,
        1.6175,
        1.6775,
        1.7375,
        1.7975,
        1.8575,
        1.9175
    ],
    "ImageOrientationPatientDICOM": [
        0.999507,
        0.0051302,
        0.030989,
        -7.85641e-09,
        0.986572,
        -0.163326
    ],
    "ImageOrientationText": "Tra>Cor(-9.4)>Sag(1.8)",
    "InPlanePhaseEncodingDirectionDICOM": "COL",
    "BidsGuess": [
        "func",
        "_acq-epfid2_dir-AP_run-2_bold"
    ],
    "ConversionSoftware": "dcm2niix",
    "ConversionSoftwareVersion": "v1.0.20231010"
}