{
    "Modality": "MR",
    "MagneticFieldStrength": 3,
    "ImagingFrequency": 123.256129,
    "Manufacturer": "Siemens",
    "ManufacturersModelName": "Prisma_fit",
    "BodyPartExamined": "BRAIN",
    "PatientPosition": "HFS",
    "ProcedureStepDescription": "Research^Julius_Fridriksson_Prisma",
    "SoftwareVersions": "syngo MR D13D",
    "MRAcquisitionType": "2D",
    "SeriesDescription": "DKI_TE82_20ch_B0",
    "ProtocolName": "DKI_TE82_20ch_B0",
    "ScanningSequence": "EP",
    "SequenceVariant": "SK\\SP",
    "ScanOptions": "FS",
    "SequenceName": "*ep_b0",
    "ImageType": [
        "ORIGINAL",
        "PRIMARY",
        "DIFFUSION",
        "NONE",
        "ND"
    ],
    "NonlinearGradientCorrection": false,
    "SliceThickness": 2.7,
    "SpacingBetweenSlices": 2.7,
    "EchoTime": 0.082,
    "RepetitionTime": 5.6,
    "SpoilingState": true,
    "FlipAngle": 90,
    "PartialFourier": 1,
    "BaseResolution": 82,
    "ShimSetting": [
        6796,
        -6645,
        2562,
        336,
        -27,
        -119,
        124,
        90
    ],
    "DiffusionScheme": "Bipolar",
    "TxRefAmp": 274.532,
    "PhaseResolution": 1,
    "ReceiveCoilName": "HeadNeck_20",
    "ReceiveCoilActiveElements": "HE1-4",
    "PulseSequenceDetails": "%SiemensSeq%\\ep2d_diff",
    "RefLinesPE": 24,
    "CoilCombinationMethod": "Adaptive Combine",
    "ConsistencyInfo": "N4_VD13D_LATEST_20130810",
    "MatrixCoilMode": "GRAPPA",
    "PercentPhaseFOV": 100,
    "PercentSampling": 100,
    "EchoTrainLength": 41,
    "PhaseEncodingSteps": 82,
    "AcquisitionMatrixPE": 82,
    "ReconMatrixPE": 82,
    "BandwidthPerPixelPhaseEncode": 26.226,
    "ParallelReductionFactorInPlane": 2,
    "EffectiveEchoSpacing": 0.000465001,
    "DerivedVendorReportedEchoSpacing": 0.000930002,
    "TotalReadoutTime": 0.0376651,
    "PixelBandwidth": 1355,
    "DwellTime": 4.5e-06,
    "PhaseEncodingDirection": "j-",
    "SliceTiming": [
        0,
        2.84375,
        0.125,
        2.96875,
        0.25,
        3.09375,
        0.375,
        3.21875,
        0.5,
        3.34375,
        0.60938,
        3.46875,
        0.73438,
        3.59375,
        0.85938,
        3.71875,
        0.98438,
        3.84375,
        1.10938,
        3.96875,
        1.23438,
        4.09375,
        1.35938,
        4.20312,
        1.48438,
        4.32812,
        1.60938,
        4.45312,
        1.73438,
        4.57812,
        1.85938,
        4.70312,
        1.98438,
        4.82812,
        2.10938,
        4.95312,
        2.23438,
        5.07812,
        2.34375,
        5.20312,
        2.46875,
        5.32812,
        2.59375,
        5.45312,
        2.71875
    ],
    "ImageOrientationPatientDICOM": [
        0.981959,
        -0.189095,
        0,
        0.189095,
        0.981959,
        0
    ],
    "ImageOrientationText": "Tra",
    "InPlanePhaseEncodingDirectionDICOM": "COL",
    "BidsGuess": [
        "dwi",
        "_acq-epb0p2_dir-AP_run-9_dwi"
    ],
    "ConversionSoftware": "dcm2niix",
    "ConversionSoftwareVersion": "v1.0.20231010"
}