{
    "Modality": "MR",
    "MagneticFieldStrength": 3,
    "ImagingFrequency": 123.256127,
    "Manufacturer": "Siemens",
    "ManufacturersModelName": "Prisma_fit",
    "BodyPartExamined": "BRAIN",
    "PatientPosition": "HFS",
    "ProcedureStepDescription": "Research^Julius_Fridriksson_Prisma",
    "SoftwareVersions": "syngo MR D13D",
    "MRAcquisitionType": "2D",
    "SeriesDescription": "DKI_TE82_20ch_2",
    "ProtocolName": "DKI_TE82_20ch_2",
    "ScanningSequence": "EP",
    "SequenceVariant": "SK\\SP",
    "ScanOptions": "FS",
    "SequenceName": "*ep_b0",
    "ImageType": [
        "ORIGINAL",
        "PRIMARY",
        "DIFFUSION",
        "NONE",
        "ND",
        "MOSAIC"
    ],
    "NonlinearGradientCorrection": false,
    "SliceThickness": 2.7,
    "SpacingBetweenSlices": 2.7,
    "EchoTime": 0.082,
    "RepetitionTime": 5.6,
    "SpoilingState": true,
    "FlipAngle": 90,
    "PartialFourier": 1,
    "BaseResolution": 82,
    "ShimSetting": [
        6796,
        -6645,
        2562,
        336,
        -27,
        -119,
        124,
        90
    ],
    "DiffusionScheme": "Bipolar",
    "TxRefAmp": 274.532,
    "PhaseResolution": 1,
    "ReceiveCoilName": "HeadNeck_20",
    "ReceiveCoilActiveElements": "HE1-4",
    "PulseSequenceDetails": "%SiemensSeq%\\ep2d_diff",
    "RefLinesPE": 24,
    "CoilCombinationMethod": "Adaptive Combine",
    "ConsistencyInfo": "N4_VD13D_LATEST_20130810",
    "MatrixCoilMode": "GRAPPA",
    "PercentPhaseFOV": 100,
    "PercentSampling": 100,
    "EchoTrainLength": 41,
    "PhaseEncodingSteps": 82,
    "AcquisitionMatrixPE": 82,
    "ReconMatrixPE": 82,
    "BandwidthPerPixelPhaseEncode": 26.226,
    "ParallelReductionFactorInPlane": 2,
    "EffectiveEchoSpacing": 0.000465001,
    "DerivedVendorReportedEchoSpacing": 0.000930002,
    "TotalReadoutTime": 0.0376651,
    "PixelBandwidth": 1355,
    "DwellTime": 4.5e-06,
    "PhaseEncodingDirection": "j-",
    "SliceTiming": [
        0,
        2.8525,
        0.125,
        2.9775,
        0.2475,
        3.1,
        0.3725,
        3.225,
        0.4975,
        3.3475,
        0.62,
        3.4725,
        0.745,
        3.5975,
        0.8675,
        3.72,
        0.9925,
        3.845,
        1.1175,
        3.9675,
        1.24,
        4.0925,
        1.365,
        4.2175,
        1.4875,
        4.34,
        1.6125,
        4.465,
        1.7375,
        4.5875,
        1.86,
        4.7125,
        1.985,
        4.8375,
        2.1075,
        4.96,
        2.2325,
        5.085,
        2.3575,
        5.2075,
        2.48,
        5.3325,
        2.605,
        5.4575,
        2.7275
    ],
    "ImageOrientationPatientDICOM": [
        0.981959,
        -0.189095,
        0,
        0.189095,
        0.981959,
        0
    ],
    "ImageOrientationText": "Tra",
    "InPlanePhaseEncodingDirectionDICOM": "COL",
    "BidsGuess": [
        "dwi",
        "_acq-epb0p2_dir-AP_run-7_dwi"
    ],
    "ConversionSoftware": "dcm2niix",
    "ConversionSoftwareVersion": "v1.0.20231010"
}