{
    "Modality": "MR",
    "MagneticFieldStrength": 3,
    "ImagingFrequency": 123.247538,
    "Manufacturer": "Siemens",
    "ManufacturersModelName": "TrioTim",
    "PatientPosition": "HFS",
    "ProcedureStepDescription": "Research^Julius Fridriksson",
    "SoftwareVersions": "syngo MR B17",
    "MRAcquisitionType": "3D",
    "SeriesDescription": "T2 3D TSE SAG 160sl",
    "ProtocolName": "T2 3D TSE SAG 160sl",
    "ScanningSequence": "SE",
    "SequenceVariant": "SK\\SP",
    "ScanOptions": "PFP",
    "SequenceName": "*spc3d1_129ns",
    "ImageType": [
        "ORIGINAL",
        "PRIMARY",
        "M",
        "ND",
        "NORM"
    ],
    "NonlinearGradientCorrection": false,
    "SliceThickness": 1,
    "EchoTime": 0.212,
    "RepetitionTime": 3.2,
    "SpoilingState": true,
    "FlipAngle": 120,
    "VariableFlipAngleFlag": true,
    "PartialFourier": 1,
    "BaseResolution": 256,
    "ShimSetting": [
        10674,
        -10763,
        3027,
        418,
        -225,
        -810,
        176,
        -562
    ],
    "TxRefAmp": 327.285,
    "PhaseResolution": 1.00781,
    "ReceiveCoilName": "HeadMatrix",
    "CoilString": "C:HEA;HEP",
    "PulseSequenceDetails": "%SiemensSeq%\\tse_vfl",
    "CoilCombinationMethod": "Adaptive Combine",
    "MatrixCoilMode": "SENSE",
    "PercentPhaseFOV": 100,
    "PercentSampling": 100.781,
    "EchoTrainLength": 129,
    "PhaseEncodingSteps": 250,
    "AcquisitionMatrixPE": 258,
    "ReconMatrixPE": 256,
    "PixelBandwidth": 673,
    "DwellTime": 2.9e-06,
    "PhaseEncodingDirection": "i",
    "ImageOrientationPatientDICOM": [
        -0.0332244,
        0.999448,
        5.79814e-08,
        0.0644612,
        0.00214293,
        -0.997918
    ],
    "ImageOrientationText": "Sag>Tra(-3.7)>Cor(-1.9)",
    "InPlanePhaseEncodingDirectionDICOM": "ROW",
    "BidsGuess": [
        "anat",
        "_acq-spc3_run-3_T2w"
    ],
    "ConversionSoftware": "dcm2niix",
    "ConversionSoftwareVersion": "v1.0.20231010"
}