{
    "Modality": "MR",
    "MagneticFieldStrength": 3,
    "ImagingFrequency": 123.247291,
    "Manufacturer": "Siemens",
    "ManufacturersModelName": "TrioTim",
    "PatientPosition": "HFS",
    "ProcedureStepDescription": "Research^Julius Fridriksson",
    "SoftwareVersions": "syngo MR B17",
    "MRAcquisitionType": "2D",
    "SeriesDescription": "cmrr_mbep2d_diff_2.3_MB1_P2_PA",
    "ProtocolName": "cmrr_mbep2d_diff_2.3_MB1_P2_PA",
    "ScanningSequence": "EP",
    "SequenceVariant": "SK\\SS",
    "SequenceName": "ep_b0",
    "ImageType": [
        "ORIGINAL",
        "PRIMARY",
        "DIFFUSION",
        "NONE",
        "ND",
        "MOSAIC"
    ],
    "NonlinearGradientCorrection": false,
    "SliceThickness": 2.3,
    "SpacingBetweenSlices": 2.3,
    "EchoTime": 0.07946,
    "RepetitionTime": 4.9995,
    "FlipAngle": 90,
    "PartialFourier": 1,
    "BaseResolution": 90,
    "ShimSetting": [
        10706,
        -10658,
        3092,
        527,
        6,
        -21,
        63,
        235
    ],
    "DiffusionScheme": "Monopolar",
    "TxRefAmp": 343.913,
    "PhaseResolution": 1,
    "ReceiveCoilName": "HeadMatrix",
    "CoilString": "t:HEA;HEP",
    "PulseSequenceDetails": "%CustomerSeq%\\cmrr_mbep2d_diff",
    "RefLinesPE": 44,
    "CoilCombinationMethod": "Sum of Squares",
    "MatrixCoilMode": "GRAPPA",
    "PercentPhaseFOV": 100,
    "PercentSampling": 100,
    "PhaseEncodingSteps": 90,
    "AcquisitionMatrixPE": 90,
    "ReconMatrixPE": 90,
    "BandwidthPerPixelPhaseEncode": 28.86,
    "ParallelReductionFactorInPlane": 2,
    "EffectiveEchoSpacing": 0.000385,
    "DerivedVendorReportedEchoSpacing": 0.000770001,
    "TotalReadoutTime": 0.034265,
    "PixelBandwidth": 1462,
    "DwellTime": 3.8e-06,
    "PhaseEncodingDirection": "j",
    "SliceTiming": [
        2.5075,
        0,
        2.6075,
        0.1,
        2.71,
        0.2,
        2.81,
        0.3,
        2.91,
        0.4,
        3.01,
        0.5,
        3.11,
        0.6,
        3.21,
        0.7025,
        3.3125,
        0.8025,
        3.4125,
        0.9025,
        3.5125,
        1.0025,
        3.6125,
        1.1025,
        3.7125,
        1.2025,
        3.8125,
        1.305,
        3.9125,
        1.405,
        4.015,
        1.505,
        4.115,
        1.605,
        4.215,
        1.705,
        4.315,
        1.805,
        4.415,
        1.905,
        4.515,
        2.0075,
        4.6175,
        2.1075,
        4.7175,
        2.2075,
        4.8175,
        2.3075,
        4.9175,
        2.4075
    ],
    "ImageOrientationPatientDICOM": [
        0.999467,
        -0.0312176,
        -0.00954529,
        0.0279177,
        0.968943,
        -0.245705
    ],
    "ImageOrientationText": "Tra>Cor(-14.2)>Sag(-1.0)",
    "InPlanePhaseEncodingDirectionDICOM": "COL",
    "BidsGuess": [
        "dwi",
        "_acq-epb0p2_dir-PA_run-13_dwi"
    ],
    "ConversionSoftware": "dcm2niix",
    "ConversionSoftwareVersion": "v1.0.20231010"
}