{
    "Modality": "MR",
    "MagneticFieldStrength": 3,
    "ImagingFrequency": 123.24728,
    "Manufacturer": "Siemens",
    "ManufacturersModelName": "TrioTim",
    "PatientPosition": "HFS",
    "ProcedureStepDescription": "Research^Julius Fridriksson",
    "SoftwareVersions": "syngo MR B17",
    "MRAcquisitionType": "2D",
    "SeriesDescription": "cmrr_mbep2d_diff_2.3_MB1_P2_PA",
    "ProtocolName": "cmrr_mbep2d_diff_2.3_MB1_P2_PA",
    "ScanningSequence": "EP",
    "SequenceVariant": "SK\\SS",
    "SequenceName": "ep_b0",
    "ImageType": [
        "ORIGINAL",
        "PRIMARY",
        "DIFFUSION",
        "NONE",
        "ND",
        "MOSAIC"
    ],
    "NonlinearGradientCorrection": false,
    "SliceThickness": 2.3,
    "SpacingBetweenSlices": 2.3,
    "EchoTime": 0.07946,
    "RepetitionTime": 4.9995,
    "FlipAngle": 90,
    "PartialFourier": 1,
    "BaseResolution": 90,
    "ShimSetting": [
        10741,
        -10665,
        3094,
        701,
        -179,
        -493,
        -207,
        57
    ],
    "DiffusionScheme": "Monopolar",
    "TxRefAmp": 387.799,
    "PhaseResolution": 1,
    "ReceiveCoilName": "HeadMatrix",
    "CoilString": "t:HEA;HEP",
    "PulseSequenceDetails": "%CustomerSeq%\\cmrr_mbep2d_diff",
    "RefLinesPE": 44,
    "CoilCombinationMethod": "Sum of Squares",
    "MatrixCoilMode": "GRAPPA",
    "PercentPhaseFOV": 100,
    "PercentSampling": 100,
    "PhaseEncodingSteps": 90,
    "AcquisitionMatrixPE": 90,
    "ReconMatrixPE": 90,
    "BandwidthPerPixelPhaseEncode": 28.86,
    "ParallelReductionFactorInPlane": 2,
    "EffectiveEchoSpacing": 0.000385,
    "DerivedVendorReportedEchoSpacing": 0.000770001,
    "TotalReadoutTime": 0.034265,
    "PixelBandwidth": 1462,
    "DwellTime": 3.8e-06,
    "PhaseEncodingDirection": "j",
    "SliceTiming": [
        2.51,
        0,
        2.61,
        0.1,
        2.71,
        0.2025,
        2.8125,
        0.3025,
        2.9125,
        0.4025,
        3.0125,
        0.5025,
        3.1125,
        0.6025,
        3.2125,
        0.7025,
        3.3125,
        0.805,
        3.415,
        0.905,
        3.515,
        1.005,
        3.615,
        1.105,
        3.715,
        1.205,
        3.815,
        1.305,
        3.915,
        1.405,
        4.015,
        1.5075,
        4.1175,
        1.6075,
        4.2175,
        1.7075,
        4.3175,
        1.8075,
        4.4175,
        1.9075,
        4.5175,
        2.0075,
        4.6175,
        2.11,
        4.7175,
        2.21,
        4.82,
        2.31,
        4.92,
        2.41
    ],
    "ImageOrientationPatientDICOM": [
        0.993121,
        0.116991,
        -0.00493669,
        -0.116665,
        0.984977,
        -0.127319
    ],
    "ImageOrientationText": "Tra>Cor(-7.3)>Sag(0.6)",
    "InPlanePhaseEncodingDirectionDICOM": "COL",
    "BidsGuess": [
        "dwi",
        "_acq-epb0p2_dir-PA_run-14_dwi"
    ],
    "ConversionSoftware": "dcm2niix",
    "ConversionSoftwareVersion": "v1.0.20231010"
}