{
    "Modality": "MR",
    "MagneticFieldStrength": 3,
    "ImagingFrequency": 123.248008,
    "Manufacturer": "Siemens",
    "ManufacturersModelName": "TrioTim",
    "PatientPosition": "HFS",
    "ProcedureStepDescription": "Research^Julius Fridriksson",
    "SoftwareVersions": "syngo MR B17",
    "MRAcquisitionType": "2D",
    "SeriesDescription": "DTI_64dirs_ep2d_2x2x2_p2",
    "ProtocolName": "DTI_64dirs_ep2d_2x2x2_p2",
    "ScanningSequence": "EP",
    "SequenceVariant": "SK\\SP",
    "ScanOptions": "PFP\\FS",
    "SequenceName": "*ep_b0",
    "ImageType": [
        "ORIGINAL",
        "PRIMARY",
        "DIFFUSION",
        "NONE",
        "ND",
        "MOSAIC"
    ],
    "NonlinearGradientCorrection": false,
    "SliceThickness": 2,
    "SpacingBetweenSlices": 2,
    "EchoTime": 0.087,
    "RepetitionTime": 7.3,
    "SpoilingState": true,
    "FlipAngle": 90,
    "PartialFourier": 0.75,
    "BaseResolution": 96,
    "ShimSetting": [
        10777,
        -10635,
        3177,
        703,
        -39,
        -448,
        36,
        194
    ],
    "DiffusionScheme": "Monopolar",
    "TxRefAmp": 525.419,
    "PhaseResolution": 1,
    "ReceiveCoilName": "HeadMatrix",
    "CoilString": "T:HEA;HEP",
    "PulseSequenceDetails": "%SiemensSeq%\\ep2d_diff",
    "RefLinesPE": 28,
    "CoilCombinationMethod": "Adaptive Combine",
    "MatrixCoilMode": "GRAPPA",
    "PercentPhaseFOV": 100,
    "PercentSampling": 100,
    "PhaseEncodingSteps": 76,
    "AcquisitionMatrixPE": 96,
    "ReconMatrixPE": 96,
    "BandwidthPerPixelPhaseEncode": 27.412,
    "ParallelReductionFactorInPlane": 2,
    "EffectiveEchoSpacing": 0.000380004,
    "DerivedVendorReportedEchoSpacing": 0.000760008,
    "TotalReadoutTime": 0.0361004,
    "PixelBandwidth": 1488,
    "DwellTime": 3.5e-06,
    "PhaseEncodingDirection": "j-",
    "SliceTiming": [
        3.665,
        0,
        3.805,
        0.1425,
        3.9475,
        0.2825,
        4.0875,
        0.4225,
        4.2275,
        0.565,
        4.37,
        0.705,
        4.51,
        0.845,
        4.6525,
        0.9875,
        4.7925,
        1.1275,
        4.9325,
        1.27,
        5.075,
        1.41,
        5.215,
        1.55,
        5.355,
        1.6925,
        5.4975,
        1.8325,
        5.6375,
        1.9725,
        5.78,
        2.115,
        5.92,
        2.255,
        6.06,
        2.3975,
        6.2025,
        2.5375,
        6.3425,
        2.6775,
        6.4825,
        2.82,
        6.625,
        2.96,
        6.765,
        3.1,
        6.9075,
        3.2425,
        7.0475,
        3.3825,
        7.1875,
        3.525
    ],
    "ImageOrientationPatientDICOM": [
        1,
        -0.000120142,
        -0.0004057,
        -1.49697e-08,
        0.95883,
        -0.283981
    ],
    "ImageOrientationText": "Tra>Cor(-16.5)>Sag(-0.0)",
    "InPlanePhaseEncodingDirectionDICOM": "COL",
    "BidsGuess": [
        "dwi",
        "_acq-epb0p2_dir-AP_run-8_dwi"
    ],
    "ConversionSoftware": "dcm2niix",
    "ConversionSoftwareVersion": "v1.0.20231010"
}